{
  "aor": 0.0007199444444444445,
  "aqi": 0.005398955833333333,
  "bids_meta": {
    "AccelFactPE": 2,
    "AcquisitionNumber": 1,
    "AcquisitionTime": "16:15:26.377500",
    "BandwidthPerPixelPhaseEncode": 65.104,
    "BodyPartExamined": "HEAD",
    "ConversionSoftware": "dcm2niix",
    "ConversionSoftwareVersion": "v1.0.20170724 GCC4.8.5",
    "DeviceSerialNumber": "35353",
    "EchoTime": 0.027,
    "EffectiveEchoSpacing": 0.000240001,
    "FlipAngle": 90,
    "ImageType": [
      "ORIGINAL",
      "PRIMARY",
      "M",
      "ND",
      "MOSAIC"
    ],
    "InstitutionAddress": "De_Pintelaan_185_Gent_ACCD6F_District_BE_9000",
    "InstitutionName": "UZ_Gent",
    "MagneticFieldStrength": 3,
    "Manufacturer": "Siemens",
    "ManufacturersModelName": "TrioTim",
    "Modality": "MR",
    "PhaseEncodingDirection": "j-",
    "PhaseEncodingLines": 64,
    "ProcedureStepDescription": "MR_hersenen_(stereotaxie_neuronavigatie)",
    "ProtocolName": "fMRI_Resting_State",
    "RepetitionTime": 2.4,
    "ScanningSequence": "EP",
    "SequenceName": "_epfid2d1_64",
    "SequenceVariant": "SK",
    "SeriesDescription": "fMRI_Resting_State",
    "SliceTiming": [
      2.33,
      2.275,
      2.2175,
      2.16,
      2.1025,
      2.0475,
      1.99,
      1.9325,
      1.875,
      1.82,
      1.7625,
      1.705,
      1.6475,
      1.5925,
      1.535,
      1.4775,
      1.42,
      1.365,
      1.3075,
      1.25,
      1.1925,
      1.1375,
      1.08,
      1.0225,
      0.965,
      0.91,
      0.8525,
      0.795,
      0.7375,
      0.6825,
      0.625,
      0.5675,
      0.51,
      0.455,
      0.3975,
      0.34,
      0.2825,
      0.2275,
      0.17,
      0.1125,
      0.055,
      0
    ],
    "SoftwareVersions": "syngo_MR_B17",
    "TaskName": "rest",
    "TotalReadoutTime": 0.01464,
    "TrueEchoSpacing": 0.000480001,
    "dataset": "ds001226",
    "modality": "bold",
    "session_id": "preop",
    "subject_id": "PAT28",
    "task_id": "rest"
  },
  "dummy_trs": 0,
  "dvars_nstd": 31.442214688547484,
  "dvars_std": 1.0421958726815637,
  "dvars_vstd": 0.981285239608939,
  "efc": 0.5935962557495563,
  "fber": 314.9564208984375,
  "fd_mean": 0.14670811448991386,
  "fd_num": 25,
  "fd_perc": 13.88888888888889,
  "fwhm_avg": 2.511811111111111,
  "fwhm_x": 2.3054866666666665,
  "fwhm_y": 2.6020333333333334,
  "fwhm_z": 2.6279133333333333,
  "gcor": 0.00831416,
  "gsr_x": 0.01830623671412468,
  "gsr_y": 0.07947937399148941,
  "provenance": {
    "md5sum": "c2d4da40bac30ef385abdd9dfa7dd1df",
    "settings": {
      "fd_thres": 0.2,
      "testing": false
    },
    "software": "mriqc",
    "version": "0.16.1",
    "webapi_port": null,
    "webapi_url": "https://mriqc.nimh.nih.gov/api/v1"
  },
  "size_t": 180,
  "size_x": 64,
  "size_y": 64,
  "size_z": 42,
  "snr": 3.1851517659863746,
  "spacing_tr": 2.4000000953674316,
  "spacing_x": 3.0,
  "spacing_y": 3.0,
  "spacing_z": 3.0,
  "summary_bg_k": 40.48151165318423,
  "summary_bg_mad": 15.056649448187052,
  "summary_bg_mean": 57.92837905883789,
  "summary_bg_median": 29.69444465637207,
  "summary_bg_n": 95326.0,
  "summary_bg_p05": 17.438888549804688,
  "summary_bg_p95": 198.97361755371094,
  "summary_bg_stdv": 85.8753662109375,
  "summary_fg_k": 1.0656728742660286,
  "summary_fg_mad": 152.485692467816,
  "summary_fg_mean": 558.9360961914062,
  "summary_fg_median": 532.0610961914062,
  "summary_fg_n": 38541.0,
  "summary_fg_p05": 333.90557861328125,
  "summary_fg_p95": 875.5778198242188,
  "summary_fg_stdv": 167.04202270507812,
  "tsnr": 44.14633375243284
}