{
  "bids_meta": {
    "AccelFactPE": 2,
    "AcquisitionNumber": 1,
    "AcquisitionTime": "13:49:16.185000",
    "BodyPartExamined": "HEAD",
    "ConversionSoftware": "dcm2niix",
    "ConversionSoftwareVersion": "v1.0.20170724 GCC4.8.5",
    "DeviceSerialNumber": "35353",
    "EchoTime": 0.00418,
    "FlipAngle": 9,
    "ImageType": [
      "ORIGINAL",
      "PRIMARY",
      "M",
      "ND",
      "NORM"
    ],
    "InstitutionAddress": "De_Pintelaan_185_Gent_88C96F_District_BE_9000",
    "InstitutionName": "UZ",
    "InversionTime": 0.9,
    "MagneticFieldStrength": 3,
    "Manufacturer": "Siemens",
    "ManufacturersModelName": "TrioTim",
    "Modality": "MR",
    "PhaseEncodingDirection": "i-",
    "PhaseEncodingLines": 256,
    "ProcedureStepDescription": "MR_hersenen_(structuur_alleen)",
    "ProtocolName": "T1_mprage",
    "RepetitionTime": 1.75,
    "ScanningSequence": "GR_IR",
    "SequenceName": "_tfl3d1_ns",
    "SequenceVariant": "SP_MP",
    "SeriesDescription": "T1_mprage",
    "SoftwareVersions": "syngo_MR_B17",
    "dataset": "ds001226",
    "modality": "T1w",
    "session_id": "preop",
    "subject_id": "CON04"
  },
  "cjv": 0.392655252163974,
  "cnr": 3.3411973919426883,
  "efc": 0.5705116256716899,
  "fber": 7182.05196690376,
  "fwhm_avg": 3.4827443562158535,
  "fwhm_x": 3.677383068647561,
  "fwhm_y": 3.49686,
  "fwhm_z": 3.27399,
  "icvs_csf": 0.2313455938311291,
  "icvs_gm": 0.39988652817732684,
  "icvs_wm": 0.36876787799154404,
  "inu_med": 1.287550449371338,
  "inu_range": 0.3153341650962831,
  "provenance": {
    "md5sum": "194f2dc283421174feae79ab141062f5",
    "settings": {
      "testing": false
    },
    "software": "mriqc",
    "version": "0.16.1",
    "warnings": {
      "large_rot_frame": true,
      "small_air_mask": false
    },
    "webapi_port": null,
    "webapi_url": "https://mriqc.nimh.nih.gov/api/v1"
  },
  "qi_1": 0.0,
  "qi_2": 0.030856049615442672,
  "rpve_csf": 24.485621374210815,
  "rpve_gm": 13.837546014238015,
  "rpve_wm": 17.550944947974774,
  "size_x": 160,
  "size_y": 256,
  "size_z": 256,
  "snr_csf": 4.42766117868815,
  "snr_gm": 13.001240858011796,
  "snr_total": 14.333997375894329,
  "snr_wm": 25.57309009098304,
  "snrd_csf": 42.138579970837704,
  "snrd_gm": 89.1378704297834,
  "snrd_total": 82.67821866756613,
  "snrd_wm": 116.75820560207728,
  "spacing_x": 0.9999991655349731,
  "spacing_y": 1.0,
  "spacing_z": 1.0,
  "summary_bg_k": 4.313531335260055,
  "summary_bg_mad": 5.61105224818064,
  "summary_bg_mean": 6.445253182638503,
  "summary_bg_median": 3.7845972292125225,
  "summary_bg_n": 2452141.0,
  "summary_bg_p05": 0.0,
  "summary_bg_p95": 18.87738858908415,
  "summary_bg_stdv": 5.989053772913536,
  "summary_csf_k": 2.9348407170450326,
  "summary_csf_mad": 61.11314737777468,
  "summary_csf_mean": 374.6386380602824,
  "summary_csf_median": 360.90466348454356,
  "summary_csf_n": 44712.0,
  "summary_csf_p05": 272.4704816026613,
  "summary_csf_p95": 532.7823746370151,
  "summary_csf_stdv": 81.5104437795868,
  "summary_gm_k": 0.13761625468935845,
  "summary_gm_mad": 56.17812552094111,
  "summary_gm_mean": 763.2290907071581,
  "summary_gm_median": 763.4398964904249,
  "summary_gm_n": 12648.0,
  "summary_gm_p05": 665.8770837014541,
  "summary_gm_p95": 860.6379288235679,
  "summary_gm_stdv": 58.718219589160064,
  "summary_wm_k": 0.6279032133272677,
  "summary_wm_mad": 36.70845025014563,
  "summary_wm_mean": 998.4434016074166,
  "summary_wm_median": 1000.0000220946968,
  "summary_wm_n": 190136.0,
  "summary_wm_p05": 931.7860768549144,
  "summary_wm_p95": 1059.3224437236786,
  "summary_wm_stdv": 39.10350250348266,
  "tpm_overlap_csf": 0.17274290323257446,
  "tpm_overlap_gm": 0.43306267261505127,
  "tpm_overlap_wm": 0.48851823806762695,
  "wm2max": 0.575994747209455
}