{
  "aor": 0.0007510555555555556,
  "aqi": 0.009549813444444446,
  "bids_meta": {
    "AccelFactPE": 2,
    "AcquisitionNumber": 1,
    "AcquisitionTime": "16:35:55.915000",
    "BandwidthPerPixelPhaseEncode": 65.104,
    "BodyPartExamined": "HEAD",
    "ConversionSoftware": "dcm2niix",
    "ConversionSoftwareVersion": "v1.0.20170724 GCC4.8.5",
    "DeviceSerialNumber": "35353",
    "EchoTime": 0.027,
    "EffectiveEchoSpacing": 0.000240001,
    "FlipAngle": 90,
    "ImageType": [
      "ORIGINAL",
      "PRIMARY",
      "M",
      "ND",
      "MOSAIC"
    ],
    "InstitutionAddress": "De_Pintelaan_185_Gent_88C96F_District_BE_9000",
    "InstitutionName": "UZ",
    "MagneticFieldStrength": 3,
    "Manufacturer": "Siemens",
    "ManufacturersModelName": "TrioTim",
    "Modality": "MR",
    "PhaseEncodingDirection": "j-",
    "PhaseEncodingLines": 64,
    "ProcedureStepDescription": "MR_hersenen_(stereotaxie_neuronavigatie)",
    "ProtocolName": "fMRI_Resting_State",
    "RepetitionTime": 2.4,
    "ScanningSequence": "EP",
    "SequenceName": "_epfid2d1_64",
    "SequenceVariant": "SK",
    "SeriesDescription": "fMRI_Resting_State",
    "SliceTiming": [
      2.3325,
      2.275,
      2.22,
      2.1625,
      2.105,
      2.0475,
      1.9925,
      1.935,
      1.8775,
      1.82,
      1.765,
      1.7075,
      1.65,
      1.5925,
      1.5375,
      1.48,
      1.4225,
      1.365,
      1.31,
      1.2525,
      1.195,
      1.1375,
      1.0825,
      1.025,
      0.9675,
      0.91,
      0.855,
      0.7975,
      0.74,
      0.6825,
      0.6275,
      0.57,
      0.5125,
      0.455,
      0.4,
      0.3425,
      0.285,
      0.2275,
      0.1725,
      0.115,
      0.0575,
      0
    ],
    "SoftwareVersions": "syngo_MR_B17",
    "TaskName": "rest",
    "TotalReadoutTime": 0.01464,
    "TrueEchoSpacing": 0.000480001,
    "dataset": "ds001226",
    "modality": "bold",
    "session_id": "preop",
    "subject_id": "PAT11",
    "task_id": "rest"
  },
  "dummy_trs": 0,
  "dvars_nstd": 61.22392528664808,
  "dvars_std": 1.1679306570391057,
  "dvars_vstd": 0.9781366074860327,
  "efc": 0.5453609956193013,
  "fber": 432.078125,
  "fd_mean": 0.5619746162464121,
  "fd_num": 178,
  "fd_perc": 98.88888888888889,
  "fwhm_avg": 2.647615555555556,
  "fwhm_x": 2.5274366666666666,
  "fwhm_y": 2.680376666666667,
  "fwhm_z": 2.7350333333333334,
  "gcor": 0.0116412,
  "gsr_x": -0.011423503048717976,
  "gsr_y": 0.04556448385119438,
  "provenance": {
    "md5sum": "fafa89fdad763b759a6bb8e5d84bec0a",
    "settings": {
      "fd_thres": 0.2,
      "testing": false
    },
    "software": "mriqc",
    "version": "0.16.1",
    "webapi_port": null,
    "webapi_url": "https://mriqc.nimh.nih.gov/api/v1"
  },
  "size_t": 180,
  "size_x": 64,
  "size_y": 64,
  "size_z": 42,
  "snr": 3.1173898911165163,
  "spacing_tr": 2.4000000953674316,
  "spacing_x": 3.0,
  "spacing_y": 3.0,
  "spacing_z": 3.0,
  "summary_bg_k": 137.1592474974448,
  "summary_bg_mad": 10.921836531513888,
  "summary_bg_mean": 47.667144775390625,
  "summary_bg_median": 28.622222900390625,
  "summary_bg_n": 102473.0,
  "summary_bg_p05": 19.922222137451172,
  "summary_bg_p95": 120.52666778564446,
  "summary_bg_stdv": 73.77471160888672,
  "summary_fg_k": 1.8864260199922347,
  "summary_fg_mad": 169.05787149548635,
  "summary_fg_mean": 627.1014404296875,
  "summary_fg_median": 600.844482421875,
  "summary_fg_n": 33335.0,
  "summary_fg_p05": 366.20667724609376,
  "summary_fg_p95": 987.8600341796874,
  "summary_fg_stdv": 192.73670959472656,
  "tsnr": 36.69905806344468
}