{
  "aor": 0.001122458100558659,
  "aqi": 0.004781790223463688,
  "bids_meta": {
    "AccelFactPE": 2,
    "AcquisitionNumber": 1,
    "AcquisitionTime": "13:08:14.010000",
    "BandwidthPerPixelPhaseEncode": 65.104,
    "BodyPartExamined": "HEAD",
    "ConversionSoftware": "dcm2niix",
    "ConversionSoftwareVersion": "v1.0.20170724 GCC4.8.5",
    "DeviceSerialNumber": "35353",
    "EchoTime": 0.027,
    "EffectiveEchoSpacing": 0.000240001,
    "FlipAngle": 90,
    "ImageType": [
      "ORIGINAL",
      "PRIMARY",
      "M",
      "ND",
      "MOSAIC"
    ],
    "InstitutionAddress": "De_Pintelaan_185_Gent_ACCD6F_District_BE_9000",
    "InstitutionName": "UZ_Gent",
    "MagneticFieldStrength": 3,
    "Manufacturer": "Siemens",
    "ManufacturersModelName": "TrioTim",
    "Modality": "MR",
    "PhaseEncodingDirection": "j-",
    "PhaseEncodingLines": 64,
    "ProcedureStepDescription": "Brain_Research_3T_Experimentele_Psychologie",
    "ProtocolName": "fMRI_Resting_State",
    "RepetitionTime": 2.4,
    "ScanningSequence": "EP",
    "SequenceName": "_epfid2d1_64",
    "SequenceVariant": "SK",
    "SeriesDescription": "fMRI_Resting_State",
    "SliceTiming": [
      2.3325,
      2.275,
      2.2175,
      2.16,
      2.105,
      2.0475,
      1.99,
      1.9325,
      1.8775,
      1.82,
      1.7625,
      1.705,
      1.65,
      1.5925,
      1.535,
      1.4775,
      1.4225,
      1.365,
      1.3075,
      1.25,
      1.195,
      1.1375,
      1.08,
      1.0225,
      0.9675,
      0.91,
      0.8525,
      0.795,
      0.74,
      0.6825,
      0.625,
      0.5675,
      0.5125,
      0.455,
      0.3975,
      0.34,
      0.285,
      0.2275,
      0.17,
      0.1125,
      0.0575,
      0
    ],
    "SoftwareVersions": "syngo_MR_B17",
    "TaskName": "rest",
    "TotalReadoutTime": 0.01464,
    "TrueEchoSpacing": 0.000480001,
    "dataset": "ds001226",
    "modality": "bold",
    "session_id": "preop",
    "subject_id": "PAT22",
    "task_id": "rest"
  },
  "dummy_trs": 1,
  "dvars_nstd": 33.90769028426966,
  "dvars_std": 1.0751885292696632,
  "dvars_vstd": 0.9790113197752809,
  "efc": 0.5570284446124824,
  "fber": 289.6763000488281,
  "fd_mean": 0.1971712886020213,
  "fd_num": 73,
  "fd_perc": 40.78212290502793,
  "fwhm_avg": 3.149731111111111,
  "fwhm_x": 3.1668966666666667,
  "fwhm_y": 3.0861433333333337,
  "fwhm_z": 3.196153333333333,
  "gcor": 0.00471088,
  "gsr_x": -0.013675397261977196,
  "gsr_y": 0.06732270866632462,
  "provenance": {
    "md5sum": "9049571971cf1409adcc2cf908188968",
    "settings": {
      "fd_thres": 0.2,
      "testing": false
    },
    "software": "mriqc",
    "version": "0.16.1",
    "webapi_port": null,
    "webapi_url": "https://mriqc.nimh.nih.gov/api/v1"
  },
  "size_t": 179,
  "size_x": 64,
  "size_y": 64,
  "size_z": 42,
  "snr": 1.9872259661500145,
  "spacing_tr": 2.4000000953674316,
  "spacing_x": 3.0,
  "spacing_y": 3.0,
  "spacing_z": 3.0,
  "summary_bg_k": 70.73661404596237,
  "summary_bg_mad": 23.713352754737546,
  "summary_bg_mean": 75.0464096069336,
  "summary_bg_median": 39.21787643432617,
  "summary_bg_n": 96505.0,
  "summary_bg_p05": 20.69832420349121,
  "summary_bg_p95": 249.2659179687502,
  "summary_bg_stdv": 114.95943450927734,
  "summary_fg_k": 3.109976221552892,
  "summary_fg_mad": 259.67071123524147,
  "summary_fg_mean": 760.885009765625,
  "summary_fg_median": 678.5083618164062,
  "summary_fg_n": 38097.0,
  "summary_fg_p05": 382.646923828125,
  "summary_fg_p95": 1468.1552490234371,
  "summary_fg_stdv": 341.4304504394531,
  "tsnr": 44.27011096768547
}