{
  "bids_meta": {
    "AccelFactPE": 2,
    "AcquisitionNumber": 1,
    "AcquisitionTime": "13:47:23.210000",
    "BodyPartExamined": "HEAD",
    "ConversionSoftware": "dcm2niix",
    "ConversionSoftwareVersion": "v1.0.20170724 GCC4.8.5",
    "DeviceSerialNumber": "35353",
    "EchoTime": 0.00418,
    "FlipAngle": 9,
    "ImageType": [
      "ORIGINAL",
      "PRIMARY",
      "M",
      "ND",
      "NORM"
    ],
    "InstitutionAddress": "De_Pintelaan_185_Gent_9C4B6E_District_BE_9000",
    "InstitutionName": "UZ_Gent",
    "InversionTime": 0.9,
    "MagneticFieldStrength": 3,
    "Manufacturer": "Siemens",
    "ManufacturersModelName": "TrioTim",
    "Modality": "MR",
    "PhaseEncodingDirection": "i-",
    "PhaseEncodingLines": 256,
    "ProcedureStepDescription": "MR_hersenen_(stereotaxie_neuronavigatie)",
    "ProtocolName": "T1_mprage",
    "RepetitionTime": 1.75,
    "ScanningSequence": "GR_IR",
    "SequenceName": "_tfl3d1_ns",
    "SequenceVariant": "SP_MP",
    "SeriesDescription": "T1_mprage",
    "SoftwareVersions": "syngo_MR_B17",
    "dataset": "ds001226",
    "modality": "T1w",
    "session_id": "preop",
    "subject_id": "PAT26"
  },
  "cjv": 0.6339687290745911,
  "cnr": 2.13113924032353,
  "efc": 0.6071641331208603,
  "fber": 3066.639320162071,
  "fwhm_avg": 3.640172129718021,
  "fwhm_x": 3.786246389154063,
  "fwhm_y": 3.74527,
  "fwhm_z": 3.389,
  "icvs_csf": 0.25903874161204177,
  "icvs_gm": 0.3854182372472707,
  "icvs_wm": 0.35554302114068753,
  "inu_med": 1.4561923742294312,
  "inu_range": 0.5242573022842407,
  "provenance": {
    "md5sum": "4096e06bea2c2eb8797e8830ea0fd7db",
    "settings": {
      "testing": false
    },
    "software": "mriqc",
    "version": "0.16.1",
    "warnings": {
      "large_rot_frame": true,
      "small_air_mask": false
    },
    "webapi_port": null,
    "webapi_url": "https://mriqc.nimh.nih.gov/api/v1"
  },
  "qi_1": 0.0,
  "qi_2": 0.026484962053851934,
  "rpve_csf": 17.774030290763317,
  "rpve_gm": 10.928430791480103,
  "rpve_wm": 13.620984519165436,
  "size_x": 160,
  "size_y": 256,
  "size_z": 256,
  "snr_csf": 4.101729487401679,
  "snr_gm": 11.211511049497178,
  "snr_total": 11.154500142282913,
  "snr_wm": 18.150259889949886,
  "snrd_csf": 38.12817058204198,
  "snrd_gm": 82.36379232933655,
  "snrd_total": 74.2310451273723,
  "snrd_wm": 102.20117247073836,
  "spacing_x": 1.0000009536743164,
  "spacing_y": 1.0,
  "spacing_z": 1.0,
  "summary_bg_k": 19.06728446314448,
  "summary_bg_mad": 6.410262894785559,
  "summary_bg_mean": 11.11012872814823,
  "summary_bg_median": 8.647313237190247,
  "summary_bg_n": 2843947.0,
  "summary_bg_p05": 0.0,
  "summary_bg_p95": 29.956763714551926,
  "summary_bg_stdv": 9.649715009752006,
  "summary_csf_k": 1.9013691551270036,
  "summary_csf_mad": 72.45886450712962,
  "summary_csf_mean": 390.8503399121044,
  "summary_csf_median": 373.06979966163635,
  "summary_csf_n": 93703.0,
  "summary_csf_p05": 276.40519097447395,
  "summary_csf_p95": 571.1782017625864,
  "summary_csf_stdv": 90.95378183729224,
  "summary_gm_k": 0.15218018941728229,
  "summary_gm_mad": 70.74182980316921,
  "summary_gm_mean": 811.1713231834117,
  "summary_gm_median": 805.8987104445696,
  "summary_gm_n": 21545.0,
  "summary_gm_p05": 703.2890739068389,
  "summary_gm_p95": 939.6232330054045,
  "summary_gm_stdv": 71.87969614304293,
  "summary_wm_k": 0.33300914861700726,
  "summary_wm_mad": 52.31232398066072,
  "summary_wm_mean": 1002.9622189639274,
  "summary_wm_median": 1000.0000093579292,
  "summary_wm_n": 209034.0,
  "summary_wm_p05": 917.078452065587,
  "summary_wm_p95": 1099.2124871239066,
  "summary_wm_stdv": 55.095498547290035,
  "tpm_overlap_csf": 0.15644967555999756,
  "tpm_overlap_gm": 0.39658069610595703,
  "tpm_overlap_wm": 0.4489731788635254,
  "wm2max": 0.5014130308543997
}