{
  "aor": 0.0023657777777777783,
  "aqi": 0.020781349444444444,
  "bids_meta": {
    "AccelFactPE": 2,
    "AcquisitionNumber": 1,
    "AcquisitionTime": "14:35:24.940000",
    "BandwidthPerPixelPhaseEncode": 65.104,
    "BodyPartExamined": "HEAD",
    "ConversionSoftware": "dcm2niix",
    "ConversionSoftwareVersion": "v1.0.20170724 GCC4.8.5",
    "DeviceSerialNumber": "35353",
    "EchoTime": 0.027,
    "EffectiveEchoSpacing": 0.000240001,
    "FlipAngle": 90,
    "ImageType": [
      "ORIGINAL",
      "PRIMARY",
      "M",
      "ND",
      "MOSAIC"
    ],
    "InstitutionAddress": "De_Pintelaan_185_Gent_88C96F_District_BE_9000",
    "InstitutionName": "UZ",
    "MagneticFieldStrength": 3,
    "Manufacturer": "Siemens",
    "ManufacturersModelName": "TrioTim",
    "Modality": "MR",
    "PhaseEncodingDirection": "j-",
    "PhaseEncodingLines": 64,
    "ProcedureStepDescription": "MR_hersenen_(structuur_alleen)",
    "ProtocolName": "RESTING_STATE",
    "RepetitionTime": 2.1,
    "ScanningSequence": "EP",
    "SequenceName": "_epfid2d1_64",
    "SequenceVariant": "SK",
    "SeriesDescription": "RESTING_STATE",
    "SliceTiming": [
      2.04,
      1.99,
      1.94,
      1.89,
      1.84,
      1.79,
      1.74,
      1.69,
      1.6425,
      1.5925,
      1.5425,
      1.4925,
      1.4425,
      1.3925,
      1.3425,
      1.2925,
      1.2425,
      1.195,
      1.145,
      1.095,
      1.045,
      0.995,
      0.945,
      0.895,
      0.845,
      0.795,
      0.7475,
      0.6975,
      0.6475,
      0.5975,
      0.5475,
      0.4975,
      0.4475,
      0.3975,
      0.35,
      0.3,
      0.25,
      0.2,
      0.15,
      0.1,
      0.05,
      0
    ],
    "SoftwareVersions": "syngo_MR_B17",
    "TaskName": "rest",
    "TotalReadoutTime": 0.01464,
    "TrueEchoSpacing": 0.000480001,
    "dataset": "ds001226",
    "modality": "bold",
    "session_id": "preop",
    "subject_id": "CON03",
    "task_id": "rest"
  },
  "dummy_trs": 0,
  "dvars_nstd": 90.85768771027935,
  "dvars_std": 1.109308038100559,
  "dvars_vstd": 0.9712698121229049,
  "efc": 0.5594052529751683,
  "fber": 280.03155517578125,
  "fd_mean": 1.0993969650278952,
  "fd_num": 172,
  "fd_perc": 95.55555555555556,
  "fwhm_avg": 2.763650215276888,
  "fwhm_x": 2.679323333333333,
  "fwhm_y": 2.8592999999999997,
  "fwhm_z": 2.7523273124973313,
  "gcor": 0.0412817,
  "gsr_x": -0.006212529260665178,
  "gsr_y": 0.09734750539064407,
  "provenance": {
    "md5sum": "e076fec7438bb3140bb53b4507b97955",
    "settings": {
      "fd_thres": 0.2,
      "testing": false
    },
    "software": "mriqc",
    "version": "0.16.1",
    "webapi_port": null,
    "webapi_url": "https://mriqc.nimh.nih.gov/api/v1"
  },
  "size_t": 180,
  "size_x": 64,
  "size_y": 64,
  "size_z": 42,
  "snr": 2.785462800483898,
  "spacing_tr": 2.0999999046325684,
  "spacing_x": 3.0,
  "spacing_y": 3.0,
  "spacing_z": 3.299999952316284,
  "summary_bg_k": 48.41350353192282,
  "summary_bg_mad": 18.738442506681892,
  "summary_bg_mean": 56.5916862487793,
  "summary_bg_median": 34.42222213745117,
  "summary_bg_n": 103078.0,
  "summary_bg_p05": 19.544445037841797,
  "summary_bg_p95": 162.39499969482375,
  "summary_bg_stdv": 68.15971374511719,
  "summary_fg_k": 2.458391883903852,
  "summary_fg_mad": 176.98566245682073,
  "summary_fg_mean": 609.7902221679688,
  "summary_fg_median": 573.5166625976562,
  "summary_fg_n": 32894.0,
  "summary_fg_p05": 346.06834716796874,
  "summary_fg_p95": 1005.4519775390622,
  "summary_fg_stdv": 205.8932342529297,
  "tsnr": 20.423937352141365
}