{
  "aor": 0.0007735000000000001,
  "aqi": 0.0028524569444444443,
  "bids_meta": {
    "AccelFactPE": 2,
    "AcquisitionNumber": 1,
    "AcquisitionTime": "11:40:5.290000",
    "BandwidthPerPixelPhaseEncode": 65.104,
    "BodyPartExamined": "HEAD",
    "ConversionSoftware": "dcm2niix",
    "ConversionSoftwareVersion": "v1.0.20170724 GCC4.8.5",
    "DeviceSerialNumber": "35353",
    "EchoTime": 0.027,
    "EffectiveEchoSpacing": 0.000240001,
    "FlipAngle": 90,
    "ImageType": [
      "ORIGINAL",
      "PRIMARY",
      "M",
      "ND",
      "MOSAIC"
    ],
    "InstitutionAddress": "De_Pintelaan_185_Gent_ACCD6F_District_BE_9000",
    "InstitutionName": "UZ",
    "MagneticFieldStrength": 3,
    "Manufacturer": "Siemens",
    "ManufacturersModelName": "TrioTim",
    "Modality": "MR",
    "PhaseEncodingDirection": "j-",
    "PhaseEncodingLines": 64,
    "ProcedureStepDescription": "MR_hersenen_(stereotaxie_neuronavigatie)",
    "ProtocolName": "fMRI_Resting_State",
    "RepetitionTime": 2.4,
    "ScanningSequence": "EP",
    "SequenceName": "_epfid2d1_64",
    "SequenceVariant": "SK",
    "SeriesDescription": "fMRI_Resting_State",
    "SliceTiming": [
      2.3325,
      2.275,
      2.22,
      2.1625,
      2.105,
      2.0475,
      1.9925,
      1.935,
      1.8775,
      1.82,
      1.765,
      1.7075,
      1.65,
      1.5925,
      1.5375,
      1.48,
      1.4225,
      1.365,
      1.31,
      1.2525,
      1.195,
      1.1375,
      1.0825,
      1.025,
      0.9675,
      0.91,
      0.855,
      0.7975,
      0.74,
      0.6825,
      0.6275,
      0.57,
      0.5125,
      0.455,
      0.4,
      0.3425,
      0.285,
      0.2275,
      0.1725,
      0.115,
      0.0575,
      0
    ],
    "SoftwareVersions": "syngo_MR_B17",
    "TaskName": "rest",
    "TotalReadoutTime": 0.01464,
    "TrueEchoSpacing": 0.000480001,
    "dataset": "ds001226",
    "modality": "bold",
    "session_id": "preop",
    "subject_id": "PAT15",
    "task_id": "rest"
  },
  "dummy_trs": 0,
  "dvars_nstd": 28.47536494033519,
  "dvars_std": 1.1221596857541905,
  "dvars_vstd": 1.005372346648045,
  "efc": 0.5575079662733616,
  "fber": 555.367431640625,
  "fd_mean": 0.07324257880583039,
  "fd_num": 1,
  "fd_perc": 0.5555555555555556,
  "fwhm_avg": 2.7533433333333335,
  "fwhm_x": 2.6038799999999998,
  "fwhm_y": 2.811056666666667,
  "fwhm_z": 2.8450933333333333,
  "gcor": 0.0111341,
  "gsr_x": -0.01514597050845623,
  "gsr_y": 0.07000888139009476,
  "provenance": {
    "md5sum": "4241ae352245daec5b41dfb0ab3e60f0",
    "settings": {
      "fd_thres": 0.2,
      "testing": false
    },
    "software": "mriqc",
    "version": "0.16.1",
    "webapi_port": null,
    "webapi_url": "https://mriqc.nimh.nih.gov/api/v1"
  },
  "size_t": 180,
  "size_x": 64,
  "size_y": 64,
  "size_z": 42,
  "snr": 3.077005348699628,
  "spacing_tr": 2.4000000953674316,
  "spacing_x": 3.0,
  "spacing_y": 3.0,
  "spacing_z": 3.0,
  "summary_bg_k": 97.95847809034541,
  "summary_bg_mad": 7.627163363812932,
  "summary_bg_mean": 43.91422653198242,
  "summary_bg_median": 24.266666412353516,
  "summary_bg_n": 97753.0,
  "summary_bg_p05": 18.13888931274414,
  "summary_bg_p95": 119.95333709716783,
  "summary_bg_stdv": 74.48541259765625,
  "summary_fg_k": 1.5066091607397984,
  "summary_fg_mad": 164.51943824561937,
  "summary_fg_mean": 608.3344116210938,
  "summary_fg_median": 577.3638916015625,
  "summary_fg_n": 37908.0,
  "summary_fg_p05": 355.95751037597654,
  "summary_fg_p95": 968.2472229003907,
  "summary_fg_stdv": 187.63577270507812,
  "tsnr": 57.383790319785476
}