{
  "aor": 0.0008893333333333332,
  "aqi": 0.007790031166666667,
  "bids_meta": {
    "AccelFactPE": 2,
    "AcquisitionNumber": 1,
    "AcquisitionTime": "14:54:45.035000",
    "BandwidthPerPixelPhaseEncode": 65.104,
    "BodyPartExamined": "HEAD",
    "ConversionSoftware": "dcm2niix",
    "ConversionSoftwareVersion": "v1.0.20170724 GCC4.8.5",
    "DeviceSerialNumber": "35353",
    "EchoTime": 0.027,
    "EffectiveEchoSpacing": 0.000240001,
    "FlipAngle": 90,
    "ImageType": [
      "ORIGINAL",
      "PRIMARY",
      "M",
      "ND",
      "MOSAIC"
    ],
    "InstitutionAddress": "De_Pintelaan_185_Gent_ACCD6F_District_BE_9000",
    "InstitutionName": "UZ",
    "MagneticFieldStrength": 3,
    "Manufacturer": "Siemens",
    "ManufacturersModelName": "TrioTim",
    "Modality": "MR",
    "PhaseEncodingDirection": "j-",
    "PhaseEncodingLines": 64,
    "ProcedureStepDescription": "Brain_Research_3T_MRP",
    "ProtocolName": "fMRI_Resting_State",
    "RepetitionTime": 2.4,
    "ScanningSequence": "EP",
    "SequenceName": "_epfid2d1_64",
    "SequenceVariant": "SK",
    "SeriesDescription": "fMRI_Resting_State",
    "SliceTiming": [
      2.3325,
      2.275,
      2.2175,
      2.16,
      2.105,
      2.0475,
      1.99,
      1.9325,
      1.8775,
      1.82,
      1.7625,
      1.705,
      1.65,
      1.5925,
      1.535,
      1.4775,
      1.4225,
      1.365,
      1.3075,
      1.25,
      1.195,
      1.1375,
      1.08,
      1.0225,
      0.9675,
      0.91,
      0.8525,
      0.795,
      0.74,
      0.6825,
      0.625,
      0.5675,
      0.5125,
      0.455,
      0.3975,
      0.34,
      0.285,
      0.2275,
      0.17,
      0.1125,
      0.0575,
      0
    ],
    "SoftwareVersions": "syngo_MR_B17",
    "TaskName": "rest",
    "TotalReadoutTime": 0.01464,
    "TrueEchoSpacing": 0.000480001,
    "dataset": "ds001226",
    "modality": "bold",
    "session_id": "preop",
    "subject_id": "CON08",
    "task_id": "rest"
  },
  "dummy_trs": 0,
  "dvars_nstd": 40.694285536368724,
  "dvars_std": 1.0615706552513968,
  "dvars_vstd": 0.9880390130726253,
  "efc": 0.5930718140267681,
  "fber": 289.51763916015625,
  "fd_mean": 0.15919295935953034,
  "fd_num": 49,
  "fd_perc": 27.22222222222222,
  "fwhm_avg": 2.5386011111111113,
  "fwhm_x": 2.3701966666666667,
  "fwhm_y": 2.5703733333333334,
  "fwhm_z": 2.6752333333333334,
  "gcor": 0.00771404,
  "gsr_x": 0.012542996555566788,
  "gsr_y": 0.07000939548015594,
  "provenance": {
    "md5sum": "8348a9deeb43cbe29fe743ffddd78ce4",
    "settings": {
      "fd_thres": 0.2,
      "testing": false
    },
    "software": "mriqc",
    "version": "0.16.1",
    "webapi_port": null,
    "webapi_url": "https://mriqc.nimh.nih.gov/api/v1"
  },
  "size_t": 180,
  "size_x": 64,
  "size_y": 64,
  "size_z": 42,
  "snr": 3.205148477472063,
  "spacing_tr": 2.4000000953674316,
  "spacing_x": 3.0,
  "spacing_y": 3.0,
  "spacing_z": 3.0,
  "summary_bg_k": 41.11620112335916,
  "summary_bg_mad": 15.419062506890397,
  "summary_bg_mean": 58.19483947753906,
  "summary_bg_median": 31.183334350585938,
  "summary_bg_n": 96761.0,
  "summary_bg_p05": 19.19444465637207,
  "summary_bg_p95": 187.38333129882812,
  "summary_bg_stdv": 82.29642486572266,
  "summary_fg_k": 1.350780394985886,
  "summary_fg_mad": 149.16209898744594,
  "summary_fg_mean": 561.2191162109375,
  "summary_fg_median": 537.1195068359375,
  "summary_fg_n": 38752.0,
  "summary_fg_p05": 329.89194030761723,
  "summary_fg_p95": 869.8708648681638,
  "summary_fg_stdv": 167.57806396484375,
  "tsnr": 37.81091102794744
}