{
  "aor": 0.0007420555555555555,
  "aqi": 0.006560863222222222,
  "bids_meta": {
    "AccelFactPE": 2,
    "AcquisitionNumber": 1,
    "AcquisitionTime": "14:46:29.350000",
    "BandwidthPerPixelPhaseEncode": 65.104,
    "BodyPartExamined": "HEAD",
    "ConversionSoftware": "dcm2niix",
    "ConversionSoftwareVersion": "v1.0.20170724 GCC4.8.5",
    "DeviceSerialNumber": "35353",
    "EchoTime": 0.027,
    "EffectiveEchoSpacing": 0.000240001,
    "FlipAngle": 90,
    "ImageType": [
      "ORIGINAL",
      "PRIMARY",
      "M",
      "ND",
      "MOSAIC"
    ],
    "InstitutionAddress": "De_Pintelaan_185_Gent_ACCD6F_District_BE_9000",
    "InstitutionName": "UZ_Gent",
    "MagneticFieldStrength": 3,
    "Manufacturer": "Siemens",
    "ManufacturersModelName": "TrioTim",
    "Modality": "MR",
    "PhaseEncodingDirection": "j-",
    "PhaseEncodingLines": 64,
    "ProcedureStepDescription": "Brain_Research_3T_MRP",
    "ProtocolName": "fMRI_Resting_State",
    "RepetitionTime": 2.4,
    "ScanningSequence": "EP",
    "SequenceName": "_epfid2d1_64",
    "SequenceVariant": "SK",
    "SeriesDescription": "fMRI_Resting_State",
    "SliceTiming": [
      2.3325,
      2.275,
      2.22,
      2.1625,
      2.105,
      2.0475,
      1.9925,
      1.935,
      1.8775,
      1.82,
      1.765,
      1.7075,
      1.65,
      1.5925,
      1.5375,
      1.48,
      1.4225,
      1.365,
      1.31,
      1.2525,
      1.195,
      1.1375,
      1.0825,
      1.025,
      0.9675,
      0.91,
      0.855,
      0.7975,
      0.74,
      0.6825,
      0.6275,
      0.57,
      0.5125,
      0.455,
      0.4,
      0.3425,
      0.285,
      0.2275,
      0.1725,
      0.115,
      0.0575,
      0
    ],
    "SoftwareVersions": "syngo_MR_B17",
    "TaskName": "rest",
    "TotalReadoutTime": 0.01464,
    "TrueEchoSpacing": 0.000480001,
    "dataset": "ds001226",
    "modality": "bold",
    "session_id": "preop",
    "subject_id": "PAT19",
    "task_id": "rest"
  },
  "dummy_trs": 0,
  "dvars_nstd": 50.7631839130726,
  "dvars_std": 1.1082552493854756,
  "dvars_vstd": 0.9547276835195525,
  "efc": 0.5056200215437406,
  "fber": 533.8252563476562,
  "fd_mean": 0.47262115160923146,
  "fd_num": 143,
  "fd_perc": 79.44444444444444,
  "fwhm_avg": 3.6839333333333335,
  "fwhm_x": 3.7429333333333332,
  "fwhm_y": 3.7138333333333335,
  "fwhm_z": 3.5950333333333333,
  "gcor": 0.0232889,
  "gsr_x": -0.015714649111032486,
  "gsr_y": 0.05880577862262726,
  "provenance": {
    "md5sum": "b98aa270eb01898a9cd547aa93e08f3c",
    "settings": {
      "fd_thres": 0.2,
      "testing": false
    },
    "software": "mriqc",
    "version": "0.16.1",
    "webapi_port": null,
    "webapi_url": "https://mriqc.nimh.nih.gov/api/v1"
  },
  "size_t": 180,
  "size_x": 64,
  "size_y": 64,
  "size_z": 42,
  "snr": 1.7757843002134601,
  "spacing_tr": 2.4000000953674316,
  "spacing_x": 3.0,
  "spacing_y": 3.0,
  "spacing_z": 3.0,
  "summary_bg_k": 67.52486996222278,
  "summary_bg_mad": 11.819635924108168,
  "summary_bg_mean": 53.756038665771484,
  "summary_bg_median": 28.822223663330078,
  "summary_bg_n": 102405.0,
  "summary_bg_p05": 19.377779006958008,
  "summary_bg_p95": 181.10333557128862,
  "summary_bg_stdv": 72.92135620117188,
  "summary_fg_k": 2.404173858517068,
  "summary_fg_mad": 280.2612273060612,
  "summary_fg_mean": 788.5968627929688,
  "summary_fg_median": 670.9833374023438,
  "summary_fg_n": 33540.0,
  "summary_fg_p05": 394.56029357910154,
  "summary_fg_p95": 1562.1325378417964,
  "summary_fg_stdv": 377.84619140625,
  "tsnr": 39.94494723761454
}