{
  "bids_meta": {
    "AccelFactPE": 2,
    "AcquisitionNumber": 1,
    "AcquisitionTime": "14:00:40.192500",
    "BodyPartExamined": "HEAD",
    "ConversionSoftware": "dcm2niix",
    "ConversionSoftwareVersion": "v1.0.20170724 GCC4.8.5",
    "DeviceSerialNumber": "35353",
    "EchoTime": 0.00418,
    "FlipAngle": 9,
    "ImageType": [
      "ORIGINAL",
      "PRIMARY",
      "M",
      "ND",
      "NORM"
    ],
    "InstitutionAddress": "De_Pintelaan_185_Gent_ACCD6F_District_BE_9000",
    "InstitutionName": "UZ",
    "InversionTime": 0.9,
    "MagneticFieldStrength": 3,
    "Manufacturer": "Siemens",
    "ManufacturersModelName": "TrioTim",
    "Modality": "MR",
    "PhaseEncodingDirection": "i-",
    "PhaseEncodingLines": 256,
    "ProcedureStepDescription": "Brain_Research_3T_MRP",
    "ProtocolName": "T1_mprage",
    "RepetitionTime": 1.75,
    "ScanningSequence": "GR_IR",
    "SequenceName": "_tfl3d1_ns",
    "SequenceVariant": "SP_MP",
    "SeriesDescription": "T1_mprage",
    "SoftwareVersions": "syngo_MR_B17",
    "dataset": "ds001226",
    "modality": "T1w",
    "session_id": "preop",
    "subject_id": "PAT14"
  },
  "cjv": 0.4779887227717711,
  "cnr": 2.7937787023385625,
  "efc": 0.608036937141456,
  "fber": 2455.8024693840616,
  "fwhm_avg": 3.4428279074557047,
  "fwhm_x": 3.593333722367114,
  "fwhm_y": 3.55206,
  "fwhm_z": 3.18309,
  "icvs_csf": 0.23933343419539616,
  "icvs_gm": 0.4010325458397137,
  "icvs_wm": 0.35963401996489014,
  "inu_med": 1.2225804328918457,
  "inu_range": 0.3069496750831604,
  "provenance": {
    "md5sum": "d914935ded03a0baadd36c76d9928862",
    "settings": {
      "testing": false
    },
    "software": "mriqc",
    "version": "0.16.1",
    "warnings": {
      "large_rot_frame": true,
      "small_air_mask": false
    },
    "webapi_port": null,
    "webapi_url": "https://mriqc.nimh.nih.gov/api/v1"
  },
  "qi_1": 0.00010052443972517363,
  "qi_2": 0.01077090128266717,
  "rpve_csf": 27.681839414818512,
  "rpve_gm": 15.557036004799238,
  "rpve_wm": 19.71665719912141,
  "size_x": 160,
  "size_y": 256,
  "size_z": 256,
  "snr_csf": 4.521451415394812,
  "snr_gm": 13.603777022429087,
  "snr_total": 12.095576117492419,
  "snr_wm": 18.16149991465336,
  "snrd_csf": 35.347675846550246,
  "snrd_gm": 75.68568112755804,
  "snrd_total": 69.54351060167612,
  "snrd_wm": 97.59717483092005,
  "spacing_x": 1.000004529953003,
  "spacing_y": 1.0,
  "spacing_z": 1.0,
  "summary_bg_k": 2842.2919406751257,
  "summary_bg_mad": 6.712657306427454,
  "summary_bg_mean": 9.843943019298226,
  "summary_bg_median": 8.994868852198124,
  "summary_bg_n": 2477688.0,
  "summary_bg_p05": 0.0,
  "summary_bg_p95": 27.346816040575504,
  "summary_bg_stdv": 13.29235550727394,
  "summary_csf_k": 1.6569852879883396,
  "summary_csf_mad": 63.32273392396565,
  "summary_csf_mean": 377.9806287295163,
  "summary_csf_median": 362.1792998574674,
  "summary_csf_n": 47898.0,
  "summary_csf_p05": 276.2450997829437,
  "summary_csf_p95": 537.8207154646516,
  "summary_csf_stdv": 80.10160584043489,
  "summary_gm_k": 0.1995987595895512,
  "summary_gm_mad": 55.04378991270512,
  "summary_gm_mean": 773.5233416342727,
  "summary_gm_median": 775.4905052036047,
  "summary_gm_n": 12787.0,
  "summary_gm_p05": 675.9432653561234,
  "summary_gm_p95": 863.7911405734717,
  "summary_gm_stdv": 57.003299887754416,
  "summary_wm_k": 0.4142865155289197,
  "summary_wm_mad": 52.26922489271511,
  "summary_wm_mean": 1000.6423745452458,
  "summary_wm_median": 1000.0000170245767,
  "summary_wm_n": 138128.0,
  "summary_wm_p05": 910.8964839652181,
  "summary_wm_p95": 1091.7597529664636,
  "summary_wm_stdv": 55.0613331435389,
  "tpm_overlap_csf": 0.16530044376850128,
  "tpm_overlap_gm": 0.4121931791305542,
  "tpm_overlap_wm": 0.47123879194259644,
  "wm2max": 0.5041083384053561
}