{
  "bids_meta": {
    "AccelFactPE": 2,
    "AcquisitionNumber": 1,
    "AcquisitionTime": "13:18:27.212500",
    "BodyPartExamined": "HEAD",
    "ConversionSoftware": "dcm2niix",
    "ConversionSoftwareVersion": "v1.0.20170724 GCC4.8.5",
    "DeviceSerialNumber": "35353",
    "EchoTime": 0.00418,
    "FlipAngle": 9,
    "ImageType": [
      "ORIGINAL",
      "PRIMARY",
      "M",
      "ND",
      "NORM"
    ],
    "InstitutionAddress": "De_Pintelaan_185_Gent_88C96F_District_BE_9000",
    "InstitutionName": "UZ",
    "InversionTime": 0.9,
    "MagneticFieldStrength": 3,
    "Manufacturer": "Siemens",
    "ManufacturersModelName": "TrioTim",
    "Modality": "MR",
    "PhaseEncodingDirection": "i-",
    "PhaseEncodingLines": 256,
    "ProcedureStepDescription": "MR_hersenen_(structuur_alleen)",
    "ProtocolName": "T1_mprage",
    "RepetitionTime": 1.75,
    "ScanningSequence": "GR_IR",
    "SequenceName": "_tfl3d1_ns",
    "SequenceVariant": "SP_MP",
    "SeriesDescription": "T1_mprage",
    "SoftwareVersions": "syngo_MR_B17",
    "dataset": "ds001226",
    "modality": "T1w",
    "session_id": "preop",
    "subject_id": "CON05"
  },
  "cjv": 0.4624800626657085,
  "cnr": 2.8723789751939575,
  "efc": 0.5894332223025324,
  "fber": 11985.870399999998,
  "fwhm_avg": 3.547447680414569,
  "fwhm_x": 3.6445430412437068,
  "fwhm_y": 3.7126,
  "fwhm_z": 3.2852,
  "icvs_csf": 0.18885959919407627,
  "icvs_gm": 0.40306188694953154,
  "icvs_wm": 0.4080785138563922,
  "inu_med": 1.266271710395813,
  "inu_range": 0.4328291416168213,
  "provenance": {
    "md5sum": "7dd69b153d15bd738602129fa50ca104",
    "settings": {
      "testing": false
    },
    "software": "mriqc",
    "version": "0.16.1",
    "warnings": {
      "large_rot_frame": true,
      "small_air_mask": false
    },
    "webapi_port": null,
    "webapi_url": "https://mriqc.nimh.nih.gov/api/v1"
  },
  "qi_1": 0.0,
  "qi_2": 0.015415279059101073,
  "rpve_csf": 26.355767868706494,
  "rpve_gm": 12.485440952389007,
  "rpve_wm": 14.487518324665697,
  "size_x": 160,
  "size_y": 256,
  "size_z": 256,
  "snr_csf": 3.5961585820326905,
  "snr_gm": 12.865684262924017,
  "snr_total": 13.312645730314363,
  "snr_wm": 23.476094345986386,
  "snrd_csf": 50.887790154092556,
  "snrd_gm": 104.44113122101854,
  "snrd_total": 96.1023756915664,
  "snrd_wm": 132.97820569958807,
  "spacing_x": 0.9999991655349731,
  "spacing_y": 1.0,
  "spacing_z": 1.0,
  "summary_bg_k": 8.430966587568406,
  "summary_bg_mad": 4.926644874422459,
  "summary_bg_mean": 6.24542771639178,
  "summary_bg_median": 3.3229714706540108,
  "summary_bg_n": 2632881.0,
  "summary_bg_p05": 0.0,
  "summary_bg_p95": 16.882838923484087,
  "summary_bg_stdv": 6.410188162092881,
  "summary_csf_k": 1.2312910846090421,
  "summary_csf_mad": 88.28229766908632,
  "summary_csf_mean": 405.2610210629406,
  "summary_csf_median": 382.6776822656393,
  "summary_csf_n": 28845.0,
  "summary_csf_p05": 272.6980458498001,
  "summary_csf_p95": 613.2383060149848,
  "summary_csf_stdv": 106.41106061754556,
  "summary_gm_k": 0.1909057228123041,
  "summary_gm_mad": 59.755434605898216,
  "summary_gm_mean": 788.3216378099736,
  "summary_gm_median": 785.4003859832883,
  "summary_gm_n": 9968.0,
  "summary_gm_p05": 691.6255951182917,
  "summary_gm_p95": 894.0401145480573,
  "summary_gm_stdv": 61.043079626291636,
  "summary_wm_k": 0.6881526445413586,
  "summary_wm_mad": 39.49262100948326,
  "summary_wm_mean": 998.9384148183874,
  "summary_wm_median": 1000.000027410686,
  "summary_wm_n": 202294.0,
  "summary_wm_p05": 926.841058742255,
  "summary_wm_p95": 1066.3522641956806,
  "summary_wm_stdv": 42.59641919220506,
  "tpm_overlap_csf": 0.16728930175304413,
  "tpm_overlap_gm": 0.4261644780635834,
  "tpm_overlap_wm": 0.4810065031051636,
  "wm2max": 0.51293300870302
}