{
  "aor": 0.0014978333333333332,
  "aqi": 0.004210235888888889,
  "bids_meta": {
    "AccelFactPE": 2,
    "AcquisitionNumber": 1,
    "AcquisitionTime": "12:46:30.402500",
    "BandwidthPerPixelPhaseEncode": 65.104,
    "BodyPartExamined": "HEAD",
    "ConversionSoftware": "dcm2niix",
    "ConversionSoftwareVersion": "v1.0.20170724 GCC4.8.5",
    "DeviceSerialNumber": "35353",
    "EchoTime": 0.027,
    "EffectiveEchoSpacing": 0.000240001,
    "FlipAngle": 90,
    "ImageType": [
      "ORIGINAL",
      "PRIMARY",
      "M",
      "ND",
      "MOSAIC"
    ],
    "InstitutionAddress": "De_Pintelaan_185_Gent_88C96F_District_BE_9000",
    "InstitutionName": "UZ",
    "MagneticFieldStrength": 3,
    "Manufacturer": "Siemens",
    "ManufacturersModelName": "TrioTim",
    "Modality": "MR",
    "PhaseEncodingDirection": "j-",
    "PhaseEncodingLines": 64,
    "ProcedureStepDescription": "Brain_Research_3T_MRP",
    "ProtocolName": "RESTING_STATE_6min",
    "RepetitionTime": 2.1,
    "ScanningSequence": "EP",
    "SequenceName": "_epfid2d1_64",
    "SequenceVariant": "SK",
    "SeriesDescription": "RESTING_STATE_6min",
    "SliceTiming": [
      2.0375,
      1.9875,
      1.9375,
      1.8875,
      1.8375,
      1.79,
      1.74,
      1.69,
      1.64,
      1.59,
      1.54,
      1.49,
      1.44,
      1.3925,
      1.3425,
      1.2925,
      1.2425,
      1.1925,
      1.1425,
      1.0925,
      1.0425,
      0.9925,
      0.945,
      0.895,
      0.845,
      0.795,
      0.745,
      0.695,
      0.645,
      0.595,
      0.545,
      0.4975,
      0.4475,
      0.3975,
      0.3475,
      0.2975,
      0.2475,
      0.1975,
      0.1475,
      0.1,
      0.05,
      0
    ],
    "SoftwareVersions": "syngo_MR_B17",
    "TaskName": "rest",
    "TotalReadoutTime": 0.01464,
    "TrueEchoSpacing": 0.000480001,
    "dataset": "ds001226",
    "modality": "bold",
    "session_id": "preop",
    "subject_id": "CON02",
    "task_id": "rest"
  },
  "dummy_trs": 0,
  "dvars_nstd": 41.80224085106145,
  "dvars_std": 1.1203947288826817,
  "dvars_vstd": 0.9893901675418992,
  "efc": 0.5476598286136516,
  "fber": 367.8268737792969,
  "fd_mean": 0.4200691111655167,
  "fd_num": 162,
  "fd_perc": 90.0,
  "fwhm_avg": 3.1705799146129934,
  "fwhm_x": 3.0634599999999996,
  "fwhm_y": 3.2046433333333333,
  "fwhm_z": 3.2436364105056477,
  "gcor": 0.015565,
  "gsr_x": -0.0019822600297629833,
  "gsr_y": 0.07182791084051132,
  "provenance": {
    "md5sum": "cdcbba4c4b838df2045262282d770dfa",
    "settings": {
      "fd_thres": 0.2,
      "testing": false
    },
    "software": "mriqc",
    "version": "0.16.1",
    "webapi_port": null,
    "webapi_url": "https://mriqc.nimh.nih.gov/api/v1"
  },
  "size_t": 180,
  "size_x": 64,
  "size_y": 64,
  "size_z": 42,
  "snr": 2.012441830775159,
  "spacing_tr": 2.0999999046325684,
  "spacing_x": 3.0,
  "spacing_y": 3.0,
  "spacing_z": 3.299999952316284,
  "summary_bg_k": 37.72674180373243,
  "summary_bg_mad": 14.990757964320553,
  "summary_bg_mean": 58.23259735107422,
  "summary_bg_median": 31.72222328186035,
  "summary_bg_n": 96657.0,
  "summary_bg_p05": 19.600000381469727,
  "summary_bg_p95": 196.82444458007808,
  "summary_bg_stdv": 77.18236541748047,
  "summary_fg_k": 3.3255638422142644,
  "summary_fg_mad": 236.31857253533792,
  "summary_fg_mean": 686.3939819335938,
  "summary_fg_median": 613.2777709960938,
  "summary_fg_n": 37248.0,
  "summary_fg_p05": 341.8191802978516,
  "summary_fg_p95": 1300.4817321777346,
  "summary_fg_stdv": 304.739013671875,
  "tsnr": 42.8162731169723
}