{
  "aor": 0.0007437988826815643,
  "aqi": 0.004438466759776537,
  "bids_meta": {
    "AccelFactPE": 2,
    "AcquisitionNumber": 1,
    "AcquisitionTime": "12:53:58.857500",
    "BandwidthPerPixelPhaseEncode": 52.083,
    "BodyPartExamined": "HEAD",
    "ConversionSoftware": "dcm2niix",
    "ConversionSoftwareVersion": "v1.0.20170724 GCC4.8.5",
    "DeviceSerialNumber": "35353",
    "EchoTime": 0.027,
    "EffectiveEchoSpacing": 0.000300002,
    "FlipAngle": 90,
    "ImageType": [
      "ORIGINAL",
      "PRIMARY",
      "M",
      "ND",
      "MOSAIC"
    ],
    "InstitutionAddress": "De_Pintelaan_185_Gent_ACCD6F_District_BE_9000",
    "InstitutionName": "UZ",
    "MagneticFieldStrength": 3,
    "Manufacturer": "Siemens",
    "ManufacturersModelName": "TrioTim",
    "Modality": "MR",
    "PhaseEncodingDirection": "j-",
    "PhaseEncodingLines": 64,
    "ProcedureStepDescription": "MR_hersenen_(structuur_alleen)",
    "ProtocolName": "fMRI_Resting_State",
    "RepetitionTime": 2.4,
    "ScanningSequence": "EP",
    "SequenceName": "_epfid2d1_64",
    "SequenceVariant": "SK_OSP",
    "SeriesDescription": "fMRI_Resting_State",
    "SliceTiming": [
      2.3375,
      2.2875,
      2.235,
      2.1825,
      2.13,
      2.0775,
      2.0275,
      1.975,
      1.9225,
      1.87,
      1.82,
      1.7675,
      1.715,
      1.6625,
      1.61,
      1.56,
      1.5075,
      1.455,
      1.4025,
      1.3525,
      1.3,
      1.2475,
      1.195,
      1.145,
      1.0925,
      1.04,
      0.9875,
      0.935,
      0.885,
      0.8325,
      0.78,
      0.7275,
      0.6775,
      0.625,
      0.5725,
      0.52,
      0.4675,
      0.4175,
      0.365,
      0.3125,
      0.26,
      0.21,
      0.1575,
      0.105,
      0.0525,
      0
    ],
    "SoftwareVersions": "syngo_MR_B17",
    "TaskName": "rest",
    "TotalReadoutTime": 0.0231001,
    "TrueEchoSpacing": 0.000600004,
    "dataset": "ds001226",
    "modality": "bold",
    "session_id": "preop",
    "subject_id": "CON09",
    "task_id": "rest"
  },
  "dummy_trs": 1,
  "dvars_nstd": 27.81596827747191,
  "dvars_std": 1.04546307258427,
  "dvars_vstd": 0.9813485865730335,
  "efc": 0.5938987704073906,
  "fber": 458.6324768066406,
  "fd_mean": 0.11782299408832941,
  "fd_num": 4,
  "fd_perc": 2.2346368715083798,
  "fwhm_avg": 2.5729422222222222,
  "fwhm_x": 2.373866666666667,
  "fwhm_y": 2.6164466666666666,
  "fwhm_z": 2.7285133333333333,
  "gcor": 0.00445103,
  "gsr_x": -0.00010431432747282088,
  "gsr_y": 0.06178514286875725,
  "provenance": {
    "md5sum": "0be1fed6e4b63a1b3bd26833539ec366",
    "settings": {
      "fd_thres": 0.2,
      "testing": false
    },
    "software": "mriqc",
    "version": "0.16.1",
    "webapi_port": null,
    "webapi_url": "https://mriqc.nimh.nih.gov/api/v1"
  },
  "size_t": 179,
  "size_x": 64,
  "size_y": 64,
  "size_z": 46,
  "snr": 3.032092162517261,
  "spacing_tr": 2.4000000953674316,
  "spacing_x": 3.0,
  "spacing_y": 3.0,
  "spacing_z": 3.0,
  "summary_bg_k": 73.55259071017328,
  "summary_bg_mad": 13.683009534146663,
  "summary_bg_mean": 50.96452331542969,
  "summary_bg_median": 26.52513885498047,
  "summary_bg_n": 98697.0,
  "summary_bg_p05": 15.720669746398926,
  "summary_bg_p95": 165.86479492187485,
  "summary_bg_stdv": 80.7118148803711,
  "summary_fg_k": 1.2071886371146183,
  "summary_fg_mad": 174.56600478035736,
  "summary_fg_mean": 603.0107421875,
  "summary_fg_median": 574.284912109375,
  "summary_fg_n": 48009.0,
  "summary_fg_p05": 350.91508178710933,
  "summary_fg_p95": 960.9251220703125,
  "summary_fg_stdv": 189.4002227783203,
  "tsnr": 49.81130521954037
}