{
  "aor": 0.0005275555555555556,
  "aqi": 0.002349945555555556,
  "bids_meta": {
    "AccelFactPE": 2,
    "AcquisitionNumber": 1,
    "AcquisitionTime": "14:41:4.095000",
    "BandwidthPerPixelPhaseEncode": 65.104,
    "BodyPartExamined": "HEAD",
    "ConversionSoftware": "dcm2niix",
    "ConversionSoftwareVersion": "v1.0.20170724 GCC4.8.5",
    "DeviceSerialNumber": "35353",
    "EchoTime": 0.027,
    "EffectiveEchoSpacing": 0.000240001,
    "FlipAngle": 90,
    "ImageType": [
      "ORIGINAL",
      "PRIMARY",
      "M",
      "ND",
      "MOSAIC"
    ],
    "InstitutionAddress": "De_Pintelaan_185_Gent_88C96F_District_BE_9000",
    "InstitutionName": "UZ",
    "MagneticFieldStrength": 3,
    "Manufacturer": "Siemens",
    "ManufacturersModelName": "TrioTim",
    "Modality": "MR",
    "PhaseEncodingDirection": "j-",
    "PhaseEncodingLines": 64,
    "ProcedureStepDescription": "Brain_Research_3T_MRP",
    "ProtocolName": "fMRI_Resting_State",
    "RepetitionTime": 2.4,
    "ScanningSequence": "EP",
    "SequenceName": "_epfid2d1_64",
    "SequenceVariant": "SK",
    "SeriesDescription": "fMRI_Resting_State",
    "SliceTiming": [
      2.33,
      2.275,
      2.2175,
      2.16,
      2.1025,
      2.0475,
      1.99,
      1.9325,
      1.875,
      1.82,
      1.7625,
      1.705,
      1.6475,
      1.5925,
      1.535,
      1.4775,
      1.42,
      1.365,
      1.3075,
      1.25,
      1.1925,
      1.1375,
      1.08,
      1.0225,
      0.965,
      0.91,
      0.8525,
      0.795,
      0.7375,
      0.6825,
      0.625,
      0.5675,
      0.51,
      0.455,
      0.3975,
      0.34,
      0.2825,
      0.2275,
      0.17,
      0.1125,
      0.055,
      0
    ],
    "SoftwareVersions": "syngo_MR_B17",
    "TaskName": "rest",
    "TotalReadoutTime": 0.01464,
    "TrueEchoSpacing": 0.000480001,
    "dataset": "ds001226",
    "modality": "bold",
    "session_id": "preop",
    "subject_id": "PAT13",
    "task_id": "rest"
  },
  "dummy_trs": 0,
  "dvars_nstd": 27.65185309268154,
  "dvars_std": 1.0908095967597757,
  "dvars_vstd": 0.9944522678770944,
  "efc": 0.5244978240394851,
  "fber": 575.3280639648438,
  "fd_mean": 0.1309221099280558,
  "fd_num": 14,
  "fd_perc": 7.777777777777778,
  "fwhm_avg": 3.0878300000000003,
  "fwhm_x": 3.0375333333333336,
  "fwhm_y": 3.09519,
  "fwhm_z": 3.1307666666666667,
  "gcor": 0.025289,
  "gsr_x": -0.00807224866002798,
  "gsr_y": 0.06315897405147552,
  "provenance": {
    "md5sum": "4b51c71d716729f4a3955245596b1710",
    "settings": {
      "fd_thres": 0.2,
      "testing": false
    },
    "software": "mriqc",
    "version": "0.16.1",
    "webapi_port": null,
    "webapi_url": "https://mriqc.nimh.nih.gov/api/v1"
  },
  "size_t": 180,
  "size_x": 64,
  "size_y": 64,
  "size_z": 42,
  "snr": 2.406803750825603,
  "spacing_tr": 2.4000000953674316,
  "spacing_x": 3.0,
  "spacing_y": 3.0,
  "spacing_z": 3.0,
  "summary_bg_k": 82.99450034500045,
  "summary_bg_mad": 10.197007586267883,
  "summary_bg_mean": 52.1459846496582,
  "summary_bg_median": 28.505556106567383,
  "summary_bg_n": 102965.0,
  "summary_bg_p05": 20.566667556762695,
  "summary_bg_p95": 158.0788970947263,
  "summary_bg_stdv": 76.55720520019531,
  "summary_fg_k": 2.4917572384471454,
  "summary_fg_mad": 232.00254319187547,
  "summary_fg_mean": 748.26220703125,
  "summary_fg_median": 686.6055908203125,
  "summary_fg_n": 33988.0,
  "summary_fg_p05": 412.2130645751953,
  "summary_fg_p95": 1319.6905700683594,
  "summary_fg_stdv": 285.2727355957031,
  "tsnr": 59.13642203621566
}