{
  "bids_meta": {
    "AcquisitionNumber": 1,
    "AcquisitionTime": "16:53:52.397500",
    "BodyPartExamined": "HEAD",
    "ConversionSoftware": "dcm2niix",
    "ConversionSoftwareVersion": "v1.0.20170724 GCC4.8.5",
    "DeviceSerialNumber": "35353",
    "EchoTime": 0.00418,
    "FlipAngle": 9,
    "ImageType": [
      "ORIGINAL",
      "PRIMARY",
      "M",
      "ND",
      "NORM"
    ],
    "InstitutionAddress": "De_Pintelaan_185_Gent_88C96F_District_BE_9000",
    "InstitutionName": "UZ",
    "InversionTime": 0.9,
    "MagneticFieldStrength": 3,
    "Manufacturer": "Siemens",
    "ManufacturersModelName": "TrioTim",
    "Modality": "MR",
    "PhaseEncodingDirection": "i-",
    "PhaseEncodingLines": 256,
    "ProcedureStepDescription": "MR_hersenen_(stereotaxie_neuronavigatie)",
    "ProtocolName": "T1_mprage",
    "RepetitionTime": 1.59,
    "ScanningSequence": "GR_IR",
    "SequenceName": "_tfl3d1_ns",
    "SequenceVariant": "SP_MP",
    "SeriesDescription": "T1_mprage",
    "SoftwareVersions": "syngo_MR_B17",
    "dataset": "ds001226",
    "modality": "T1w",
    "session_id": "preop",
    "subject_id": "PAT01"
  },
  "cjv": 0.43923838871296744,
  "cnr": 3.06668691917632,
  "efc": 0.6445817493172515,
  "fber": 3278.7076000000006,
  "fwhm_avg": 3.4077930175601012,
  "fwhm_x": 3.586099052680304,
  "fwhm_y": 3.5311,
  "fwhm_z": 3.10618,
  "icvs_csf": 0.22198075261665678,
  "icvs_gm": 0.40622669821282253,
  "icvs_wm": 0.3717925491705207,
  "inu_med": 1.1366549730300903,
  "inu_range": 0.2834552228450775,
  "provenance": {
    "md5sum": "f6f419a0707333ac21abef535dcd4fea",
    "settings": {
      "testing": false
    },
    "software": "mriqc",
    "version": "0.16.1",
    "warnings": {
      "large_rot_frame": true,
      "small_air_mask": false
    },
    "webapi_port": null,
    "webapi_url": "https://mriqc.nimh.nih.gov/api/v1"
  },
  "qi_1": 0.0,
  "qi_2": 0.016625171846789816,
  "rpve_csf": 25.660406371929362,
  "rpve_gm": 13.763688726722217,
  "rpve_wm": 17.32881801882481,
  "size_x": 144,
  "size_y": 256,
  "size_z": 256,
  "snr_csf": 4.0020001864799095,
  "snr_gm": 12.52216315936816,
  "snr_total": 11.59692024090839,
  "snr_wm": 18.266597376877098,
  "snrd_csf": 41.10828829359182,
  "snrd_gm": 84.80521819720045,
  "snrd_total": 79.67849867740495,
  "snrd_wm": 113.12198954142256,
  "spacing_x": 1.000005841255188,
  "spacing_y": 1.0,
  "spacing_z": 1.0,
  "summary_bg_k": 340.9959734352479,
  "summary_bg_mad": 5.791414893945013,
  "summary_bg_mean": 8.900626056963011,
  "summary_bg_median": 7.754197731614113,
  "summary_bg_n": 2077502.0,
  "summary_bg_p05": 0.0,
  "summary_bg_p95": 23.612406626343727,
  "summary_bg_stdv": 9.059187790190652,
  "summary_csf_k": 2.5237759077688047,
  "summary_csf_mad": 75.54771070608868,
  "summary_csf_mean": 380.68231924447514,
  "summary_csf_median": 363.39785309135914,
  "summary_csf_n": 39310.0,
  "summary_csf_p05": 263.3191454507411,
  "summary_csf_p95": 555.0693775467572,
  "summary_csf_stdv": 90.80290202969141,
  "summary_gm_k": 0.12286293619706212,
  "summary_gm_mad": 58.51922213732498,
  "summary_gm_mean": 746.7336080917083,
  "summary_gm_median": 749.6793348267674,
  "summary_gm_n": 7608.0,
  "summary_gm_p05": 643.0357951216399,
  "summary_gm_p95": 841.6277952969074,
  "summary_gm_stdv": 59.86426262943564,
  "summary_wm_k": 0.442080260147534,
  "summary_wm_mad": 51.43122181936243,
  "summary_wm_mean": 1001.3751351345036,
  "summary_wm_median": 999.9999961853027,
  "summary_wm_n": 154972.0,
  "summary_wm_p05": 913.4211718887091,
  "summary_wm_p95": 1094.0415070205927,
  "summary_wm_stdv": 54.744556370234555,
  "tpm_overlap_csf": 0.16124726831912994,
  "tpm_overlap_gm": 0.418777734041214,
  "tpm_overlap_wm": 0.4750480055809021,
  "wm2max": 0.5324062577601192
}