{
  "aor": 0.0009667777777777778,
  "aqi": 0.0074793214444444445,
  "bids_meta": {
    "AccelFactPE": 2,
    "AcquisitionNumber": 1,
    "AcquisitionTime": "11:22:53.182500",
    "BandwidthPerPixelPhaseEncode": 65.104,
    "BodyPartExamined": "HEAD",
    "ConversionSoftware": "dcm2niix",
    "ConversionSoftwareVersion": "v1.0.20170724 GCC4.8.5",
    "DeviceSerialNumber": "35353",
    "EchoTime": 0.027,
    "EffectiveEchoSpacing": 0.000240001,
    "FlipAngle": 90,
    "ImageType": [
      "ORIGINAL",
      "PRIMARY",
      "M",
      "ND",
      "MOSAIC"
    ],
    "InstitutionAddress": "De_Pintelaan_185_Gent_ACCD6F_District_BE_9000",
    "InstitutionName": "UZ_Gent",
    "MagneticFieldStrength": 3,
    "Manufacturer": "Siemens",
    "ManufacturersModelName": "TrioTim",
    "Modality": "MR",
    "PhaseEncodingDirection": "j-",
    "PhaseEncodingLines": 64,
    "ProcedureStepDescription": "MR_hersenen_(stereotaxie_neuronavigatie)",
    "ProtocolName": "fMRI_Resting_State",
    "RepetitionTime": 2.4,
    "ScanningSequence": "EP",
    "SequenceName": "_epfid2d1_64",
    "SequenceVariant": "SK",
    "SeriesDescription": "fMRI_Resting_State",
    "SliceTiming": [
      2.3325,
      2.275,
      2.2175,
      2.1625,
      2.105,
      2.0475,
      1.99,
      1.935,
      1.8775,
      1.82,
      1.7625,
      1.7075,
      1.65,
      1.5925,
      1.535,
      1.48,
      1.4225,
      1.365,
      1.3075,
      1.2525,
      1.195,
      1.1375,
      1.08,
      1.025,
      0.9675,
      0.91,
      0.8525,
      0.7975,
      0.74,
      0.6825,
      0.625,
      0.57,
      0.5125,
      0.455,
      0.3975,
      0.3425,
      0.285,
      0.2275,
      0.17,
      0.115,
      0.0575,
      0
    ],
    "SoftwareVersions": "syngo_MR_B17",
    "TaskName": "rest",
    "TotalReadoutTime": 0.01464,
    "TrueEchoSpacing": 0.000480001,
    "dataset": "ds001226",
    "modality": "bold",
    "session_id": "preop",
    "subject_id": "PAT25",
    "task_id": "rest"
  },
  "dummy_trs": 0,
  "dvars_nstd": 38.7140647950838,
  "dvars_std": 1.0632144902793292,
  "dvars_vstd": 0.9826436469832397,
  "efc": 0.5755296998066587,
  "fber": 358.8253479003906,
  "fd_mean": 0.2806889377162634,
  "fd_num": 134,
  "fd_perc": 74.44444444444444,
  "fwhm_avg": 2.767832222222222,
  "fwhm_x": 2.614523333333333,
  "fwhm_y": 2.775306666666667,
  "fwhm_z": 2.9136666666666664,
  "gcor": 0.0109095,
  "gsr_x": 0.0011877520009875298,
  "gsr_y": 0.06135166436433792,
  "provenance": {
    "md5sum": "94d2140f3eff3b3cf99e80a2f459ac82",
    "settings": {
      "fd_thres": 0.2,
      "testing": false
    },
    "software": "mriqc",
    "version": "0.16.1",
    "webapi_port": null,
    "webapi_url": "https://mriqc.nimh.nih.gov/api/v1"
  },
  "size_t": 180,
  "size_x": 64,
  "size_y": 64,
  "size_z": 42,
  "snr": 2.897831962222753,
  "spacing_tr": 2.4000000953674316,
  "spacing_x": 3.0,
  "spacing_y": 3.0,
  "spacing_z": 3.0,
  "summary_bg_k": 40.62326785125285,
  "summary_bg_mad": 12.173811486888457,
  "summary_bg_mean": 49.40497589111328,
  "summary_bg_median": 28.483333587646484,
  "summary_bg_n": 95846.0,
  "summary_bg_p05": 18.916667938232422,
  "summary_bg_p95": 139.76806259155273,
  "summary_bg_stdv": 62.50503921508789,
  "summary_fg_k": 2.892312145887783,
  "summary_fg_mad": 157.18053916584503,
  "summary_fg_mean": 577.021240234375,
  "summary_fg_median": 541.7777709960938,
  "summary_fg_n": 38929.0,
  "summary_fg_p05": 341.495556640625,
  "summary_fg_p95": 929.4444580078125,
  "summary_fg_stdv": 186.95729064941406,
  "tsnr": 38.22427780018188
}