{
  "aor": 0.0009190555555555557,
  "aqi": 0.006762576055555556,
  "bids_meta": {
    "AccelFactPE": 2,
    "AcquisitionNumber": 1,
    "AcquisitionTime": "17:28:59.730000",
    "BandwidthPerPixelPhaseEncode": 65.104,
    "BodyPartExamined": "HEAD",
    "ConversionSoftware": "dcm2niix",
    "ConversionSoftwareVersion": "v1.0.20170724 GCC4.8.5",
    "DeviceSerialNumber": "35353",
    "EchoTime": 0.027,
    "EffectiveEchoSpacing": 0.000240001,
    "FlipAngle": 90,
    "ImageType": [
      "ORIGINAL",
      "PRIMARY",
      "M",
      "ND",
      "MOSAIC"
    ],
    "InstitutionAddress": "De_Pintelaan_185_Gent_88C96F_District_BE_9000",
    "InstitutionName": "UZ",
    "MagneticFieldStrength": 3,
    "Manufacturer": "Siemens",
    "ManufacturersModelName": "TrioTim",
    "Modality": "MR",
    "PhaseEncodingDirection": "j-",
    "PhaseEncodingLines": 64,
    "ProcedureStepDescription": "MR_hersenen_(structuur_alleen)",
    "ProtocolName": "fMRI_Resting_State",
    "RepetitionTime": 2.4,
    "ScanningSequence": "EP",
    "SequenceName": "_epfid2d1_64",
    "SequenceVariant": "SK",
    "SeriesDescription": "fMRI_Resting_State",
    "SliceTiming": [
      2.3325,
      2.275,
      2.2175,
      2.1625,
      2.105,
      2.0475,
      1.99,
      1.935,
      1.8775,
      1.82,
      1.7625,
      1.7075,
      1.65,
      1.5925,
      1.535,
      1.48,
      1.4225,
      1.365,
      1.3075,
      1.2525,
      1.195,
      1.1375,
      1.08,
      1.025,
      0.9675,
      0.91,
      0.8525,
      0.795,
      0.74,
      0.6825,
      0.625,
      0.5675,
      0.5125,
      0.455,
      0.3975,
      0.34,
      0.285,
      0.2275,
      0.17,
      0.1125,
      0.0575,
      0
    ],
    "SoftwareVersions": "syngo_MR_B17",
    "TaskName": "rest",
    "TotalReadoutTime": 0.01464,
    "TrueEchoSpacing": 0.000480001,
    "dataset": "ds001226",
    "modality": "bold",
    "session_id": "preop",
    "subject_id": "CON07",
    "task_id": "rest"
  },
  "dummy_trs": 0,
  "dvars_nstd": 35.50874148536313,
  "dvars_std": 1.0392293809497204,
  "dvars_vstd": 0.9758513490502789,
  "efc": 0.5790017276353034,
  "fber": 334.68109130859375,
  "fd_mean": 0.19379000928413717,
  "fd_num": 61,
  "fd_perc": 33.888888888888886,
  "fwhm_avg": 2.899837777777778,
  "fwhm_x": 2.7746733333333338,
  "fwhm_y": 2.8778666666666664,
  "fwhm_z": 3.0469733333333333,
  "gcor": 0.0265743,
  "gsr_x": -0.008817041292786598,
  "gsr_y": 0.07706621289253235,
  "provenance": {
    "md5sum": "9546387b99003dfd1a5e813170cc95c9",
    "settings": {
      "fd_thres": 0.2,
      "testing": false
    },
    "software": "mriqc",
    "version": "0.16.1",
    "webapi_port": null,
    "webapi_url": "https://mriqc.nimh.nih.gov/api/v1"
  },
  "size_t": 180,
  "size_x": 64,
  "size_y": 64,
  "size_z": 42,
  "snr": 2.748843170637381,
  "spacing_tr": 2.4000000953674316,
  "spacing_x": 3.0,
  "spacing_y": 3.0,
  "spacing_z": 3.0,
  "summary_bg_k": 82.35739361016698,
  "summary_bg_mad": 14.603632417848042,
  "summary_bg_mean": 57.82162857055664,
  "summary_bg_median": 31.977779388427734,
  "summary_bg_n": 95298.0,
  "summary_bg_p05": 20.91111183166504,
  "summary_bg_p95": 154.55722351074212,
  "summary_bg_stdv": 87.99837493896484,
  "summary_fg_k": 2.4466367396888478,
  "summary_fg_mad": 180.1979295590587,
  "summary_fg_mean": 627.86669921875,
  "summary_fg_median": 589.6111450195312,
  "summary_fg_n": 39860.0,
  "summary_fg_p05": 356.83278808593747,
  "summary_fg_p95": 1039.3169921874985,
  "summary_fg_stdv": 214.49159240722656,
  "tsnr": 38.879770488711074
}