{
  "bids_meta": {
    "AccelFactPE": 2,
    "AcquisitionNumber": 1,
    "AcquisitionTime": "14:54:58.192500",
    "BodyPartExamined": "HEAD",
    "ConversionSoftware": "dcm2niix",
    "ConversionSoftwareVersion": "v1.0.20170724 GCC4.8.5",
    "DeviceSerialNumber": "35353",
    "EchoTime": 0.00418,
    "FlipAngle": 9,
    "ImageType": [
      "ORIGINAL",
      "PRIMARY",
      "M",
      "ND",
      "NORM"
    ],
    "InstitutionAddress": "De_Pintelaan_185_Gent_ACCD6F_District_BE_9000",
    "InstitutionName": "UZ_Gent",
    "InversionTime": 0.9,
    "MagneticFieldStrength": 3,
    "Manufacturer": "Siemens",
    "ManufacturersModelName": "TrioTim",
    "Modality": "MR",
    "PhaseEncodingDirection": "i-",
    "PhaseEncodingLines": 256,
    "ProcedureStepDescription": "MR_hersenen_(stereotaxie_neuronavigatie)",
    "ProtocolName": "T1_mprage",
    "RepetitionTime": 1.75,
    "ScanningSequence": "GR_IR",
    "SequenceName": "_tfl3d1_ns",
    "SequenceVariant": "SP_MP",
    "SeriesDescription": "T1_mprage",
    "SoftwareVersions": "syngo_MR_B17",
    "dataset": "ds001226",
    "modality": "T1w",
    "session_id": "preop",
    "subject_id": "PAT24"
  },
  "cjv": 0.5817733404915352,
  "cnr": 2.342275025066569,
  "efc": 0.6155339744744077,
  "fber": 7202.843100189036,
  "fwhm_avg": 3.5811151122150435,
  "fwhm_x": 3.730585336645131,
  "fwhm_y": 3.67056,
  "fwhm_z": 3.3422,
  "icvs_csf": 0.2503695641234262,
  "icvs_gm": 0.3749051501277235,
  "icvs_wm": 0.3747252857488503,
  "inu_med": 1.4007189273834229,
  "inu_range": 0.4879179716110229,
  "provenance": {
    "md5sum": "dbc821556f3fcf9cf6600938405148b6",
    "settings": {
      "testing": false
    },
    "software": "mriqc",
    "version": "0.16.1",
    "warnings": {
      "large_rot_frame": true,
      "small_air_mask": false
    },
    "webapi_port": null,
    "webapi_url": "https://mriqc.nimh.nih.gov/api/v1"
  },
  "qi_1": 2.676914404897071e-06,
  "qi_2": 0.013621517132390633,
  "rpve_csf": 20.407083097341143,
  "rpve_gm": 12.596616920033853,
  "rpve_wm": 15.010882289683405,
  "size_x": 160,
  "size_y": 256,
  "size_z": 256,
  "snr_csf": 3.793419129669999,
  "snr_gm": 12.943655423820296,
  "snr_total": 12.134074477353295,
  "snr_wm": 19.665148878569592,
  "snrd_csf": 37.97866137359026,
  "snrd_gm": 85.2523656104046,
  "snrd_total": 76.1588833096858,
  "snrd_wm": 105.24562294506255,
  "spacing_x": 0.9999985694885254,
  "spacing_y": 1.0,
  "spacing_z": 1.0,
  "summary_bg_k": 339.0816759526139,
  "summary_bg_mad": 6.22483242405911,
  "summary_bg_mean": 8.465356626121366,
  "summary_bg_median": 8.323511935770512,
  "summary_bg_n": 2400155.0,
  "summary_bg_p05": 0.0,
  "summary_bg_p95": 24.970535807311535,
  "summary_bg_stdv": 8.712122515075716,
  "summary_csf_k": 1.8962276816830252,
  "summary_csf_mad": 74.58878150232232,
  "summary_csf_mean": 383.26933915981243,
  "summary_csf_median": 360.85738914459944,
  "summary_csf_n": 61276.0,
  "summary_csf_p05": 269.7407142370939,
  "summary_csf_p95": 575.574533328414,
  "summary_csf_stdv": 95.12643667173504,
  "summary_gm_k": 0.03549576845298397,
  "summary_gm_mad": 62.139116654204095,
  "summary_gm_mean": 810.7203319183865,
  "summary_gm_median": 810.0323960855603,
  "summary_gm_n": 11287.0,
  "summary_gm_p05": 709.2884379036725,
  "summary_gm_p95": 915.490555717796,
  "summary_gm_stdv": 62.5786522698104,
  "summary_wm_k": 0.38794080576206547,
  "summary_wm_mad": 48.37896076944185,
  "summary_wm_mean": 1000.169420549637,
  "summary_wm_median": 999.9999826550484,
  "summary_wm_n": 201456.0,
  "summary_wm_p05": 916.9858414903283,
  "summary_wm_p95": 1084.3399929776788,
  "summary_wm_stdv": 50.85125502457986,
  "tpm_overlap_csf": 0.1594313532114029,
  "tpm_overlap_gm": 0.40653160214424133,
  "tpm_overlap_wm": 0.4817405045032501,
  "wm2max": 0.49920941349512776
}