{
  "aor": 0.0008423888888888888,
  "aqi": 0.005292201333333334,
  "bids_meta": {
    "AccelFactPE": 2,
    "AcquisitionNumber": 1,
    "AcquisitionTime": "13:24:51.077500",
    "BandwidthPerPixelPhaseEncode": 54.113,
    "BodyPartExamined": "HEAD",
    "ConversionSoftware": "dcm2niix",
    "ConversionSoftwareVersion": "v1.0.20170724 GCC4.8.5",
    "DeviceSerialNumber": "35353",
    "EchoTime": 0.027,
    "EffectiveEchoSpacing": 0.000288748,
    "FlipAngle": 90,
    "ImageType": [
      "ORIGINAL",
      "PRIMARY",
      "M",
      "ND",
      "MOSAIC"
    ],
    "InstitutionAddress": "De_Pintelaan_185_Gent_88C96F_District_BE_9000",
    "InstitutionName": "UZ",
    "MagneticFieldStrength": 3,
    "Manufacturer": "Siemens",
    "ManufacturersModelName": "TrioTim",
    "Modality": "MR",
    "PhaseEncodingDirection": "j-",
    "PhaseEncodingLines": 64,
    "ProcedureStepDescription": "MR_hersenen_(structuur_alleen)",
    "ProtocolName": "fMRI_Resting_State",
    "RepetitionTime": 2.4,
    "ScanningSequence": "EP",
    "SequenceName": "_epfid2d1_64",
    "SequenceVariant": "SK_OSP",
    "SeriesDescription": "fMRI_Resting_State",
    "SliceTiming": [
      2.3325,
      2.275,
      2.2175,
      2.1625,
      2.105,
      2.0475,
      1.99,
      1.935,
      1.8775,
      1.82,
      1.7625,
      1.7075,
      1.65,
      1.5925,
      1.535,
      1.48,
      1.4225,
      1.365,
      1.3075,
      1.2525,
      1.195,
      1.1375,
      1.08,
      1.025,
      0.9675,
      0.91,
      0.8525,
      0.7975,
      0.74,
      0.6825,
      0.625,
      0.57,
      0.5125,
      0.455,
      0.3975,
      0.34,
      0.285,
      0.2275,
      0.17,
      0.1125,
      0.0575,
      0
    ],
    "SoftwareVersions": "syngo_MR_B17",
    "TaskName": "rest",
    "TotalReadoutTime": 0.0216561,
    "TrueEchoSpacing": 0.000577495,
    "dataset": "ds001226",
    "modality": "bold",
    "session_id": "preop",
    "subject_id": "CON05",
    "task_id": "rest"
  },
  "dummy_trs": 0,
  "dvars_nstd": 29.429017498603347,
  "dvars_std": 1.0162718244692739,
  "dvars_vstd": 0.9633710793854753,
  "efc": 0.5844384222586184,
  "fber": 339.5500183105469,
  "fd_mean": 0.10051457154901797,
  "fd_num": 7,
  "fd_perc": 3.888888888888889,
  "fwhm_avg": 2.950463333333333,
  "fwhm_x": 2.79871,
  "fwhm_y": 3.0861466666666666,
  "fwhm_z": 2.966533333333333,
  "gcor": 0.0263553,
  "gsr_x": 0.0034312980715185404,
  "gsr_y": 0.07327134162187576,
  "provenance": {
    "md5sum": "85d63a389da6a2bb9551856cf8c9f24b",
    "settings": {
      "fd_thres": 0.2,
      "testing": false
    },
    "software": "mriqc",
    "version": "0.16.1",
    "webapi_port": null,
    "webapi_url": "https://mriqc.nimh.nih.gov/api/v1"
  },
  "size_t": 180,
  "size_x": 64,
  "size_y": 64,
  "size_z": 42,
  "snr": 2.34590192619165,
  "spacing_tr": 2.4000000953674316,
  "spacing_x": 3.0,
  "spacing_y": 3.0,
  "spacing_z": 3.0,
  "summary_bg_k": 32.24866339775083,
  "summary_bg_mad": 15.75676590566389,
  "summary_bg_mean": 65.04498291015625,
  "summary_bg_median": 32.122222900390625,
  "summary_bg_n": 91585.0,
  "summary_bg_p05": 19.66777877807617,
  "summary_bg_p95": 227.8566711425782,
  "summary_bg_stdv": 95.58866882324219,
  "summary_fg_k": 4.643298679060486,
  "summary_fg_mad": 195.76941543283843,
  "summary_fg_mean": 662.7459106445312,
  "summary_fg_median": 605.094482421875,
  "summary_fg_n": 41145.0,
  "summary_fg_p05": 371.2777770996094,
  "summary_fg_p95": 1169.3300292968747,
  "summary_fg_stdv": 257.9336853027344,
  "tsnr": 42.20170569047332
}