{
  "bids_meta": {
    "AccelFactPE": 2,
    "AcquisitionNumber": 1,
    "AcquisitionTime": "14:12:7.195000",
    "BodyPartExamined": "HEAD",
    "ConversionSoftware": "dcm2niix",
    "ConversionSoftwareVersion": "v1.0.20170724 GCC4.8.5",
    "DeviceSerialNumber": "35353",
    "EchoTime": 0.00418,
    "FlipAngle": 9,
    "ImageType": [
      "ORIGINAL",
      "PRIMARY",
      "M",
      "ND",
      "NORM"
    ],
    "InstitutionAddress": "De_Pintelaan_185_Gent_ACCD6F_District_BE_9000",
    "InstitutionName": "UZ_Gent",
    "InversionTime": 0.9,
    "MagneticFieldStrength": 3,
    "Manufacturer": "Siemens",
    "ManufacturersModelName": "TrioTim",
    "Modality": "MR",
    "PhaseEncodingDirection": "i-",
    "PhaseEncodingLines": 256,
    "ProcedureStepDescription": "Brain_Research_3T_MRP",
    "ProtocolName": "T1_mprage",
    "RepetitionTime": 1.75,
    "ScanningSequence": "GR_IR",
    "SequenceName": "_tfl3d1_ns",
    "SequenceVariant": "SP_MP",
    "SeriesDescription": "T1_mprage",
    "SoftwareVersions": "syngo_MR_B17",
    "dataset": "ds001226",
    "modality": "T1w",
    "session_id": "preop",
    "subject_id": "CON11"
  },
  "cjv": 0.5041085329962913,
  "cnr": 2.6748244689868526,
  "efc": 0.5868959342085276,
  "fber": 6087.975171406548,
  "fwhm_avg": 3.7293303923804735,
  "fwhm_x": 3.949831177141421,
  "fwhm_y": 3.78103,
  "fwhm_z": 3.45713,
  "icvs_csf": 0.23087516921632875,
  "icvs_gm": 0.4016264780041571,
  "icvs_wm": 0.36749835277951415,
  "inu_med": 1.2828282117843628,
  "inu_range": 0.4318462491035462,
  "provenance": {
    "md5sum": "4c09b313e36da222eeb78be6a176b405",
    "settings": {
      "testing": false
    },
    "software": "mriqc",
    "version": "0.16.1",
    "warnings": {
      "large_rot_frame": true,
      "small_air_mask": false
    },
    "webapi_port": null,
    "webapi_url": "https://mriqc.nimh.nih.gov/api/v1"
  },
  "qi_1": 0.0,
  "qi_2": 0.014616050111493592,
  "rpve_csf": 23.64470100059927,
  "rpve_gm": 13.244441910404314,
  "rpve_wm": 16.67288499012846,
  "size_x": 160,
  "size_y": 256,
  "size_z": 256,
  "snr_csf": 3.9919297553666935,
  "snr_gm": 13.527329583311873,
  "snr_total": 12.169130046970642,
  "snr_wm": 18.988130802233353,
  "snrd_csf": 37.53766177870287,
  "snrd_gm": 77.96713865792569,
  "snrd_total": 71.46568201349432,
  "snrd_wm": 98.89224560385438,
  "spacing_x": 0.9999997019767761,
  "spacing_y": 1.0,
  "spacing_z": 1.0,
  "summary_bg_k": 472.52462006361424,
  "summary_bg_mad": 6.62474977347124,
  "summary_bg_mean": 8.700403709561357,
  "summary_bg_median": 4.468325819820166,
  "summary_bg_n": 3195246.0,
  "summary_bg_p05": 0.0,
  "summary_bg_p95": 26.583710573613644,
  "summary_bg_stdv": 9.363732645406895,
  "summary_csf_k": 1.568698004328665,
  "summary_csf_mad": 83.27058892477142,
  "summary_csf_mean": 395.20702135273285,
  "summary_csf_median": 379.58145033940673,
  "summary_csf_n": 42650.0,
  "summary_csf_p05": 268.89140439778566,
  "summary_csf_p95": 575.509053375572,
  "summary_csf_stdv": 95.08609209484163,
  "summary_gm_k": 0.23170019387278806,
  "summary_gm_mad": 56.268444278470916,
  "summary_gm_mean": 788.6503879486754,
  "summary_gm_median": 788.4049823097885,
  "summary_gm_n": 12749.0,
  "summary_gm_p05": 692.2511355541646,
  "summary_gm_p95": 885.452494229376,
  "summary_gm_stdv": 58.28009560796541,
  "summary_wm_k": 0.43645001472388945,
  "summary_wm_mad": 50.39841283362298,
  "summary_wm_mean": 1000.634948608577,
  "summary_wm_median": 1000.0000062584877,
  "summary_wm_n": 175232.0,
  "summary_wm_p05": 915.1894853657112,
  "summary_wm_p95": 1088.348423101008,
  "summary_wm_stdv": 52.66432822216835,
  "tpm_overlap_csf": 0.16487723588943481,
  "tpm_overlap_gm": 0.42825430631637573,
  "tpm_overlap_wm": 0.4864501953125,
  "wm2max": 0.44866126824131075
}