{
  "aor": 0.0007650555555555555,
  "aqi": 0.014722243833333332,
  "bids_meta": {
    "AccelFactPE": 2,
    "AcquisitionNumber": 1,
    "AcquisitionTime": "12:56:6.252500",
    "BandwidthPerPixelPhaseEncode": 65.104,
    "BodyPartExamined": "HEAD",
    "ConversionSoftware": "dcm2niix",
    "ConversionSoftwareVersion": "v1.0.20170724 GCC4.8.5",
    "DeviceSerialNumber": "35353",
    "EchoTime": 0.027,
    "EffectiveEchoSpacing": 0.000240001,
    "FlipAngle": 90,
    "ImageType": [
      "ORIGINAL",
      "PRIMARY",
      "M",
      "ND",
      "MOSAIC"
    ],
    "InstitutionAddress": "De_Pintelaan_185_Gent_88C96F_District_BE_9000",
    "InstitutionName": "UZ",
    "MagneticFieldStrength": 3,
    "Manufacturer": "Siemens",
    "ManufacturersModelName": "TrioTim",
    "Modality": "MR",
    "PhaseEncodingDirection": "j-",
    "PhaseEncodingLines": 64,
    "ProcedureStepDescription": "MR_hersenen_(stereotaxie_neuronavigatie)",
    "ProtocolName": "RESTING_STATE",
    "RepetitionTime": 2.1,
    "ScanningSequence": "EP",
    "SequenceName": "_epfid2d1_64",
    "SequenceVariant": "SK",
    "SeriesDescription": "RESTING_STATE",
    "SliceTiming": [
      2.04,
      1.99,
      1.94,
      1.89,
      1.84,
      1.79,
      1.74,
      1.69,
      1.6425,
      1.5925,
      1.5425,
      1.4925,
      1.4425,
      1.3925,
      1.3425,
      1.2925,
      1.245,
      1.195,
      1.145,
      1.095,
      1.045,
      0.995,
      0.945,
      0.895,
      0.845,
      0.7975,
      0.7475,
      0.6975,
      0.6475,
      0.5975,
      0.5475,
      0.4975,
      0.4475,
      0.3975,
      0.35,
      0.3,
      0.25,
      0.2,
      0.15,
      0.1,
      0.05,
      0
    ],
    "SoftwareVersions": "syngo_MR_B17",
    "TaskName": "rest",
    "TotalReadoutTime": 0.01464,
    "TrueEchoSpacing": 0.000480001,
    "dataset": "ds001226",
    "modality": "bold",
    "session_id": "preop",
    "subject_id": "PAT08",
    "task_id": "rest"
  },
  "dummy_trs": 0,
  "dvars_nstd": 75.05917128251399,
  "dvars_std": 1.1612018006703908,
  "dvars_vstd": 0.9801825658100561,
  "efc": 0.6154946394517594,
  "fber": 167.6560821533203,
  "fd_mean": 0.909519766822077,
  "fd_num": 178,
  "fd_perc": 98.88888888888889,
  "fwhm_avg": 2.5913603159687617,
  "fwhm_x": 2.3628966666666664,
  "fwhm_y": 2.7249266666666667,
  "fwhm_z": 2.686257614572953,
  "gcor": 0.0197897,
  "gsr_x": 0.024133609607815742,
  "gsr_y": 0.0530850812792778,
  "provenance": {
    "md5sum": "311a9f691cd052a0f3cc2d558e2ae747",
    "settings": {
      "fd_thres": 0.2,
      "testing": false
    },
    "software": "mriqc",
    "version": "0.16.1",
    "webapi_port": null,
    "webapi_url": "https://mriqc.nimh.nih.gov/api/v1"
  },
  "size_t": 180,
  "size_x": 64,
  "size_y": 64,
  "size_z": 42,
  "snr": 2.9771458791702496,
  "spacing_tr": 2.0999999046325684,
  "spacing_x": 3.0,
  "spacing_y": 3.0,
  "spacing_z": 3.299999952316284,
  "summary_bg_k": 44.26160736803725,
  "summary_bg_mad": 24.00168490691968,
  "summary_bg_mean": 63.619998931884766,
  "summary_bg_median": 40.60000228881836,
  "summary_bg_n": 91896.0,
  "summary_bg_p05": 21.116666793823242,
  "summary_bg_p95": 184.8625030517578,
  "summary_bg_stdv": 74.71900939941406,
  "summary_fg_k": 1.7962579186249856,
  "summary_fg_mad": 156.72754193038122,
  "summary_fg_mean": 549.9942626953125,
  "summary_fg_median": 526.20556640625,
  "summary_fg_n": 40889.0,
  "summary_fg_p05": 307.0944519042969,
  "summary_fg_p95": 876.8644775390625,
  "summary_fg_stdv": 176.7461700439453,
  "tsnr": 27.417013183236122
}