{
  "bids_meta": {
    "AccelFactPE": 2,
    "AcquisitionNumber": 1,
    "AcquisitionTime": "13:43:12.287500",
    "BodyPartExamined": "HEAD",
    "ConversionSoftware": "dcm2niix",
    "ConversionSoftwareVersion": "v1.0.20170724 GCC4.8.5",
    "DeviceSerialNumber": "35353",
    "EchoTime": 0.00418,
    "FlipAngle": 9,
    "ImageType": [
      "ORIGINAL",
      "PRIMARY",
      "M",
      "ND",
      "NORM"
    ],
    "InstitutionAddress": "De_Pintelaan_185_Gent_88C96F_District_BE_9000",
    "InstitutionName": "UZ",
    "InversionTime": 0.9,
    "MagneticFieldStrength": 3,
    "Manufacturer": "Siemens",
    "ManufacturersModelName": "TrioTim",
    "Modality": "MR",
    "PhaseEncodingDirection": "i-",
    "PhaseEncodingLines": 256,
    "ProcedureStepDescription": "MR_hersenen_(structuur_alleen)",
    "ProtocolName": "T1_mprage",
    "RepetitionTime": 1.7,
    "ScanningSequence": "GR_IR",
    "SequenceName": "_tfl3d1_ns",
    "SequenceVariant": "SP_MP",
    "SeriesDescription": "T1_mprage",
    "SoftwareVersions": "syngo_MR_B17",
    "dataset": "ds001226",
    "modality": "T1w",
    "session_id": "preop",
    "subject_id": "PAT07"
  },
  "cjv": 0.7335523171700191,
  "cnr": 1.7985242905459813,
  "efc": 0.6490559952355346,
  "fber": 4201.0623711080925,
  "fwhm_avg": 3.5698546244389617,
  "fwhm_x": 3.694533873316885,
  "fwhm_y": 3.7368,
  "fwhm_z": 3.27823,
  "icvs_csf": 0.2220145475504607,
  "icvs_gm": 0.39334967359894624,
  "icvs_wm": 0.384635778850593,
  "inu_med": 1.3798956871032715,
  "inu_range": 0.5366772413253782,
  "provenance": {
    "md5sum": "fa4e189136841283b9c2aa8a06954105",
    "settings": {
      "testing": false
    },
    "software": "mriqc",
    "version": "0.16.1",
    "warnings": {
      "large_rot_frame": true,
      "small_air_mask": false
    },
    "webapi_port": null,
    "webapi_url": "https://mriqc.nimh.nih.gov/api/v1"
  },
  "qi_1": 4.659088658962863e-06,
  "qi_2": 0.02198238082771686,
  "rpve_csf": 21.872481783111873,
  "rpve_gm": 12.011428484983895,
  "rpve_wm": 14.442848012449113,
  "size_x": 160,
  "size_y": 256,
  "size_z": 256,
  "snr_csf": 3.2197813080529443,
  "snr_gm": 11.6906057209288,
  "snr_total": 11.120158407868354,
  "snr_wm": 18.450088194623316,
  "snrd_csf": 41.93185450089301,
  "snrd_gm": 97.40224498413713,
  "snrd_total": 85.20816083892228,
  "snrd_wm": 116.2903830317367,
  "spacing_x": 0.9999962449073792,
  "spacing_y": 1.0,
  "spacing_z": 1.0,
  "summary_bg_k": 1602.9602243233855,
  "summary_bg_mad": 5.633624641516735,
  "summary_bg_mean": 8.790656978742412,
  "summary_bg_median": 7.599644154310226,
  "summary_bg_n": 2366567.0,
  "summary_bg_p05": 0.0,
  "summary_bg_p95": 23.041474297642708,
  "summary_bg_stdv": 9.23868526760545,
  "summary_csf_k": 1.87140587629285,
  "summary_csf_mad": 86.06260622572374,
  "summary_csf_mean": 389.5547099060112,
  "summary_csf_median": 360.57886093854904,
  "summary_csf_n": 38923.0,
  "summary_csf_p05": 260.97501415014267,
  "summary_csf_p95": 615.158855380118,
  "summary_csf_stdv": 111.98718001621036,
  "summary_gm_k": 0.19589554364725004,
  "summary_gm_mad": 68.68227488487425,
  "summary_gm_mean": 840.474181814936,
  "summary_gm_median": 837.5778025388718,
  "summary_gm_n": 11953.0,
  "summary_gm_p05": 728.7250271201134,
  "summary_gm_p95": 966.1249749362469,
  "summary_gm_stdv": 71.64237555339348,
  "summary_wm_k": 0.6140354860137727,
  "summary_wm_mad": 50.46289306550097,
  "summary_wm_mean": 1001.9694118096083,
  "summary_wm_median": 999.9999845176935,
  "summary_wm_n": 217401.0,
  "summary_wm_p05": 916.3230515420437,
  "summary_wm_p95": 1094.9955364465714,
  "summary_wm_stdv": 54.20015742304565,
  "tpm_overlap_csf": 0.16671666502952576,
  "tpm_overlap_gm": 0.4176608920097351,
  "tpm_overlap_wm": 0.48109737038612366,
  "wm2max": 0.430134516928315
}