{
  "bids_meta": {
    "AccelFactPE": 2,
    "AcquisitionNumber": 1,
    "AcquisitionTime": "12:39:31.290000",
    "BodyPartExamined": "HEAD",
    "ConversionSoftware": "dcm2niix",
    "ConversionSoftwareVersion": "v1.0.20170724 GCC4.8.5",
    "DeviceSerialNumber": "35353",
    "EchoTime": 0.00418,
    "FlipAngle": 9,
    "ImageType": [
      "ORIGINAL",
      "PRIMARY",
      "M",
      "ND",
      "NORM"
    ],
    "InstitutionAddress": "De_Pintelaan_185_Gent_88C96F_District_BE_9000",
    "InstitutionName": "UZ",
    "InversionTime": 0.9,
    "MagneticFieldStrength": 3,
    "Manufacturer": "Siemens",
    "ManufacturersModelName": "TrioTim",
    "Modality": "MR",
    "PhaseEncodingDirection": "i-",
    "PhaseEncodingLines": 256,
    "ProcedureStepDescription": "Brain_Research_3T_MRP",
    "ProtocolName": "T1_mprage",
    "RepetitionTime": 1.7,
    "ScanningSequence": "GR_IR",
    "SequenceName": "_tfl3d1_ns",
    "SequenceVariant": "SP_MP",
    "SeriesDescription": "T1_mprage",
    "SoftwareVersions": "syngo_MR_B17",
    "dataset": "ds001226",
    "modality": "T1w",
    "session_id": "preop",
    "subject_id": "CON02"
  },
  "cjv": 0.6285271068309752,
  "cnr": 2.06216089710049,
  "efc": 0.6195806140993689,
  "fber": 2845.9058193115243,
  "fwhm_avg": 3.850745467236038,
  "fwhm_x": 3.9591364017081156,
  "fwhm_y": 4.04927,
  "fwhm_z": 3.54383,
  "icvs_csf": 0.23007518836815627,
  "icvs_gm": 0.3870505866225164,
  "icvs_wm": 0.38287422500932733,
  "inu_med": 1.4348851442337036,
  "inu_range": 0.5136035323143004,
  "provenance": {
    "md5sum": "79f93cf54de5fda126adc97366d58e99",
    "settings": {
      "testing": false
    },
    "software": "mriqc",
    "version": "0.16.1",
    "warnings": {
      "large_rot_frame": true,
      "small_air_mask": false
    },
    "webapi_port": null,
    "webapi_url": "https://mriqc.nimh.nih.gov/api/v1"
  },
  "qi_1": 0.0,
  "qi_2": 0.014023379716989515,
  "rpve_csf": 23.42927947072885,
  "rpve_gm": 13.196045140041361,
  "rpve_wm": 15.71290632982524,
  "size_x": 160,
  "size_y": 256,
  "size_z": 256,
  "snr_csf": 4.304990527285954,
  "snr_gm": 11.45306097178901,
  "snr_total": 12.027116937911359,
  "snr_wm": 20.323299314659106,
  "snrd_csf": 45.19255619108679,
  "snrd_gm": 108.26127905331457,
  "snrd_total": 95.16012439335624,
  "snrd_wm": 132.0265379356674,
  "spacing_x": 1.0000059604644775,
  "spacing_y": 1.0,
  "spacing_z": 1.0,
  "summary_bg_k": 6.266090599491198,
  "summary_bg_mad": 4.96245867505668,
  "summary_bg_mean": 9.111332382219217,
  "summary_bg_median": 6.694255024194717,
  "summary_bg_n": 2365439.0,
  "summary_bg_p05": 0.0,
  "summary_bg_p95": 26.47273577749729,
  "summary_bg_stdv": 8.523487403702982,
  "summary_csf_k": 2.684670591597926,
  "summary_csf_mad": 61.26380800660883,
  "summary_csf_mean": 358.878929962229,
  "summary_csf_median": 342.3198591917753,
  "summary_csf_n": 55963.0,
  "summary_csf_p05": 262.53651067614555,
  "summary_csf_p95": 515.5184937268496,
  "summary_csf_stdv": 79.5162726980142,
  "summary_gm_k": 0.38187513497157166,
  "summary_gm_mad": 66.2262666816655,
  "summary_gm_mean": 823.662102910688,
  "summary_gm_median": 820.0462404638529,
  "summary_gm_n": 12692.0,
  "summary_gm_p05": 712.086163982749,
  "summary_gm_p95": 950.1247441135347,
  "summary_gm_stdv": 71.59779697429971,
  "summary_wm_k": 0.506653439418463,
  "summary_wm_mad": 46.91779110962679,
  "summary_wm_mean": 1001.9647653628639,
  "summary_wm_median": 1000.0608437508345,
  "summary_wm_n": 198636.0,
  "summary_wm_p05": 924.780903160572,
  "summary_wm_p95": 1085.8081649243832,
  "summary_wm_stdv": 49.20747910778911,
  "tpm_overlap_csf": 0.17463816702365875,
  "tpm_overlap_gm": 0.4156535565853119,
  "tpm_overlap_wm": 0.4958479702472687,
  "wm2max": 0.4440736789385651
}