{
  "bids_meta": {
    "AccelFactPE": 2,
    "AcquisitionNumber": 1,
    "AcquisitionTime": "14:35:50.182500",
    "BodyPartExamined": "HEAD",
    "ConversionSoftware": "dcm2niix",
    "ConversionSoftwareVersion": "v1.0.20170724 GCC4.8.5",
    "DeviceSerialNumber": "35353",
    "EchoTime": 0.0042,
    "FlipAngle": 9,
    "ImageType": [
      "ORIGINAL",
      "PRIMARY",
      "M",
      "ND",
      "NORM"
    ],
    "InstitutionAddress": "De_Pintelaan_185_Gent_9C4B6E_District_BE_9000",
    "InstitutionName": "UZ_Gent",
    "InversionTime": 0.9,
    "MagneticFieldStrength": 3,
    "Manufacturer": "Siemens",
    "ManufacturersModelName": "TrioTim",
    "Modality": "MR",
    "PhaseEncodingDirection": "i-",
    "PhaseEncodingLines": 256,
    "ProcedureStepDescription": "Brain_Research_3T_MRP",
    "ProtocolName": "T1_mprage",
    "RepetitionTime": 1.75,
    "ScanningSequence": "GR_IR",
    "SequenceName": "_tfl3d1_ns",
    "SequenceVariant": "SP_MP",
    "SeriesDescription": "T1_mprage",
    "SoftwareVersions": "syngo_MR_B17",
    "dataset": "ds001226",
    "modality": "T1w",
    "session_id": "preop",
    "subject_id": "PAT29"
  },
  "cjv": 0.4438320169657995,
  "cnr": 3.0365607370304035,
  "efc": 0.6037639392721514,
  "fber": 5420.143170197224,
  "fwhm_avg": 3.7579521797513906,
  "fwhm_x": 3.8045681858405183,
  "fwhm_y": 3.954202730923695,
  "fwhm_z": 3.5150856224899596,
  "icvs_csf": 0.22375268015134192,
  "icvs_gm": 0.39073762400356077,
  "icvs_wm": 0.3855096958450973,
  "inu_med": 1.302079200744629,
  "inu_range": 0.4498172402381897,
  "provenance": {
    "md5sum": "0d374254e5f956ff408e87301edb3fed",
    "settings": {
      "testing": false
    },
    "software": "mriqc",
    "version": "0.16.1",
    "warnings": {
      "large_rot_frame": true,
      "small_air_mask": false
    },
    "webapi_port": null,
    "webapi_url": "https://mriqc.nimh.nih.gov/api/v1"
  },
  "qi_1": 0.0008386173487058065,
  "qi_2": 0.016406719968894725,
  "rpve_csf": 20.23066033791785,
  "rpve_gm": 11.328516665312746,
  "rpve_wm": 13.65230605626961,
  "size_x": 160,
  "size_y": 256,
  "size_z": 256,
  "snr_csf": 4.153901057623181,
  "snr_gm": 10.65440569280735,
  "snr_total": 12.617333218638345,
  "snr_wm": 23.043692905484505,
  "snrd_csf": 34.854996460794105,
  "snrd_gm": 77.20408587315521,
  "snrd_total": 71.79798854076319,
  "snrd_wm": 103.33488328834024,
  "spacing_x": 1.0000004768371582,
  "spacing_y": 0.97265625,
  "spacing_z": 0.97265625,
  "summary_bg_k": 8974.30517753848,
  "summary_bg_mad": 6.339934321155956,
  "summary_bg_mean": 9.118340137635375,
  "summary_bg_median": 8.494654666632414,
  "summary_bg_n": 2974848.0,
  "summary_bg_p05": 0.0,
  "summary_bg_p95": 25.426177233457565,
  "summary_bg_stdv": 11.606524523888485,
  "summary_csf_k": 3.2033957755478806,
  "summary_csf_mad": 56.54536016166122,
  "summary_csf_mean": 355.99467246700436,
  "summary_csf_median": 337.3013557083905,
  "summary_csf_n": 60117.0,
  "summary_csf_p05": 260.8956931218505,
  "summary_csf_p95": 524.253102494031,
  "summary_csf_stdv": 81.20042958258892,
  "summary_gm_k": 0.01461330452110099,
  "summary_gm_mad": 71.36709850706636,
  "summary_gm_mean": 748.0854746220341,
  "summary_gm_median": 747.1251032985747,
  "summary_gm_n": 24311.0,
  "summary_gm_p05": 636.2611918840557,
  "summary_gm_p95": 865.5012943502516,
  "summary_gm_stdv": 70.12214089578039,
  "summary_wm_k": 0.5973065712147103,
  "summary_wm_mad": 40.866873935018795,
  "summary_wm_mean": 999.3200797679591,
  "summary_wm_median": 999.9999932385981,
  "summary_wm_n": 254894.0,
  "summary_wm_p05": 926.8419469259679,
  "summary_wm_p95": 1068.766245301813,
  "summary_wm_stdv": 43.3957367744195,
  "tpm_overlap_csf": 0.15240414440631866,
  "tpm_overlap_gm": 0.39899468421936035,
  "tpm_overlap_wm": 0.4694158136844635,
  "wm2max": 0.5374557425927077
}