{
  "aor": 0.001590777777777778,
  "aqi": 0.008671205777777777,
  "bids_meta": {
    "AccelFactPE": 2,
    "AcquisitionNumber": 1,
    "AcquisitionTime": "17:00:42.885000",
    "BandwidthPerPixelPhaseEncode": 65.104,
    "BodyPartExamined": "HEAD",
    "ConversionSoftware": "dcm2niix",
    "ConversionSoftwareVersion": "v1.0.20170724 GCC4.8.5",
    "DeviceSerialNumber": "35353",
    "EchoTime": 0.027,
    "EffectiveEchoSpacing": 0.000240001,
    "FlipAngle": 90,
    "ImageType": [
      "ORIGINAL",
      "PRIMARY",
      "M",
      "ND",
      "MOSAIC"
    ],
    "InstitutionAddress": "De_Pintelaan_185_Gent_88C96F_District_BE_9000",
    "InstitutionName": "UZ",
    "MagneticFieldStrength": 3,
    "Manufacturer": "Siemens",
    "ManufacturersModelName": "TrioTim",
    "Modality": "MR",
    "PhaseEncodingDirection": "j-",
    "PhaseEncodingLines": 64,
    "ProcedureStepDescription": "MR_hersenen_(stereotaxie_neuronavigatie)",
    "ProtocolName": "RESTING_STATE_6min",
    "RepetitionTime": 2.1,
    "ScanningSequence": "EP",
    "SequenceName": "_epfid2d1_64",
    "SequenceVariant": "SK",
    "SeriesDescription": "RESTING_STATE_6min",
    "SliceTiming": [
      2.0375,
      1.9875,
      1.9375,
      1.8875,
      1.8375,
      1.79,
      1.74,
      1.69,
      1.64,
      1.59,
      1.54,
      1.49,
      1.44,
      1.39,
      1.3425,
      1.2925,
      1.2425,
      1.1925,
      1.1425,
      1.0925,
      1.0425,
      0.9925,
      0.945,
      0.895,
      0.845,
      0.795,
      0.745,
      0.695,
      0.645,
      0.595,
      0.545,
      0.4975,
      0.4475,
      0.3975,
      0.3475,
      0.2975,
      0.2475,
      0.1975,
      0.1475,
      0.0975,
      0.05,
      0
    ],
    "SoftwareVersions": "syngo_MR_B17",
    "TaskName": "rest",
    "TotalReadoutTime": 0.01464,
    "TrueEchoSpacing": 0.000480001,
    "dataset": "ds001226",
    "modality": "bold",
    "session_id": "preop",
    "subject_id": "PAT01",
    "task_id": "rest"
  },
  "dummy_trs": 0,
  "dvars_nstd": 51.1777756759218,
  "dvars_std": 1.1237080323463688,
  "dvars_vstd": 0.9765677459217875,
  "efc": 0.5265157113422867,
  "fber": 478.61279296875,
  "fd_mean": 0.3916877667644376,
  "fd_num": 156,
  "fd_perc": 86.66666666666667,
  "fwhm_avg": 2.507965971772107,
  "fwhm_x": 2.4168266666666667,
  "fwhm_y": 2.5790833333333336,
  "fwhm_z": 2.52798791531632,
  "gcor": 0.0135733,
  "gsr_x": 0.00041318207513540983,
  "gsr_y": 0.058313388377428055,
  "provenance": {
    "md5sum": "8c31796688196a47f71fe6d1b22d6791",
    "settings": {
      "fd_thres": 0.2,
      "testing": false
    },
    "software": "mriqc",
    "version": "0.16.1",
    "webapi_port": null,
    "webapi_url": "https://mriqc.nimh.nih.gov/api/v1"
  },
  "size_t": 180,
  "size_x": 64,
  "size_y": 64,
  "size_z": 42,
  "snr": 3.3843206783383355,
  "spacing_tr": 2.0999999046325684,
  "spacing_x": 3.0,
  "spacing_y": 3.0,
  "spacing_z": 3.299999952316284,
  "summary_bg_k": 110.99135105648085,
  "summary_bg_mad": 10.007564974912814,
  "summary_bg_mean": 41.06415939331055,
  "summary_bg_median": 24.10555648803711,
  "summary_bg_n": 107622.0,
  "summary_bg_p05": 16.266666412353516,
  "summary_bg_p95": 108.53806114196772,
  "summary_bg_stdv": 64.01246643066406,
  "summary_fg_k": 0.6167297397033833,
  "summary_fg_mad": 148.4167257895803,
  "summary_fg_mean": 543.1227416992188,
  "summary_fg_median": 529.736083984375,
  "summary_fg_n": 29170.0,
  "summary_fg_p05": 315.9694519042969,
  "summary_fg_p95": 822.5531036376954,
  "summary_fg_stdv": 156.5238800048828,
  "tsnr": 40.01555679895682
}