{
  "aor": 0.0010348333333333334,
  "aqi": 0.009697544777777779,
  "bids_meta": {
    "AccelFactPE": 2,
    "AcquisitionNumber": 1,
    "AcquisitionTime": "12:22:45.602500",
    "BandwidthPerPixelPhaseEncode": 65.104,
    "BodyPartExamined": "HEAD",
    "ConversionSoftware": "dcm2niix",
    "ConversionSoftwareVersion": "v1.0.20170724 GCC4.8.5",
    "DeviceSerialNumber": "35353",
    "EchoTime": 0.027,
    "EffectiveEchoSpacing": 0.000240001,
    "FlipAngle": 90,
    "ImageType": [
      "ORIGINAL",
      "PRIMARY",
      "M",
      "ND",
      "MOSAIC"
    ],
    "InstitutionAddress": "De_Pintelaan_185_Gent_88C96F_District_BE_9000",
    "InstitutionName": "UZ",
    "MagneticFieldStrength": 3,
    "Manufacturer": "Siemens",
    "ManufacturersModelName": "TrioTim",
    "Modality": "MR",
    "PhaseEncodingDirection": "j-",
    "PhaseEncodingLines": 64,
    "ProcedureStepDescription": "MR_hersenen_(structuur_alleen)",
    "ProtocolName": "fMRI_Resting_State",
    "RepetitionTime": 2.4,
    "ScanningSequence": "EP",
    "SequenceName": "_epfid2d1_64",
    "SequenceVariant": "SK",
    "SeriesDescription": "fMRI_Resting_State",
    "SliceTiming": [
      2.3325,
      2.275,
      2.22,
      2.1625,
      2.105,
      2.0475,
      1.9925,
      1.935,
      1.8775,
      1.82,
      1.765,
      1.7075,
      1.65,
      1.5925,
      1.5375,
      1.48,
      1.4225,
      1.365,
      1.31,
      1.2525,
      1.195,
      1.1375,
      1.0825,
      1.025,
      0.9675,
      0.91,
      0.855,
      0.7975,
      0.74,
      0.6825,
      0.6275,
      0.57,
      0.5125,
      0.455,
      0.4,
      0.3425,
      0.285,
      0.2275,
      0.1725,
      0.115,
      0.0575,
      0
    ],
    "SoftwareVersions": "syngo_MR_B17",
    "TaskName": "rest",
    "TotalReadoutTime": 0.01464,
    "TrueEchoSpacing": 0.000480001,
    "dataset": "ds001226",
    "modality": "bold",
    "session_id": "preop",
    "subject_id": "CON06",
    "task_id": "rest"
  },
  "dummy_trs": 0,
  "dvars_nstd": 36.601119696871514,
  "dvars_std": 1.0100664820111727,
  "dvars_vstd": 0.9562196538547492,
  "efc": 0.6067152574824053,
  "fber": 268.6884460449219,
  "fd_mean": 0.23684333718967002,
  "fd_num": 89,
  "fd_perc": 49.44444444444444,
  "fwhm_avg": 2.6642022222222224,
  "fwhm_x": 2.49287,
  "fwhm_y": 2.685636666666667,
  "fwhm_z": 2.8141,
  "gcor": 0.0254169,
  "gsr_x": 0.012554054148495197,
  "gsr_y": 0.05974220484495163,
  "provenance": {
    "md5sum": "9f4928dc7ba6fb355abab216d0775809",
    "settings": {
      "fd_thres": 0.2,
      "testing": false
    },
    "software": "mriqc",
    "version": "0.16.1",
    "webapi_port": null,
    "webapi_url": "https://mriqc.nimh.nih.gov/api/v1"
  },
  "size_t": 180,
  "size_x": 64,
  "size_y": 64,
  "size_z": 42,
  "snr": 2.8638807199788925,
  "spacing_tr": 2.4000000953674316,
  "spacing_x": 3.0,
  "spacing_y": 3.0,
  "spacing_z": 3.0,
  "summary_bg_k": 39.08316508812599,
  "summary_bg_mad": 18.483105583621008,
  "summary_bg_mean": 58.983638763427734,
  "summary_bg_median": 33.594444274902344,
  "summary_bg_n": 89077.0,
  "summary_bg_p05": 18.683334350585938,
  "summary_bg_p95": 181.5411163330077,
  "summary_bg_stdv": 81.11270141601562,
  "summary_fg_k": 1.6545562647262546,
  "summary_fg_mad": 176.33084798516174,
  "summary_fg_mean": 586.9076538085938,
  "summary_fg_median": 552.836181640625,
  "summary_fg_n": 43870.0,
  "summary_fg_p05": 335.51195526123047,
  "summary_fg_p95": 943.0075317382808,
  "summary_fg_stdv": 193.0352325439453,
  "tsnr": 34.50736141973175
}