{
  "bids_meta": {
    "AccelFactPE": 2,
    "AcquisitionNumber": 1,
    "AcquisitionTime": "16:24:59.792500",
    "BodyPartExamined": "HEAD",
    "ConversionSoftware": "dcm2niix",
    "ConversionSoftwareVersion": "v1.0.20170724 GCC4.8.5",
    "DeviceSerialNumber": "35353",
    "EchoTime": 0.00418,
    "FlipAngle": 9,
    "ImageType": [
      "ORIGINAL",
      "PRIMARY",
      "M",
      "ND",
      "NORM"
    ],
    "InstitutionAddress": "De_Pintelaan_185_Gent_88C96F_District_BE_9000",
    "InstitutionName": "UZ",
    "InversionTime": 0.9,
    "MagneticFieldStrength": 3,
    "Manufacturer": "Siemens",
    "ManufacturersModelName": "TrioTim",
    "Modality": "MR",
    "PhaseEncodingDirection": "i-",
    "PhaseEncodingLines": 256,
    "ProcedureStepDescription": "MR_hersenen_(stereotaxie_neuronavigatie)",
    "ProtocolName": "T1_mprage",
    "RepetitionTime": 1.75,
    "ScanningSequence": "GR_IR",
    "SequenceName": "_tfl3d1_ns",
    "SequenceVariant": "SP_MP",
    "SeriesDescription": "T1_mprage",
    "SoftwareVersions": "syngo_MR_B17",
    "dataset": "ds001226",
    "modality": "T1w",
    "session_id": "preop",
    "subject_id": "PAT11"
  },
  "cjv": 0.5246910667477094,
  "cnr": 2.481710353674429,
  "efc": 0.5964032694463832,
  "fber": 4134.234507258454,
  "fwhm_avg": 3.4783552240571693,
  "fwhm_x": 3.630445672171507,
  "fwhm_y": 3.58401,
  "fwhm_z": 3.22061,
  "icvs_csf": 0.2610150003264073,
  "icvs_gm": 0.3831100994730295,
  "icvs_wm": 0.3558749002005632,
  "inu_med": 1.312096357345581,
  "inu_range": 0.36232876777648926,
  "provenance": {
    "md5sum": "be612660559dfbdace7546a699238a18",
    "settings": {
      "testing": false
    },
    "software": "mriqc",
    "version": "0.16.1",
    "warnings": {
      "large_rot_frame": true,
      "small_air_mask": false
    },
    "webapi_port": null,
    "webapi_url": "https://mriqc.nimh.nih.gov/api/v1"
  },
  "qi_1": 9.798564527731855e-05,
  "qi_2": 0.007834658157151812,
  "rpve_csf": 24.719105251680556,
  "rpve_gm": 15.431174472002228,
  "rpve_wm": 19.053728912796867,
  "size_x": 160,
  "size_y": 256,
  "size_z": 256,
  "snr_csf": 4.203608408609167,
  "snr_gm": 13.532058594798306,
  "snr_total": 11.536858397048109,
  "snr_wm": 16.874908187736857,
  "snrd_csf": 51.90355035756053,
  "snrd_gm": 102.0528261116857,
  "snrd_total": 94.38468708105229,
  "snrd_wm": 129.19768477391068,
  "spacing_x": 1.0000011920928955,
  "spacing_y": 1.0,
  "spacing_z": 1.0,
  "summary_bg_k": 624.8177000606016,
  "summary_bg_mad": 5.070805791916028,
  "summary_bg_mean": 11.567544740392878,
  "summary_bg_median": 6.840413063764572,
  "summary_bg_n": 2655548.0,
  "summary_bg_p05": 0.0,
  "summary_bg_p95": 37.964292503893375,
  "summary_bg_stdv": 15.77184489259678,
  "summary_csf_k": 0.2625168720863109,
  "summary_csf_mad": 93.7084910346082,
  "summary_csf_mean": 417.13125648191885,
  "summary_csf_median": 401.7374592348933,
  "summary_csf_n": 59320.0,
  "summary_csf_p05": 285.7240536734462,
  "summary_csf_p95": 587.663306514546,
  "summary_csf_stdv": 95.56886226816118,
  "summary_gm_k": 0.19861887671552791,
  "summary_gm_mad": 56.08311205859127,
  "summary_gm_mean": 790.892716355302,
  "summary_gm_median": 789.896698538214,
  "summary_gm_n": 10858.0,
  "summary_gm_p05": 694.7602336473763,
  "summary_gm_p95": 889.1168900281191,
  "summary_gm_stdv": 58.36956130638457,
  "summary_wm_k": 0.8578797897468431,
  "summary_wm_mad": 54.15620585766318,
  "summary_wm_mean": 1003.6065239268731,
  "summary_wm_median": 999.9999857917428,
  "summary_wm_n": 147041.0,
  "summary_wm_p05": 912.7847192287445,
  "summary_wm_p95": 1107.5996832847595,
  "summary_wm_stdv": 59.25937932513233,
  "tpm_overlap_csf": 0.1599404513835907,
  "tpm_overlap_gm": 0.410754531621933,
  "tpm_overlap_wm": 0.4791284203529358,
  "wm2max": 0.542026621185718
}