{
  "bids_meta": {
    "AccelFactPE": 2,
    "AcquisitionNumber": 1,
    "AcquisitionTime": "14:38:41.387500",
    "BodyPartExamined": "HEAD",
    "ConversionSoftware": "dcm2niix",
    "ConversionSoftwareVersion": "v1.0.20170724 GCC4.8.5",
    "DeviceSerialNumber": "35353",
    "EchoTime": 0.00418,
    "FlipAngle": 9,
    "ImageType": [
      "ORIGINAL",
      "PRIMARY",
      "M",
      "ND",
      "NORM"
    ],
    "InstitutionAddress": "De_Pintelaan_185_Gent_88C96F_District_BE_9000",
    "InstitutionName": "UZ",
    "InversionTime": 0.9,
    "MagneticFieldStrength": 3,
    "Manufacturer": "Siemens",
    "ManufacturersModelName": "TrioTim",
    "Modality": "MR",
    "PhaseEncodingDirection": "i-",
    "PhaseEncodingLines": 256,
    "ProcedureStepDescription": "MR_hersenen_(stereotaxie_neuronavigatie)",
    "ProtocolName": "T1_mprage",
    "RepetitionTime": 1.59,
    "ScanningSequence": "GR_IR",
    "SequenceName": "_tfl3d1_ns",
    "SequenceVariant": "SP_MP",
    "SeriesDescription": "T1_mprage",
    "SoftwareVersions": "syngo_MR_B17",
    "dataset": "ds001226",
    "modality": "T1w",
    "session_id": "preop",
    "subject_id": "PAT02"
  },
  "cjv": 0.44131414957316034,
  "cnr": 2.9118698662926388,
  "efc": 0.6128592561703335,
  "fber": 8214.810758402757,
  "fwhm_avg": 3.6112449971892624,
  "fwhm_x": 3.6804549915677884,
  "fwhm_y": 3.86187,
  "fwhm_z": 3.29141,
  "icvs_csf": 0.18798433144699866,
  "icvs_gm": 0.41707747793575195,
  "icvs_wm": 0.3949381906172494,
  "inu_med": 1.3753305673599243,
  "inu_range": 0.45320932865142827,
  "provenance": {
    "md5sum": "b9b2d7586d672181b8de7f15e4c226cc",
    "settings": {
      "testing": false
    },
    "software": "mriqc",
    "version": "0.16.1",
    "warnings": {
      "large_rot_frame": true,
      "small_air_mask": false
    },
    "webapi_port": null,
    "webapi_url": "https://mriqc.nimh.nih.gov/api/v1"
  },
  "qi_1": 0.0,
  "qi_2": 0.017211341154576877,
  "rpve_csf": 26.9232371104409,
  "rpve_gm": 12.693584795449334,
  "rpve_wm": 15.674248664068465,
  "size_x": 144,
  "size_y": 256,
  "size_z": 256,
  "snr_csf": 3.266307789580891,
  "snr_gm": 12.99031163590167,
  "snr_total": 13.008145381095332,
  "snr_wm": 22.76781671780343,
  "snrd_csf": 45.25928117047249,
  "snrd_gm": 89.52245372011546,
  "snrd_total": 83.09642968498963,
  "snrd_wm": 114.50755416438093,
  "spacing_x": 1.0000067949295044,
  "spacing_y": 1.0,
  "spacing_z": 1.0,
  "summary_bg_k": 598.4868989307954,
  "summary_bg_mad": 5.721711703607553,
  "summary_bg_mean": 6.852201069198519,
  "summary_bg_median": 3.8592358976602554,
  "summary_bg_n": 2150507.0,
  "summary_bg_p05": 0.0,
  "summary_bg_p95": 19.296179488301277,
  "summary_bg_stdv": 8.006378887324617,
  "summary_csf_k": 6.000256637102824,
  "summary_csf_mad": 111.47640005587937,
  "summary_csf_mean": 419.63279342837245,
  "summary_csf_median": 395.2773310095072,
  "summary_csf_n": 21356.0,
  "summary_csf_p05": 267.8571356087923,
  "summary_csf_p95": 632.1297578811646,
  "summary_csf_stdv": 121.01372616581418,
  "summary_gm_k": 0.3817367236072853,
  "summary_gm_mad": 56.82920437820383,
  "summary_gm_mean": 785.0172605254718,
  "summary_gm_median": 781.8550285547972,
  "summary_gm_n": 13983.0,
  "summary_gm_p05": 691.9806196838617,
  "summary_gm_p95": 890.8882542803883,
  "summary_gm_stdv": 60.18539759678281,
  "summary_wm_k": 0.7697626347464128,
  "summary_wm_mad": 39.470112938445325,
  "summary_wm_mean": 998.009775432737,
  "summary_wm_median": 1000.0653837174177,
  "summary_wm_n": 190212.0,
  "summary_wm_p05": 920.9183424264193,
  "summary_wm_p95": 1066.3265017569065,
  "summary_wm_stdv": 43.924402910102266,
  "tpm_overlap_csf": 0.16574253141880035,
  "tpm_overlap_gm": 0.4494591951370239,
  "tpm_overlap_wm": 0.5025179386138916,
  "wm2max": 0.5049207397622193
}