{
  "bids_meta": {
    "AccelFactPE": 2,
    "AcquisitionNumber": 1,
    "AcquisitionTime": "13:06:12.192500",
    "BodyPartExamined": "HEAD",
    "ConversionSoftware": "dcm2niix",
    "ConversionSoftwareVersion": "v1.0.20170724 GCC4.8.5",
    "DeviceSerialNumber": "35353",
    "EchoTime": 0.00418,
    "FlipAngle": 9,
    "ImageType": [
      "ORIGINAL",
      "PRIMARY",
      "M",
      "ND",
      "NORM"
    ],
    "InstitutionAddress": "De_Pintelaan_185_Gent_ACCD6F_District_BE_9000",
    "InstitutionName": "Experimental_Psychology",
    "InversionTime": 0.9,
    "MagneticFieldStrength": 3,
    "Manufacturer": "Siemens",
    "ManufacturersModelName": "TrioTim",
    "Modality": "MR",
    "PhaseEncodingDirection": "i-",
    "PhaseEncodingLines": 256,
    "ProcedureStepDescription": "Brain_Research_3T_MRP",
    "ProtocolName": "T1_mprage",
    "RepetitionTime": 1.75,
    "ScanningSequence": "GR_IR",
    "SequenceName": "_tfl3d1_ns",
    "SequenceVariant": "SP_MP",
    "SeriesDescription": "T1_mprage",
    "SoftwareVersions": "syngo_MR_B17",
    "dataset": "ds001226",
    "modality": "T1w",
    "session_id": "preop",
    "subject_id": "PAT16"
  },
  "cjv": 0.4349073102545416,
  "cnr": 2.9374882491006447,
  "efc": 0.6101354541470793,
  "fber": 7805.998596191406,
  "fwhm_avg": 3.483760760506746,
  "fwhm_x": 3.5970722815202394,
  "fwhm_y": 3.59682,
  "fwhm_z": 3.25739,
  "icvs_csf": 0.2279449431404025,
  "icvs_gm": 0.38825806790141887,
  "icvs_wm": 0.3837969889581786,
  "inu_med": 1.3893930912017822,
  "inu_range": 0.3925484061241149,
  "provenance": {
    "md5sum": "007ee49f198ff2fe3da375b21e3aa7fa",
    "settings": {
      "testing": false
    },
    "software": "mriqc",
    "version": "0.16.1",
    "warnings": {
      "large_rot_frame": true,
      "small_air_mask": false
    },
    "webapi_port": null,
    "webapi_url": "https://mriqc.nimh.nih.gov/api/v1"
  },
  "qi_1": 1.1576524749676324e-05,
  "qi_2": 0.016410515157142223,
  "rpve_csf": 22.663282767148814,
  "rpve_gm": 12.87131574981536,
  "rpve_wm": 15.746868077998474,
  "size_x": 160,
  "size_y": 256,
  "size_z": 256,
  "snr_csf": 4.128581491100133,
  "snr_gm": 12.159876367119894,
  "snr_total": 13.187884201762081,
  "snr_wm": 23.275194747066216,
  "snrd_csf": 40.94780350587952,
  "snrd_gm": 88.49579253745836,
  "snrd_total": 81.31812000331139,
  "snrd_wm": 114.51076396659627,
  "spacing_x": 1.000002145767212,
  "spacing_y": 1.0,
  "spacing_z": 1.0,
  "summary_bg_k": 3619.870018316074,
  "summary_bg_mad": 5.721177230930871,
  "summary_bg_mean": 8.71101747433148,
  "summary_bg_median": 7.7177508026361465,
  "summary_bg_n": 2468819.0,
  "summary_bg_p05": 0.0,
  "summary_bg_p95": 23.275756388902664,
  "summary_bg_stdv": 9.836789979938828,
  "summary_csf_k": 2.825826260511426,
  "summary_csf_mad": 64.20432225822421,
  "summary_csf_mean": 375.44075097817796,
  "summary_csf_median": 357.58912052214146,
  "summary_csf_n": 49226.0,
  "summary_csf_p05": 271.79039483331144,
  "summary_csf_p95": 552.0029383599758,
  "summary_csf_stdv": 86.61219093244631,
  "summary_gm_k": 0.5190318143301536,
  "summary_gm_mad": 58.57395736429225,
  "summary_gm_mean": 777.1472088758461,
  "summary_gm_median": 772.8163641020656,
  "summary_gm_n": 8414.0,
  "summary_gm_p05": 678.9783146604896,
  "summary_gm_p95": 890.0128601197152,
  "summary_gm_stdv": 63.55084665117871,
  "summary_wm_k": 0.747051746972287,
  "summary_wm_mad": 40.2298652905139,
  "summary_wm_mean": 1000.1780223485355,
  "summary_wm_median": 999.999996855855,
  "summary_wm_n": 206775.0,
  "summary_wm_p05": 930.172727689147,
  "summary_wm_p95": 1070.3172819465399,
  "summary_wm_stdv": 42.96409072545757,
  "tpm_overlap_csf": 0.1727459877729416,
  "tpm_overlap_gm": 0.41620662808418274,
  "tpm_overlap_wm": 0.4921591877937317,
  "wm2max": 0.5124756959750929
}