{
  "bids_meta": {
    "AccelFactPE": 2,
    "AcquisitionNumber": 1,
    "AcquisitionTime": "11:22:38.192500",
    "BodyPartExamined": "HEAD",
    "ConversionSoftware": "dcm2niix",
    "ConversionSoftwareVersion": "v1.0.20170724 GCC4.8.5",
    "DeviceSerialNumber": "35353",
    "EchoTime": 0.00418,
    "FlipAngle": 9,
    "ImageType": [
      "ORIGINAL",
      "PRIMARY",
      "M",
      "ND",
      "NORM"
    ],
    "InstitutionAddress": "De_Pintelaan_185_Gent_88C96F_District_BE_9000",
    "InstitutionName": "UZ",
    "InversionTime": 0.9,
    "MagneticFieldStrength": 3,
    "Manufacturer": "Siemens",
    "ManufacturersModelName": "TrioTim",
    "Modality": "MR",
    "PhaseEncodingDirection": "i-",
    "PhaseEncodingLines": 256,
    "ProcedureStepDescription": "MR_hersenen_(stereotaxie_neuronavigatie)",
    "ProtocolName": "T1_mprage",
    "RepetitionTime": 1.75,
    "ScanningSequence": "GR_IR",
    "SequenceName": "_tfl3d1_ns",
    "SequenceVariant": "SP_MP",
    "SeriesDescription": "T1_mprage",
    "SoftwareVersions": "syngo_MR_B17",
    "dataset": "ds001226",
    "modality": "T1w",
    "session_id": "preop",
    "subject_id": "PAT10"
  },
  "cjv": 0.5668843896929154,
  "cnr": 2.394420829787367,
  "efc": 0.6066377085709266,
  "fber": 5066.185665306122,
  "fwhm_avg": 3.2576104781166717,
  "fwhm_x": 3.437771434350016,
  "fwhm_y": 3.3582,
  "fwhm_z": 2.97686,
  "icvs_csf": 0.21856371475358707,
  "icvs_gm": 0.39505343038155183,
  "icvs_wm": 0.38638285486486107,
  "inu_med": 1.2892262935638428,
  "inu_range": 0.34259467124938947,
  "provenance": {
    "md5sum": "d0b8ae9739083b231462309f16ac5073",
    "settings": {
      "testing": false
    },
    "software": "mriqc",
    "version": "0.16.1",
    "warnings": {
      "large_rot_frame": true,
      "small_air_mask": false
    },
    "webapi_port": null,
    "webapi_url": "https://mriqc.nimh.nih.gov/api/v1"
  },
  "qi_1": 0.0,
  "qi_2": 0.021261889571802372,
  "rpve_csf": 25.33448496356683,
  "rpve_gm": 13.791110080148458,
  "rpve_wm": 16.583900049713826,
  "size_x": 160,
  "size_y": 256,
  "size_z": 256,
  "snr_csf": 3.256711506968234,
  "snr_gm": 13.886657186676967,
  "snr_total": 12.864347009293363,
  "snr_wm": 21.449672334234894,
  "snrd_csf": 48.202669801946215,
  "snrd_gm": 104.48280687881459,
  "snrd_total": 93.42075851065509,
  "snrd_wm": 127.57679885120444,
  "spacing_x": 0.9999995827674866,
  "spacing_y": 1.0,
  "spacing_z": 1.0,
  "summary_bg_k": 130.01524898948918,
  "summary_bg_mad": 5.135231245453549,
  "summary_bg_mean": 8.18308876376148,
  "summary_bg_median": 6.868615563958883,
  "summary_bg_n": 2353504.0,
  "summary_bg_p05": 0.0,
  "summary_bg_p95": 20.899377271533012,
  "summary_bg_stdv": 8.005938123924036,
  "summary_csf_k": 2.6224604771649886,
  "summary_csf_mad": 88.0822715321863,
  "summary_csf_mean": 408.5760494409595,
  "summary_csf_median": 377.83256213366985,
  "summary_csf_n": 30416.0,
  "summary_csf_p05": 273.9227369353175,
  "summary_csf_p95": 636.4183262819424,
  "summary_csf_stdv": 116.0146823542215,
  "summary_gm_k": 0.05112827282281174,
  "summary_gm_mad": 58.14126223666052,
  "summary_gm_mean": 818.334196813779,
  "summary_gm_median": 818.9796702992171,
  "summary_gm_n": 13588.0,
  "summary_gm_p05": 720.4414547085762,
  "summary_gm_p95": 914.4446207208559,
  "summary_gm_stdv": 58.973842487667454,
  "summary_wm_k": 0.37295067655101555,
  "summary_wm_mad": 44.47632485469091,
  "summary_wm_mean": 1000.898862711435,
  "summary_wm_median": 999.9999787732959,
  "summary_wm_n": 181322.0,
  "summary_wm_p05": 925.4432115405798,
  "summary_wm_p95": 1078.9009985849261,
  "summary_wm_stdv": 46.620629241417994,
  "tpm_overlap_csf": 0.15720456838607788,
  "tpm_overlap_gm": 0.42167940735816956,
  "tpm_overlap_wm": 0.47827741503715515,
  "wm2max": 0.5084284233874509
}