{
  "bids_meta": {
    "AccelFactPE": 2,
    "AcquisitionNumber": 1,
    "AcquisitionTime": "14:28:40.290000",
    "BodyPartExamined": "HEAD",
    "ConversionSoftware": "dcm2niix",
    "ConversionSoftwareVersion": "v1.0.20170724 GCC4.8.5",
    "DeviceSerialNumber": "35353",
    "EchoTime": 0.00418,
    "FlipAngle": 9,
    "ImageType": [
      "ORIGINAL",
      "PRIMARY",
      "M",
      "ND",
      "NORM"
    ],
    "InstitutionAddress": "De_Pintelaan_185_Gent_88C96F_District_BE_9000",
    "InstitutionName": "UZ",
    "InversionTime": 0.9,
    "MagneticFieldStrength": 3,
    "Manufacturer": "Siemens",
    "ManufacturersModelName": "TrioTim",
    "Modality": "MR",
    "PhaseEncodingDirection": "i-",
    "PhaseEncodingLines": 256,
    "ProcedureStepDescription": "MR_hersenen_(structuur_alleen)",
    "ProtocolName": "T1_mprage",
    "RepetitionTime": 1.7,
    "ScanningSequence": "GR_IR",
    "SequenceName": "_tfl3d1_ns",
    "SequenceVariant": "SP_MP",
    "SeriesDescription": "T1_mprage",
    "SoftwareVersions": "syngo_MR_B17",
    "dataset": "ds001226",
    "modality": "T1w",
    "session_id": "preop",
    "subject_id": "CON03"
  },
  "cjv": 0.5337793308796167,
  "cnr": 2.507870517510169,
  "efc": 0.605898654754761,
  "fber": 6761.32438016529,
  "fwhm_avg": 3.668819400059668,
  "fwhm_x": 3.774498200179005,
  "fwhm_y": 3.78172,
  "fwhm_z": 3.45024,
  "icvs_csf": 0.18278481187715737,
  "icvs_gm": 0.4036697927402184,
  "icvs_wm": 0.41354539538262425,
  "inu_med": 1.298096776008606,
  "inu_range": 0.4467736244201659,
  "provenance": {
    "md5sum": "b692b814075cb531c8c59934de305b03",
    "settings": {
      "testing": false
    },
    "software": "mriqc",
    "version": "0.16.1",
    "warnings": {
      "large_rot_frame": true,
      "small_air_mask": false
    },
    "webapi_port": null,
    "webapi_url": "https://mriqc.nimh.nih.gov/api/v1"
  },
  "qi_1": 0.0,
  "qi_2": 0.010838276010327235,
  "rpve_csf": 30.036137147073404,
  "rpve_gm": 14.160825292547731,
  "rpve_wm": 16.472254530090627,
  "size_x": 160,
  "size_y": 256,
  "size_z": 256,
  "snr_csf": 3.7208453677402615,
  "snr_gm": 11.673136552826321,
  "snr_total": 12.063481284464354,
  "snr_wm": 20.79646193282648,
  "snrd_csf": 39.262288539789736,
  "snrd_gm": 79.4284282034012,
  "snrd_total": 73.04121359506092,
  "snrd_wm": 100.43292404199185,
  "spacing_x": 1.0000004768371582,
  "spacing_y": 1.0,
  "spacing_z": 1.0,
  "summary_bg_k": 9.084871749762994,
  "summary_bg_mad": 6.523449858631625,
  "summary_bg_mean": 6.897025314428794,
  "summary_bg_median": 4.400000065565109,
  "summary_bg_n": 2203703.0,
  "summary_bg_p05": 0.0,
  "summary_bg_p95": 21.950000327080488,
  "summary_bg_stdv": 7.243833542390869,
  "summary_csf_k": 1.439560320026878,
  "summary_csf_mad": 88.36309353964656,
  "summary_csf_mean": 409.8707259733748,
  "summary_csf_median": 390.95000582560897,
  "summary_csf_n": 22657.0,
  "summary_csf_p05": 273.6400040775538,
  "summary_csf_p95": 613.080009135604,
  "summary_csf_stdv": 105.0678917063517,
  "summary_gm_k": -0.05167872717146338,
  "summary_gm_mad": 67.45840194721339,
  "summary_gm_mean": 795.4117888852498,
  "summary_gm_median": 790.9000117853284,
  "summary_gm_n": 14316.0,
  "summary_gm_p05": 690.8000102937222,
  "summary_gm_p95": 913.9625136191025,
  "summary_gm_stdv": 67.75148948049144,
  "summary_wm_k": 0.5838075113920165,
  "summary_wm_mad": 44.18154676982328,
  "summary_wm_mean": 1000.1165869199647,
  "summary_wm_median": 1000.0500149019063,
  "summary_wm_n": 203910.0,
  "summary_wm_p05": 920.5500137172639,
  "summary_wm_p95": 1079.3500160835683,
  "summary_wm_stdv": 48.08738938114931,
  "tpm_overlap_csf": 0.16957154870033264,
  "tpm_overlap_gm": 0.43701332807540894,
  "tpm_overlap_wm": 0.4906381070613861,
  "wm2max": 0.4636932379321357
}