{
  "aor": 0.002166055555555555,
  "aqi": 0.0069944006666666685,
  "bids_meta": {
    "AccelFactPE": 2,
    "AcquisitionNumber": 1,
    "AcquisitionTime": "14:44:11.222500",
    "BandwidthPerPixelPhaseEncode": 65.104,
    "BodyPartExamined": "HEAD",
    "ConversionSoftware": "dcm2niix",
    "ConversionSoftwareVersion": "v1.0.20170724 GCC4.8.5",
    "DeviceSerialNumber": "35353",
    "EchoTime": 0.027,
    "EffectiveEchoSpacing": 0.000240001,
    "FlipAngle": 90,
    "ImageType": [
      "ORIGINAL",
      "PRIMARY",
      "M",
      "ND",
      "MOSAIC"
    ],
    "InstitutionAddress": "De_Pintelaan_185_Gent_88C96F_District_BE_9000",
    "InstitutionName": "UZ",
    "MagneticFieldStrength": 3,
    "Manufacturer": "Siemens",
    "ManufacturersModelName": "TrioTim",
    "Modality": "MR",
    "PhaseEncodingDirection": "j-",
    "PhaseEncodingLines": 64,
    "ProcedureStepDescription": "MR_hersenen_(stereotaxie_neuronavigatie)",
    "ProtocolName": "RESTING_STATE_6min",
    "RepetitionTime": 2.1,
    "ScanningSequence": "EP",
    "SequenceName": "_epfid2d1_64",
    "SequenceVariant": "SK",
    "SeriesDescription": "RESTING_STATE_6min",
    "SliceTiming": [
      2.0375,
      1.9875,
      1.94,
      1.89,
      1.84,
      1.79,
      1.74,
      1.69,
      1.64,
      1.59,
      1.5425,
      1.4925,
      1.4425,
      1.3925,
      1.3425,
      1.2925,
      1.2425,
      1.1925,
      1.1425,
      1.095,
      1.045,
      0.995,
      0.945,
      0.895,
      0.845,
      0.795,
      0.745,
      0.6975,
      0.6475,
      0.5975,
      0.5475,
      0.4975,
      0.4475,
      0.3975,
      0.3475,
      0.2975,
      0.25,
      0.2,
      0.15,
      0.1,
      0.05,
      0
    ],
    "SoftwareVersions": "syngo_MR_B17",
    "TaskName": "rest",
    "TotalReadoutTime": 0.01464,
    "TrueEchoSpacing": 0.000480001,
    "dataset": "ds001226",
    "modality": "bold",
    "session_id": "preop",
    "subject_id": "PAT02",
    "task_id": "rest"
  },
  "dummy_trs": 0,
  "dvars_nstd": 24.408802576089386,
  "dvars_std": 0.9879090413407821,
  "dvars_vstd": 0.9578484739664804,
  "efc": 0.5485938241182803,
  "fber": 446.197265625,
  "fd_mean": 0.1078648553525289,
  "fd_num": 11,
  "fd_perc": 6.111111111111111,
  "fwhm_avg": 2.5014528402518352,
  "fwhm_x": 2.4101500000000002,
  "fwhm_y": 2.609226666666667,
  "fwhm_z": 2.484981854088839,
  "gcor": 0.0108425,
  "gsr_x": 0.022349616512656212,
  "gsr_y": 0.04604177549481392,
  "provenance": {
    "md5sum": "e92f1162aacb9b738dcba9f9dd9f2856",
    "settings": {
      "fd_thres": 0.2,
      "testing": false
    },
    "software": "mriqc",
    "version": "0.16.1",
    "webapi_port": null,
    "webapi_url": "https://mriqc.nimh.nih.gov/api/v1"
  },
  "size_t": 180,
  "size_x": 64,
  "size_y": 64,
  "size_z": 42,
  "snr": 3.4402498086436566,
  "spacing_tr": 2.0999999046325684,
  "spacing_x": 3.0,
  "spacing_y": 3.0,
  "spacing_z": 3.299999952316284,
  "summary_bg_k": 34.51381184902849,
  "summary_bg_mad": 10.839470055801279,
  "summary_bg_mean": 46.458168029785156,
  "summary_bg_median": 25.13888931274414,
  "summary_bg_n": 104658.0,
  "summary_bg_p05": 16.505556106567383,
  "summary_bg_p95": 149.43139266967736,
  "summary_bg_stdv": 65.52789306640625,
  "summary_fg_k": 1.0233718271063976,
  "summary_fg_mad": 142.09091711125123,
  "summary_fg_mean": 552.9363403320312,
  "summary_fg_median": 535.4888916015625,
  "summary_fg_n": 31433.0,
  "summary_fg_p05": 330.2400024414062,
  "summary_fg_p95": 836.4155761718748,
  "summary_fg_stdv": 155.65159606933594,
  "tsnr": 44.137251595035195
}