{
  "bids_meta": {
    "AccelFactPE": 2,
    "AcquisitionNumber": 1,
    "AcquisitionTime": "13:37:7.282500",
    "BodyPartExamined": "HEAD",
    "ConversionSoftware": "dcm2niix",
    "ConversionSoftwareVersion": "v1.0.20170724 GCC4.8.5",
    "DeviceSerialNumber": "35353",
    "EchoTime": 0.00418,
    "FlipAngle": 9,
    "ImageType": [
      "ORIGINAL",
      "PRIMARY",
      "M",
      "ND",
      "NORM"
    ],
    "InstitutionAddress": "De_Pintelaan_185_Gent_88C96F_District_BE_9000",
    "InstitutionName": "UZ",
    "InversionTime": 0.9,
    "MagneticFieldStrength": 3,
    "Manufacturer": "Siemens",
    "ManufacturersModelName": "TrioTim",
    "Modality": "MR",
    "PhaseEncodingDirection": "i-",
    "PhaseEncodingLines": 256,
    "ProcedureStepDescription": "Brain_Research_3T_MRP",
    "ProtocolName": "T1_mprage",
    "RepetitionTime": 1.7,
    "ScanningSequence": "GR_IR",
    "SequenceName": "_tfl3d1_ns",
    "SequenceVariant": "SP_MP",
    "SeriesDescription": "T1_mprage",
    "SoftwareVersions": "syngo_MR_B17",
    "dataset": "ds001226",
    "modality": "T1w",
    "session_id": "preop",
    "subject_id": "PAT03"
  },
  "cjv": 0.47744817206112605,
  "cnr": 2.716255584595854,
  "efc": 0.6224094746995171,
  "fber": 2676.0334727028066,
  "fwhm_avg": 3.620468363942861,
  "fwhm_x": 3.742975091828584,
  "fwhm_y": 3.73055,
  "fwhm_z": 3.38788,
  "icvs_csf": 0.17290265830497958,
  "icvs_gm": 0.4154911252909902,
  "icvs_wm": 0.4116062164040302,
  "inu_med": 1.4039100408554077,
  "inu_range": 0.49239555597305285,
  "provenance": {
    "md5sum": "27d15e0eaa1e9372a717d310b84acf95",
    "settings": {
      "testing": false
    },
    "software": "mriqc",
    "version": "0.16.1",
    "warnings": {
      "large_rot_frame": true,
      "small_air_mask": false
    },
    "webapi_port": null,
    "webapi_url": "https://mriqc.nimh.nih.gov/api/v1"
  },
  "qi_1": 1.771392699183388e-05,
  "qi_2": 0.005260122209724717,
  "rpve_csf": 31.294994643226907,
  "rpve_gm": 13.526555725996754,
  "rpve_wm": 15.744492918926932,
  "size_x": 160,
  "size_y": 256,
  "size_z": 256,
  "snr_csf": 3.4583789308479473,
  "snr_gm": 14.791987294049923,
  "snr_total": 12.119967039218274,
  "snr_wm": 18.10953489275695,
  "snrd_csf": 48.723828632080895,
  "snrd_gm": 95.2215685843593,
  "snrd_total": 88.24871403052113,
  "snrd_wm": 120.8007448751232,
  "spacing_x": 1.000001311302185,
  "spacing_y": 1.0,
  "spacing_z": 1.0,
  "summary_bg_k": 21.48621236630004,
  "summary_bg_mad": 5.423655363167766,
  "summary_bg_mean": 11.603237090472927,
  "summary_bg_median": 7.040309339761734,
  "summary_bg_n": 2106965.0,
  "summary_bg_p05": 0.0,
  "summary_bg_p95": 35.684705182909966,
  "summary_bg_stdv": 13.718452956852083,
  "summary_csf_k": 0.9212355067619491,
  "summary_csf_mad": 102.53778629988872,
  "summary_csf_mean": 427.5224104454635,
  "summary_csf_median": 403.3683115839958,
  "summary_csf_n": 21977.0,
  "summary_csf_p05": 277.747105717659,
  "summary_csf_p95": 654.0585421919823,
  "summary_csf_stdv": 116.63242880238106,
  "summary_gm_k": 0.3068873367870286,
  "summary_gm_mad": 51.88289187030298,
  "summary_gm_mean": 788.5927015661031,
  "summary_gm_median": 788.3075781315565,
  "summary_gm_n": 65799.0,
  "summary_gm_p05": 701.546118915081,
  "summary_gm_p95": 875.9663316756487,
  "summary_gm_stdv": 53.292473294355,
  "summary_wm_k": 1.3119851244909402,
  "summary_wm_mad": 49.22223074874898,
  "summary_wm_mean": 1004.390149162627,
  "summary_wm_median": 1000.0690394490957,
  "summary_wm_n": 208003.0,
  "summary_wm_p05": 922.1493804916739,
  "summary_wm_p95": 1102.3605927973986,
  "summary_wm_stdv": 55.223209286769126,
  "tpm_overlap_csf": 0.1260678470134735,
  "tpm_overlap_gm": 0.39349764585494995,
  "tpm_overlap_wm": 0.43392708897590637,
  "wm2max": 0.4762515202314039
}