{
  "aor": 0.0007814444444444443,
  "aqi": 0.014471452444444442,
  "bids_meta": {
    "AccelFactPE": 2,
    "AcquisitionNumber": 1,
    "AcquisitionTime": "13:43:0.252500",
    "BandwidthPerPixelPhaseEncode": 65.104,
    "BodyPartExamined": "HEAD",
    "ConversionSoftware": "dcm2niix",
    "ConversionSoftwareVersion": "v1.0.20170724 GCC4.8.5",
    "DeviceSerialNumber": "35353",
    "EchoTime": 0.027,
    "EffectiveEchoSpacing": 0.000240001,
    "FlipAngle": 90,
    "ImageType": [
      "ORIGINAL",
      "PRIMARY",
      "M",
      "ND",
      "MOSAIC"
    ],
    "InstitutionAddress": "De_Pintelaan_185_Gent_88C96F_District_BE_9000",
    "InstitutionName": "UZ",
    "MagneticFieldStrength": 3,
    "Manufacturer": "Siemens",
    "ManufacturersModelName": "TrioTim",
    "Modality": "MR",
    "PhaseEncodingDirection": "j-",
    "PhaseEncodingLines": 64,
    "ProcedureStepDescription": "Brain_Research_3T_MRP",
    "ProtocolName": "RESTING_STATE_6min",
    "RepetitionTime": 2.1,
    "ScanningSequence": "EP",
    "SequenceName": "_epfid2d1_64",
    "SequenceVariant": "SK",
    "SeriesDescription": "RESTING_STATE_6min",
    "SliceTiming": [
      2.0375,
      1.9875,
      1.9375,
      1.8875,
      1.8375,
      1.79,
      1.74,
      1.69,
      1.64,
      1.59,
      1.54,
      1.49,
      1.44,
      1.3925,
      1.3425,
      1.2925,
      1.2425,
      1.1925,
      1.1425,
      1.0925,
      1.0425,
      0.9925,
      0.945,
      0.895,
      0.845,
      0.795,
      0.745,
      0.695,
      0.645,
      0.595,
      0.5475,
      0.4975,
      0.4475,
      0.3975,
      0.3475,
      0.2975,
      0.2475,
      0.1975,
      0.1475,
      0.1,
      0.05,
      0
    ],
    "SoftwareVersions": "syngo_MR_B17",
    "TaskName": "rest",
    "TotalReadoutTime": 0.01464,
    "TrueEchoSpacing": 0.000480001,
    "dataset": "ds001226",
    "modality": "bold",
    "session_id": "preop",
    "subject_id": "PAT03",
    "task_id": "rest"
  },
  "dummy_trs": 0,
  "dvars_nstd": 85.9514538856983,
  "dvars_std": 1.1604198117318438,
  "dvars_vstd": 0.9627298629050284,
  "efc": 0.5438700401731545,
  "fber": 319.9341125488281,
  "fd_mean": 1.050145538907154,
  "fd_num": 179,
  "fd_perc": 99.44444444444444,
  "fwhm_avg": 2.933918273847605,
  "fwhm_x": 2.9129066666666668,
  "fwhm_y": 2.9373602334404176,
  "fwhm_z": 2.9514879214357306,
  "gcor": 0.0114019,
  "gsr_x": 0.019925106316804886,
  "gsr_y": 0.06916335225105286,
  "provenance": {
    "md5sum": "2536c345f20f00cf943a161a1b39fb25",
    "settings": {
      "fd_thres": 0.2,
      "testing": false
    },
    "software": "mriqc",
    "version": "0.16.1",
    "webapi_port": null,
    "webapi_url": "https://mriqc.nimh.nih.gov/api/v1"
  },
  "size_t": 180,
  "size_x": 64,
  "size_y": 64,
  "size_z": 42,
  "snr": 2.3372499147925203,
  "spacing_tr": 2.0999999046325684,
  "spacing_x": 3.0,
  "spacing_y": 2.999999761581421,
  "spacing_z": 3.299999952316284,
  "summary_bg_k": 55.38492375627385,
  "summary_bg_mad": 18.145405012686826,
  "summary_bg_mean": 51.040950775146484,
  "summary_bg_median": 31.322223663330078,
  "summary_bg_n": 100985.0,
  "summary_bg_p05": 16.794445037841797,
  "summary_bg_p95": 135.75888671874986,
  "summary_bg_stdv": 69.29953002929688,
  "summary_fg_k": 3.885002380990568,
  "summary_fg_mad": 196.71246591014287,
  "summary_fg_mean": 613.186767578125,
  "summary_fg_median": 564.7611083984375,
  "summary_fg_n": 34328.0,
  "summary_fg_p05": 326.5836212158203,
  "summary_fg_p95": 1075.3636230468749,
  "summary_fg_stdv": 241.63136291503906,
  "tsnr": 25.793202404980548
}