{
  "bids_meta": {
    "AccelFactPE": 2,
    "AcquisitionNumber": 1,
    "AcquisitionTime": "12:45:1.215000",
    "BodyPartExamined": "HEAD",
    "ConversionSoftware": "dcm2niix",
    "ConversionSoftwareVersion": "v1.0.20170724 GCC4.8.5",
    "DeviceSerialNumber": "35353",
    "EchoTime": 0.00418,
    "FlipAngle": 9,
    "ImageType": [
      "ORIGINAL",
      "PRIMARY",
      "M",
      "ND",
      "NORM"
    ],
    "InstitutionAddress": "De_Pintelaan_185_Gent_88C96F_District_BE_9000",
    "InstitutionName": "UZ",
    "InversionTime": 0.9,
    "MagneticFieldStrength": 3,
    "Manufacturer": "Siemens",
    "ManufacturersModelName": "TrioTim",
    "Modality": "MR",
    "PhaseEncodingDirection": "i-",
    "PhaseEncodingLines": 256,
    "ProcedureStepDescription": "MR_hersenen_(stereotaxie_neuronavigatie)",
    "ProtocolName": "T1_mprage",
    "RepetitionTime": 1.75,
    "ScanningSequence": "GR_IR",
    "SequenceName": "_tfl3d1_ns",
    "SequenceVariant": "SP_MP",
    "SeriesDescription": "T1_mprage",
    "SoftwareVersions": "syngo_MR_B17",
    "dataset": "ds001226",
    "modality": "T1w",
    "session_id": "preop",
    "subject_id": "PAT08"
  },
  "cjv": 0.5900586415604191,
  "cnr": 2.2332935365736044,
  "efc": 0.7041298915906956,
  "fber": 1000.7417752470847,
  "fwhm_avg": 3.6533578613357136,
  "fwhm_x": 3.825203584007141,
  "fwhm_y": 3.756,
  "fwhm_z": 3.37887,
  "icvs_csf": 0.23185987140043288,
  "icvs_gm": 0.3851584367686278,
  "icvs_wm": 0.38298169183093933,
  "inu_med": 1.2792201042175293,
  "inu_range": 0.3838664054870604,
  "provenance": {
    "md5sum": "2d8b6f01d5c37729d853203ee4db8002",
    "settings": {
      "testing": false
    },
    "software": "mriqc",
    "version": "0.16.1",
    "warnings": {
      "large_rot_frame": true,
      "small_air_mask": false
    },
    "webapi_port": null,
    "webapi_url": "https://mriqc.nimh.nih.gov/api/v1"
  },
  "qi_1": 3.3614333151655864e-06,
  "qi_2": 0.010958396309426494,
  "rpve_csf": 19.113950313047283,
  "rpve_gm": 10.975438783334754,
  "rpve_wm": 13.047582979108258,
  "size_x": 160,
  "size_y": 256,
  "size_z": 256,
  "snr_csf": 3.4741735333886496,
  "snr_gm": 9.527406823214212,
  "snr_total": 9.815330251429051,
  "snr_wm": 16.444410397684287,
  "snrd_csf": 25.266069368878224,
  "snrd_gm": 51.06589812528946,
  "snrd_total": 47.54104446499631,
  "snrd_wm": 66.29116590082127,
  "spacing_x": 1.0000042915344238,
  "spacing_y": 1.0,
  "spacing_z": 1.0,
  "summary_bg_k": 670.6830247703986,
  "summary_bg_mad": 9.882710600118926,
  "summary_bg_mean": 15.92508674839157,
  "summary_bg_median": 10.031679451465607,
  "summary_bg_n": 1884604.0,
  "summary_bg_p05": 0.0,
  "summary_bg_p95": 46.79250480979681,
  "summary_bg_stdv": 18.473915900489366,
  "summary_csf_k": 0.597683090834928,
  "summary_csf_mad": 100.3926839180398,
  "summary_csf_mean": 399.75569881221156,
  "summary_csf_median": 381.137821264565,
  "summary_csf_n": 64425.0,
  "summary_csf_p05": 249.40603057295084,
  "summary_csf_p95": 602.1647586524487,
  "summary_csf_stdv": 109.70518875752572,
  "summary_gm_k": 0.053613623323188975,
  "summary_gm_mad": 79.94232237917983,
  "summary_gm_mean": 777.9425150377851,
  "summary_gm_median": 770.3273852467537,
  "summary_gm_n": 14577.0,
  "summary_gm_p05": 658.2497665330767,
  "summary_gm_p95": 923.8516795888543,
  "summary_gm_stdv": 80.85106224466546,
  "summary_wm_k": 0.91967763984381,
  "summary_wm_mad": 55.57801604819357,
  "summary_wm_mean": 1005.4395730465518,
  "summary_wm_median": 1000.0000463724136,
  "summary_wm_n": 243662.0,
  "summary_wm_p05": 915.4567478373647,
  "summary_wm_p95": 1115.0343706086278,
  "summary_wm_stdv": 60.810814748830964,
  "tpm_overlap_csf": 0.16075216233730316,
  "tpm_overlap_gm": 0.4143444299697876,
  "tpm_overlap_wm": 0.4849690794944763,
  "wm2max": 0.5554431272811707
}