{
  "aor": 0.0013570000000000001,
  "aqi": 0.007471427277777777,
  "bids_meta": {
    "AccelFactPE": 2,
    "AcquisitionNumber": 1,
    "AcquisitionTime": "14:07:2.700000",
    "BandwidthPerPixelPhaseEncode": 65.104,
    "BodyPartExamined": "HEAD",
    "ConversionSoftware": "dcm2niix",
    "ConversionSoftwareVersion": "v1.0.20170724 GCC4.8.5",
    "DeviceSerialNumber": "35353",
    "EchoTime": 0.027,
    "EffectiveEchoSpacing": 0.000240001,
    "FlipAngle": 90,
    "ImageType": [
      "ORIGINAL",
      "PRIMARY",
      "M",
      "ND",
      "MOSAIC"
    ],
    "InstitutionAddress": "De_Pintelaan_185_Gent_ACCD6F_District_BE_9000",
    "InstitutionName": "UZ",
    "MagneticFieldStrength": 3,
    "Manufacturer": "Siemens",
    "ManufacturersModelName": "TrioTim",
    "Modality": "MR",
    "PhaseEncodingDirection": "j-",
    "PhaseEncodingLines": 64,
    "ProcedureStepDescription": "Brain_Research_3T_MRP",
    "ProtocolName": "fMRI_Resting_State",
    "RepetitionTime": 2.4,
    "ScanningSequence": "EP",
    "SequenceName": "_epfid2d1_64",
    "SequenceVariant": "SK",
    "SeriesDescription": "fMRI_Resting_State",
    "SliceTiming": [
      2.3325,
      2.275,
      2.2175,
      2.1625,
      2.105,
      2.0475,
      1.99,
      1.935,
      1.8775,
      1.82,
      1.7625,
      1.7075,
      1.65,
      1.5925,
      1.535,
      1.48,
      1.4225,
      1.365,
      1.3075,
      1.2525,
      1.195,
      1.1375,
      1.08,
      1.025,
      0.9675,
      0.91,
      0.8525,
      0.7975,
      0.74,
      0.6825,
      0.625,
      0.57,
      0.5125,
      0.455,
      0.3975,
      0.3425,
      0.285,
      0.2275,
      0.17,
      0.115,
      0.0575,
      0
    ],
    "SoftwareVersions": "syngo_MR_B17",
    "TaskName": "rest",
    "TotalReadoutTime": 0.01464,
    "TrueEchoSpacing": 0.000480001,
    "dataset": "ds001226",
    "modality": "bold",
    "session_id": "preop",
    "subject_id": "PAT14",
    "task_id": "rest"
  },
  "dummy_trs": 0,
  "dvars_nstd": 41.26750468681563,
  "dvars_std": 1.0782348888826814,
  "dvars_vstd": 0.9813660428491617,
  "efc": 0.5395348147635423,
  "fber": 534.03173828125,
  "fd_mean": 0.2912076999598216,
  "fd_num": 131,
  "fd_perc": 72.77777777777777,
  "fwhm_avg": 2.597091111111111,
  "fwhm_x": 2.5083266666666666,
  "fwhm_y": 2.5548766666666665,
  "fwhm_z": 2.72807,
  "gcor": 0.00779479,
  "gsr_x": -0.009092271327972412,
  "gsr_y": 0.05411263555288315,
  "provenance": {
    "md5sum": "15fee7ef7f8f28788248584ede2c7185",
    "settings": {
      "fd_thres": 0.2,
      "testing": false
    },
    "software": "mriqc",
    "version": "0.16.1",
    "webapi_port": null,
    "webapi_url": "https://mriqc.nimh.nih.gov/api/v1"
  },
  "size_t": 180,
  "size_x": 64,
  "size_y": 64,
  "size_z": 42,
  "snr": 2.97484054273212,
  "spacing_tr": 2.4000000953674316,
  "spacing_x": 3.0,
  "spacing_y": 3.0,
  "spacing_z": 3.0,
  "summary_bg_k": 62.320272114733996,
  "summary_bg_mad": 8.030761074292238,
  "summary_bg_mean": 40.98689651489258,
  "summary_bg_median": 24.25,
  "summary_bg_n": 101473.0,
  "summary_bg_p05": 17.38888931274414,
  "summary_bg_p95": 114.11111450195312,
  "summary_bg_stdv": 53.37346267700195,
  "summary_fg_k": 2.0208238843815813,
  "summary_fg_mad": 163.0862440356162,
  "summary_fg_mean": 597.9549560546875,
  "summary_fg_median": 567.094482421875,
  "summary_fg_n": 34597.0,
  "summary_fg_p05": 350.82667846679686,
  "summary_fg_p95": 956.3600341796869,
  "summary_fg_stdv": 190.62745666503906,
  "tsnr": 39.076294358528685
}