{
  "bids_meta": {
    "AccelFactPE": 2,
    "AcquisitionNumber": 1,
    "AcquisitionTime": "17:22:26.195000",
    "BodyPartExamined": "HEAD",
    "ConversionSoftware": "dcm2niix",
    "ConversionSoftwareVersion": "v1.0.20170724 GCC4.8.5",
    "DeviceSerialNumber": "35353",
    "EchoTime": 0.00418,
    "FlipAngle": 9,
    "ImageType": [
      "ORIGINAL",
      "PRIMARY",
      "M",
      "ND",
      "NORM"
    ],
    "InstitutionAddress": "De_Pintelaan_185_Gent_88C96F_District_BE_9000",
    "InstitutionName": "UZ",
    "InversionTime": 0.9,
    "MagneticFieldStrength": 3,
    "Manufacturer": "Siemens",
    "ManufacturersModelName": "TrioTim",
    "Modality": "MR",
    "PhaseEncodingDirection": "i-",
    "PhaseEncodingLines": 256,
    "ProcedureStepDescription": "MR_hersenen_(structuur_alleen)",
    "ProtocolName": "T1_mprage",
    "RepetitionTime": 1.75,
    "ScanningSequence": "GR_IR",
    "SequenceName": "_tfl3d1_ns",
    "SequenceVariant": "SP_MP",
    "SeriesDescription": "T1_mprage",
    "SoftwareVersions": "syngo_MR_B17",
    "dataset": "ds001226",
    "modality": "T1w",
    "session_id": "preop",
    "subject_id": "CON07"
  },
  "cjv": 0.4646828672782264,
  "cnr": 2.8649862893884777,
  "efc": 0.6486970537784716,
  "fber": 3028.3855621301773,
  "fwhm_avg": 3.7721569703214097,
  "fwhm_x": 3.8208609109642295,
  "fwhm_y": 3.91546,
  "fwhm_z": 3.58015,
  "icvs_csf": 0.20440873469329832,
  "icvs_gm": 0.3880979976576394,
  "icvs_wm": 0.40749326764906224,
  "inu_med": 1.1904549598693848,
  "inu_range": 0.37931457757949816,
  "provenance": {
    "md5sum": "dd3f568439bdbac3a83b4b1e4f8def70",
    "settings": {
      "testing": false
    },
    "software": "mriqc",
    "version": "0.16.1",
    "warnings": {
      "large_rot_frame": true,
      "small_air_mask": false
    },
    "webapi_port": null,
    "webapi_url": "https://mriqc.nimh.nih.gov/api/v1"
  },
  "qi_1": 0.0,
  "qi_2": 0.018876458005296914,
  "rpve_csf": 24.54565187163129,
  "rpve_gm": 12.900070273718004,
  "rpve_wm": 14.689347654501582,
  "size_x": 160,
  "size_y": 256,
  "size_z": 256,
  "snr_csf": 3.623196463920624,
  "snr_gm": 13.093891512505381,
  "snr_total": 13.109628352932546,
  "snr_wm": 22.611797082371634,
  "snrd_csf": 38.93327128027206,
  "snrd_gm": 82.40093961728263,
  "snrd_total": 75.4237239562642,
  "snrd_wm": 104.93696097123792,
  "spacing_x": 0.9999997615814209,
  "spacing_y": 1.0,
  "spacing_z": 1.0,
  "summary_bg_k": 36.73224355803749,
  "summary_bg_mad": 6.243546766393604,
  "summary_bg_mean": 7.605285940603138,
  "summary_bg_median": 4.211208298802376,
  "summary_bg_n": 1956932.0,
  "summary_bg_p05": 0.0,
  "summary_bg_p95": 21.509556233882904,
  "summary_bg_stdv": 8.187590124477623,
  "summary_csf_k": 2.3373924064655762,
  "summary_csf_mad": 77.90025273146482,
  "summary_csf_mean": 396.3448863085667,
  "summary_csf_median": 371.0398450344801,
  "summary_csf_n": 34371.0,
  "summary_csf_p05": 273.8581150621176,
  "summary_csf_p95": 597.7000332400203,
  "summary_csf_stdv": 102.4052797353544,
  "summary_gm_k": 0.1308879692228393,
  "summary_gm_mad": 59.169612432284005,
  "summary_gm_mean": 786.7662828585204,
  "summary_gm_median": 785.2931659966707,
  "summary_gm_n": 10429.0,
  "summary_gm_p05": 691.0528030514718,
  "summary_gm_p95": 887.9429879754783,
  "summary_gm_stdv": 59.971133474657286,
  "summary_wm_k": 0.6993931366071506,
  "summary_wm_mad": 40.63108126437684,
  "summary_wm_mean": 1000.7646906856636,
  "summary_wm_median": 1000.0647892355919,
  "summary_wm_n": 228879.0,
  "summary_wm_p05": 928.9925507158041,
  "summary_wm_p95": 1074.9595091342926,
  "summary_wm_stdv": 44.22747121284432,
  "tpm_overlap_csf": 0.16433709859848022,
  "tpm_overlap_gm": 0.41617435216903687,
  "tpm_overlap_wm": 0.49214819073677063,
  "wm2max": 0.504790869550999
}