{
  "bids_meta": {
    "AccelFactPE": 2,
    "AcquisitionNumber": 1,
    "AcquisitionTime": "13:17:15.192500",
    "BodyPartExamined": "HEAD",
    "ConversionSoftware": "dcm2niix",
    "ConversionSoftwareVersion": "v1.0.20170724 GCC4.8.5",
    "DeviceSerialNumber": "35353",
    "EchoTime": 0.00418,
    "FlipAngle": 9,
    "ImageType": [
      "ORIGINAL",
      "PRIMARY",
      "M",
      "ND",
      "NORM"
    ],
    "InstitutionAddress": "De_Pintelaan_185_Gent_ACCD6F_District_BE_9000",
    "InstitutionName": "UZ_Gent",
    "InversionTime": 0.9,
    "MagneticFieldStrength": 3,
    "Manufacturer": "Siemens",
    "ManufacturersModelName": "TrioTim",
    "Modality": "MR",
    "PhaseEncodingDirection": "i-",
    "PhaseEncodingLines": 256,
    "ProcedureStepDescription": "Brain_Research_3T_MRP",
    "ProtocolName": "T1_mprage",
    "RepetitionTime": 1.75,
    "ScanningSequence": "GR_IR",
    "SequenceName": "_tfl3d1_ns",
    "SequenceVariant": "SP_MP",
    "SeriesDescription": "T1_mprage",
    "SoftwareVersions": "syngo_MR_B17",
    "dataset": "ds001226",
    "modality": "T1w",
    "session_id": "preop",
    "subject_id": "PAT20"
  },
  "cjv": 0.4594225680052841,
  "cnr": 2.9176796997331644,
  "efc": 0.5723006405196109,
  "fber": 7056.000000000001,
  "fwhm_avg": 3.4195007024491044,
  "fwhm_x": 3.535542107347314,
  "fwhm_y": 3.5378,
  "fwhm_z": 3.18516,
  "icvs_csf": 0.25255386604259017,
  "icvs_gm": 0.38327052546440715,
  "icvs_wm": 0.3641756084930026,
  "inu_med": 1.248640537261963,
  "inu_range": 0.39158753752708453,
  "provenance": {
    "md5sum": "5a773054340f6f84d68e93a676c9e389",
    "settings": {
      "testing": false
    },
    "software": "mriqc",
    "version": "0.16.1",
    "warnings": {
      "large_rot_frame": true,
      "small_air_mask": false
    },
    "webapi_port": null,
    "webapi_url": "https://mriqc.nimh.nih.gov/api/v1"
  },
  "qi_1": 0.0,
  "qi_2": 0.01711538349573253,
  "rpve_csf": 23.311612855612534,
  "rpve_gm": 14.367836386375341,
  "rpve_wm": 17.64679652703484,
  "size_x": 160,
  "size_y": 256,
  "size_z": 256,
  "snr_csf": 4.041458133766769,
  "snr_gm": 15.79789827746636,
  "snr_total": 13.639193785147407,
  "snr_wm": 21.078224944209097,
  "snrd_csf": 37.16298150525788,
  "snrd_gm": 84.82868395978733,
  "snrd_total": 76.15966977787842,
  "snrd_wm": 106.48734386859005,
  "spacing_x": 0.9999994039535522,
  "spacing_y": 1.0,
  "spacing_z": 1.0,
  "summary_bg_k": 7446.830282490395,
  "summary_bg_mad": 6.152616262163972,
  "summary_bg_mean": 6.220526141919648,
  "summary_bg_median": 4.149876605719328,
  "summary_bg_n": 2714666.0,
  "summary_bg_p05": 0.0,
  "summary_bg_p95": 16.779935840517282,
  "summary_bg_stdv": 8.141560523741518,
  "summary_csf_k": 37.499442742756116,
  "summary_csf_mad": 51.7176439428276,
  "summary_csf_mean": 367.23209931827,
  "summary_csf_median": 349.0106368549168,
  "summary_csf_n": 64973.0,
  "summary_csf_p05": 278.8235933929682,
  "summary_csf_p95": 520.599013030529,
  "summary_csf_stdv": 86.35693838214868,
  "summary_gm_k": 0.2999168240051886,
  "summary_gm_mad": 48.953425042435086,
  "summary_gm_mean": 796.0878481633857,
  "summary_gm_median": 796.6560220196843,
  "summary_gm_n": 12176.0,
  "summary_gm_p05": 711.5985873872414,
  "summary_gm_p95": 878.0597609449178,
  "summary_gm_stdv": 50.42590433003893,
  "summary_wm_k": 0.39172195182515557,
  "summary_wm_mad": 44.495007461156845,
  "summary_wm_mean": 998.542210389116,
  "summary_wm_median": 1000.0601188391447,
  "summary_wm_n": 168888.0,
  "summary_wm_p05": 916.8220141679049,
  "summary_wm_p95": 1073.915893793106,
  "summary_wm_stdv": 47.44503679801698,
  "tpm_overlap_csf": 0.1620037853717804,
  "tpm_overlap_gm": 0.40703076124191284,
  "tpm_overlap_wm": 0.4619095027446747,
  "wm2max": 0.47815794053107324
}