{
  "aor": 0.0009684831460674157,
  "aqi": 0.0062192670786516855,
  "bids_meta": {
    "AccelFactPE": 2,
    "AcquisitionNumber": 1,
    "AcquisitionTime": "15:02:6.217500",
    "BandwidthPerPixelPhaseEncode": 65.104,
    "BodyPartExamined": "HEAD",
    "ConversionSoftware": "dcm2niix",
    "ConversionSoftwareVersion": "v1.0.20170724 GCC4.8.5",
    "DeviceSerialNumber": "35353",
    "EchoTime": 0.027,
    "EffectiveEchoSpacing": 0.000240001,
    "FlipAngle": 90,
    "ImageType": [
      "ORIGINAL",
      "PRIMARY",
      "M",
      "ND",
      "MOSAIC"
    ],
    "InstitutionAddress": "De_Pintelaan_185_Gent_ACCD6F_District_BE_9000",
    "InstitutionName": "UZ_Gent",
    "MagneticFieldStrength": 3,
    "Manufacturer": "Siemens",
    "ManufacturersModelName": "TrioTim",
    "Modality": "MR",
    "PhaseEncodingDirection": "j-",
    "PhaseEncodingLines": 64,
    "ProcedureStepDescription": "MR_hersenen_(stereotaxie_neuronavigatie)",
    "ProtocolName": "fMRI_Resting_State",
    "RepetitionTime": 2.4,
    "ScanningSequence": "EP",
    "SequenceName": "_epfid2d1_64",
    "SequenceVariant": "SK",
    "SeriesDescription": "fMRI_Resting_State",
    "SliceTiming": [
      2.3325,
      2.275,
      2.2175,
      2.16,
      2.105,
      2.0475,
      1.99,
      1.9325,
      1.8775,
      1.82,
      1.7625,
      1.705,
      1.65,
      1.5925,
      1.535,
      1.4775,
      1.4225,
      1.365,
      1.3075,
      1.25,
      1.195,
      1.1375,
      1.08,
      1.0225,
      0.9675,
      0.91,
      0.8525,
      0.795,
      0.74,
      0.6825,
      0.625,
      0.5675,
      0.5125,
      0.455,
      0.3975,
      0.34,
      0.285,
      0.2275,
      0.17,
      0.1125,
      0.0575,
      0
    ],
    "SoftwareVersions": "syngo_MR_B17",
    "TaskName": "rest",
    "TotalReadoutTime": 0.01464,
    "TrueEchoSpacing": 0.000480001,
    "dataset": "ds001226",
    "modality": "bold",
    "session_id": "preop",
    "subject_id": "PAT24",
    "task_id": "rest"
  },
  "dummy_trs": 2,
  "dvars_nstd": 33.61892204536724,
  "dvars_std": 1.0426107192090397,
  "dvars_vstd": 0.9876149549152541,
  "efc": 0.5925157329560266,
  "fber": 320.7025451660156,
  "fd_mean": 0.29354128755180847,
  "fd_num": 139,
  "fd_perc": 78.08988764044943,
  "fwhm_avg": 2.637662222222222,
  "fwhm_x": 2.4839966666666666,
  "fwhm_y": 2.6686666666666667,
  "fwhm_z": 2.7603233333333335,
  "gcor": 0.0334521,
  "gsr_x": 0.0007105713593773544,
  "gsr_y": 0.06585845351219177,
  "provenance": {
    "md5sum": "567be1eee572ae45a4f0805415098615",
    "settings": {
      "fd_thres": 0.2,
      "testing": false
    },
    "software": "mriqc",
    "version": "0.16.1",
    "webapi_port": null,
    "webapi_url": "https://mriqc.nimh.nih.gov/api/v1"
  },
  "size_t": 178,
  "size_x": 64,
  "size_y": 64,
  "size_z": 42,
  "snr": 2.7608516395183864,
  "spacing_tr": 2.4000000953674316,
  "spacing_x": 3.0,
  "spacing_y": 3.0,
  "spacing_z": 3.0,
  "summary_bg_k": 50.54234158090899,
  "summary_bg_mad": 16.192015621590077,
  "summary_bg_mean": 59.26514434814453,
  "summary_bg_median": 32.314605712890625,
  "summary_bg_n": 92152.0,
  "summary_bg_p05": 18.79213523864746,
  "summary_bg_p95": 188.84044952392566,
  "summary_bg_stdv": 84.31795501708984,
  "summary_fg_k": 1.792554100159557,
  "summary_fg_mad": 186.3498148081905,
  "summary_fg_mean": 611.6381225585938,
  "summary_fg_median": 576.5730590820312,
  "summary_fg_n": 41895.0,
  "summary_fg_p05": 340.79888305664065,
  "summary_fg_p95": 1000.0634704589838,
  "summary_fg_stdv": 208.8363494873047,
  "tsnr": 39.78747504763305
}