{
  "bids_meta": {
    "AccelFactPE": 2,
    "AcquisitionNumber": 1,
    "AcquisitionTime": "14:33:35.200000",
    "BodyPartExamined": "HEAD",
    "ConversionSoftware": "dcm2niix",
    "ConversionSoftwareVersion": "v1.0.20170724 GCC4.8.5",
    "DeviceSerialNumber": "35353",
    "EchoTime": 0.00418,
    "FlipAngle": 9,
    "ImageType": [
      "ORIGINAL",
      "PRIMARY",
      "M",
      "ND",
      "NORM"
    ],
    "InstitutionAddress": "De_Pintelaan_185_Gent_88C96F_District_BE_9000",
    "InstitutionName": "UZ",
    "InversionTime": 0.9,
    "MagneticFieldStrength": 3,
    "Manufacturer": "Siemens",
    "ManufacturersModelName": "TrioTim",
    "Modality": "MR",
    "PhaseEncodingDirection": "i-",
    "PhaseEncodingLines": 256,
    "ProcedureStepDescription": "Brain_Research_3T_MRP",
    "ProtocolName": "T1_mprage",
    "RepetitionTime": 1.75,
    "ScanningSequence": "GR_IR",
    "SequenceName": "_tfl3d1_ns",
    "SequenceVariant": "SP_MP",
    "SeriesDescription": "T1_mprage",
    "SoftwareVersions": "syngo_MR_B17",
    "dataset": "ds001226",
    "modality": "T1w",
    "session_id": "preop",
    "subject_id": "PAT13"
  },
  "cjv": 0.41035977714120264,
  "cnr": 3.174371248922801,
  "efc": 0.5918552455638421,
  "fber": 5182.4001234567895,
  "fwhm_avg": 3.7035794600041725,
  "fwhm_x": 3.799818380012516,
  "fwhm_y": 3.88587,
  "fwhm_z": 3.42505,
  "icvs_csf": 0.21567405397371098,
  "icvs_gm": 0.41139968973755625,
  "icvs_wm": 0.37292625628873277,
  "inu_med": 1.380289077758789,
  "inu_range": 0.4417078018188474,
  "provenance": {
    "md5sum": "6e8c72b8cdeed0552e926e7aff2f8bff",
    "settings": {
      "testing": false
    },
    "software": "mriqc",
    "version": "0.16.1",
    "warnings": {
      "large_rot_frame": true,
      "small_air_mask": false
    },
    "webapi_port": null,
    "webapi_url": "https://mriqc.nimh.nih.gov/api/v1"
  },
  "qi_1": 0.0,
  "qi_2": 0.009671655095975049,
  "rpve_csf": 28.102281793091553,
  "rpve_gm": 14.778095056068874,
  "rpve_wm": 18.79312945149628,
  "size_x": 160,
  "size_y": 256,
  "size_z": 256,
  "snr_csf": 4.536094772936476,
  "snr_gm": 14.576987386016771,
  "snr_total": 14.565226175179838,
  "snr_wm": 24.582596366586266,
  "snrd_csf": 50.88280115505785,
  "snrd_gm": 106.36118313523598,
  "snrd_total": 97.60699444806774,
  "snrd_wm": 135.5769990539094,
  "spacing_x": 0.9999977946281433,
  "spacing_y": 1.0,
  "spacing_z": 1.0,
  "summary_bg_k": 821.0358804479303,
  "summary_bg_mad": 4.8322088380820185,
  "summary_bg_mean": 6.751938147734447,
  "summary_bg_median": 6.46422940865159,
  "summary_bg_n": 1802377.0,
  "summary_bg_p05": 0.0,
  "summary_bg_p95": 19.501330737024546,
  "summary_bg_stdv": 7.577959428150414,
  "summary_csf_k": 23.15165223866767,
  "summary_csf_mad": 65.63750338394742,
  "summary_csf_mean": 391.0374455415923,
  "summary_csf_median": 375.30555449053645,
  "summary_csf_n": 45251.0,
  "summary_csf_p05": 293.44342239946127,
  "summary_csf_p95": 546.5261519365013,
  "summary_csf_stdv": 82.7366768824397,
  "summary_gm_k": 0.17919368711120454,
  "summary_gm_mad": 51.86570819541367,
  "summary_gm_mean": 782.9419873953351,
  "summary_gm_median": 784.5075724348426,
  "summary_gm_n": 12582.0,
  "summary_gm_p05": 692.4330443032086,
  "summary_gm_p95": 870.5497251393273,
  "summary_gm_stdv": 53.81608526177169,
  "summary_wm_k": 1.1172218294814824,
  "summary_wm_mad": 36.563713541487274,
  "summary_wm_mean": 1001.2567365515375,
  "summary_wm_median": 999.9999931417406,
  "summary_wm_n": 171963.0,
  "summary_wm_p05": 937.2100538689643,
  "summary_wm_p95": 1069.8516956340518,
  "summary_wm_stdv": 40.67906703681456,
  "tpm_overlap_csf": 0.15545375645160675,
  "tpm_overlap_gm": 0.4272436499595642,
  "tpm_overlap_wm": 0.48800525069236755,
  "wm2max": 0.5173956619961391
}