{
  "bids_meta": {
    "AccelFactPE": 2,
    "AcquisitionNumber": 1,
    "AcquisitionTime": "12:17:51.277500",
    "BodyPartExamined": "HEAD",
    "ConversionSoftware": "dcm2niix",
    "ConversionSoftwareVersion": "v1.0.20170724 GCC4.8.5",
    "DeviceSerialNumber": "35353",
    "EchoTime": 0.00418,
    "FlipAngle": 9,
    "ImageType": [
      "ORIGINAL",
      "PRIMARY",
      "M",
      "ND",
      "NORM"
    ],
    "InstitutionAddress": "De_Pintelaan_185_Gent_88C96F_District_BE_9000",
    "InstitutionName": "UZ",
    "InversionTime": 0.9,
    "MagneticFieldStrength": 3,
    "Manufacturer": "Siemens",
    "ManufacturersModelName": "TrioTim",
    "Modality": "MR",
    "PhaseEncodingDirection": "i-",
    "PhaseEncodingLines": 256,
    "ProcedureStepDescription": "MR_hersenen_(stereotaxie_neuronavigatie)",
    "ProtocolName": "T1_mprage",
    "RepetitionTime": 1.7,
    "ScanningSequence": "GR_IR",
    "SequenceName": "_tfl3d1_ns",
    "SequenceVariant": "SP_MP",
    "SeriesDescription": "T1_mprage",
    "SoftwareVersions": "syngo_MR_B17",
    "dataset": "ds001226",
    "modality": "T1w",
    "session_id": "preop",
    "subject_id": "PAT05"
  },
  "cjv": 0.3774378135543516,
  "cnr": 3.4142511202723935,
  "efc": 0.6205797554222201,
  "fber": 6133.563950029744,
  "fwhm_avg": 3.666445513657879,
  "fwhm_x": 3.763416540973636,
  "fwhm_y": 3.84722,
  "fwhm_z": 3.3887,
  "icvs_csf": 0.19379939595905585,
  "icvs_gm": 0.4046573686799686,
  "icvs_wm": 0.4015432353609755,
  "inu_med": 1.204716444015503,
  "inu_range": 0.33085381984710693,
  "provenance": {
    "md5sum": "eea6f777bc25a73306808634998c9678",
    "settings": {
      "testing": false
    },
    "software": "mriqc",
    "version": "0.16.1",
    "warnings": {
      "large_rot_frame": true,
      "small_air_mask": false
    },
    "webapi_port": null,
    "webapi_url": "https://mriqc.nimh.nih.gov/api/v1"
  },
  "qi_1": 0.0,
  "qi_2": 0.012126302276603267,
  "rpve_csf": 28.606487798316007,
  "rpve_gm": 14.297435684933872,
  "rpve_wm": 17.141579228901783,
  "size_x": 160,
  "size_y": 256,
  "size_z": 256,
  "snr_csf": 3.7279142507133454,
  "snr_gm": 14.036039553134932,
  "snr_total": 13.928594368302472,
  "snr_wm": 24.021829301059135,
  "snrd_csf": 36.45532866081001,
  "snrd_gm": 76.76365953780319,
  "snrd_total": 71.3712527065762,
  "snrd_wm": 100.89476992111541,
  "spacing_x": 1.0000035762786865,
  "spacing_y": 1.0,
  "spacing_z": 1.0,
  "summary_bg_k": 6370.648901507845,
  "summary_bg_mad": 6.493263900083095,
  "summary_bg_mean": 7.592190261039173,
  "summary_bg_median": 4.379639945924282,
  "summary_bg_n": 2566252.0,
  "summary_bg_p05": 0.0,
  "summary_bg_p95": 21.791379243135452,
  "summary_bg_stdv": 15.366564008746586,
  "summary_csf_k": 1.1660550724978718,
  "summary_csf_mad": 82.19521863763723,
  "summary_csf_mean": 385.75860262127014,
  "summary_csf_median": 361.32029553875327,
  "summary_csf_n": 22762.0,
  "summary_csf_p05": 267.692139133811,
  "summary_csf_p95": 569.6149031620474,
  "summary_csf_stdv": 96.92078042394635,
  "summary_gm_k": 0.29292307806461126,
  "summary_gm_mad": 52.50041421652551,
  "summary_gm_mean": 760.5564525149535,
  "summary_gm_median": 760.8289149962366,
  "summary_gm_n": 15664.0,
  "summary_gm_p05": 671.3133473210037,
  "summary_gm_p95": 849.2682662701234,
  "summary_gm_stdv": 54.20365380283058,
  "summary_wm_k": 1.0786835052850883,
  "summary_wm_mad": 37.771791223654105,
  "summary_wm_mean": 999.357217060861,
  "summary_wm_median": 999.9999842382967,
  "summary_wm_n": 215088.0,
  "summary_wm_p05": 929.7655143737793,
  "summary_wm_p95": 1065.2673014812171,
  "summary_wm_stdv": 41.628705585782434,
  "tpm_overlap_csf": 0.17956489324569702,
  "tpm_overlap_gm": 0.4459073543548584,
  "tpm_overlap_wm": 0.5147424340248108,
  "wm2max": 0.5028722444105729
}