{
  "aor": 0.001142222222222222,
  "aqi": 0.004395457055555555,
  "bids_meta": {
    "AccelFactPE": 2,
    "AcquisitionNumber": 1,
    "AcquisitionTime": "17:30:39.690000",
    "BandwidthPerPixelPhaseEncode": 65.104,
    "BodyPartExamined": "HEAD",
    "ConversionSoftware": "dcm2niix",
    "ConversionSoftwareVersion": "v1.0.20170724 GCC4.8.5",
    "DeviceSerialNumber": "35353",
    "EchoTime": 0.027,
    "EffectiveEchoSpacing": 0.000240001,
    "FlipAngle": 90,
    "ImageType": [
      "ORIGINAL",
      "PRIMARY",
      "M",
      "ND",
      "MOSAIC"
    ],
    "InstitutionAddress": "De_Pintelaan_185_Gent_88C96F_District_BE_9000",
    "InstitutionName": "UZ",
    "MagneticFieldStrength": 3,
    "Manufacturer": "Siemens",
    "ManufacturersModelName": "TrioTim",
    "Modality": "MR",
    "PhaseEncodingDirection": "j-",
    "PhaseEncodingLines": 64,
    "ProcedureStepDescription": "Brain_Research_3T_MRP",
    "ProtocolName": "RESTING_STATE",
    "RepetitionTime": 2.1,
    "ScanningSequence": "EP",
    "SequenceName": "_epfid2d1_64",
    "SequenceVariant": "SK",
    "SeriesDescription": "RESTING_STATE",
    "SliceTiming": [
      2.0375,
      1.9875,
      1.9375,
      1.8875,
      1.8375,
      1.7875,
      1.74,
      1.69,
      1.64,
      1.59,
      1.54,
      1.49,
      1.44,
      1.39,
      1.3425,
      1.2925,
      1.2425,
      1.1925,
      1.1425,
      1.0925,
      1.0425,
      0.9925,
      0.9425,
      0.895,
      0.845,
      0.795,
      0.745,
      0.695,
      0.645,
      0.595,
      0.545,
      0.4975,
      0.4475,
      0.3975,
      0.3475,
      0.2975,
      0.2475,
      0.1975,
      0.1475,
      0.0975,
      0.05,
      0
    ],
    "SoftwareVersions": "syngo_MR_B17",
    "TaskName": "rest",
    "TotalReadoutTime": 0.01464,
    "TrueEchoSpacing": 0.000480001,
    "dataset": "ds001226",
    "modality": "bold",
    "session_id": "preop",
    "subject_id": "PAT06",
    "task_id": "rest"
  },
  "dummy_trs": 0,
  "dvars_nstd": 36.51572725089386,
  "dvars_std": 1.0597155589944138,
  "dvars_vstd": 1.0112923277094972,
  "efc": 0.5433130802316365,
  "fber": 372.4935302734375,
  "fd_mean": 0.15412001396507563,
  "fd_num": 40,
  "fd_perc": 22.22222222222222,
  "fwhm_avg": 2.7122690030571124,
  "fwhm_x": 2.64538,
  "fwhm_y": 2.759563333333333,
  "fwhm_z": 2.7318636758380035,
  "gcor": 0.00454112,
  "gsr_x": -0.013616868294775486,
  "gsr_y": 0.07060999423265457,
  "provenance": {
    "md5sum": "26175171821103e268cdf825971842fd",
    "settings": {
      "fd_thres": 0.2,
      "testing": false
    },
    "software": "mriqc",
    "version": "0.16.1",
    "webapi_port": null,
    "webapi_url": "https://mriqc.nimh.nih.gov/api/v1"
  },
  "size_t": 180,
  "size_x": 64,
  "size_y": 64,
  "size_z": 42,
  "snr": 2.645510894708252,
  "spacing_tr": 2.0999999046325684,
  "spacing_x": 3.0,
  "spacing_y": 3.0,
  "spacing_z": 3.299999952316284,
  "summary_bg_k": 81.71180568648015,
  "summary_bg_mad": 13.285763150767659,
  "summary_bg_mean": 49.293235778808594,
  "summary_bg_median": 30.738889694213867,
  "summary_bg_n": 101594.0,
  "summary_bg_p05": 19.05000114440918,
  "summary_bg_p95": 130.5083366394038,
  "summary_bg_stdv": 64.92610931396484,
  "summary_fg_k": 3.1034565485815975,
  "summary_fg_mad": 189.38596407792318,
  "summary_fg_mean": 637.1795654296875,
  "summary_fg_median": 595.6222534179688,
  "summary_fg_n": 33597.0,
  "summary_fg_p05": 354.50999755859374,
  "summary_fg_p95": 1056.8244384765621,
  "summary_fg_stdv": 225.1411590576172,
  "tsnr": 39.69296372309327
}