{
  "aor": 0.0009505000000000001,
  "aqi": 0.005223434388888889,
  "bids_meta": {
    "AccelFactPE": 2,
    "AcquisitionNumber": 1,
    "AcquisitionTime": "11:28:45.750000",
    "BandwidthPerPixelPhaseEncode": 65.104,
    "BodyPartExamined": "HEAD",
    "ConversionSoftware": "dcm2niix",
    "ConversionSoftwareVersion": "v1.0.20170724 GCC4.8.5",
    "DeviceSerialNumber": "35353",
    "EchoTime": 0.027,
    "EffectiveEchoSpacing": 0.000240001,
    "FlipAngle": 90,
    "ImageType": [
      "ORIGINAL",
      "PRIMARY",
      "M",
      "ND",
      "MOSAIC"
    ],
    "InstitutionAddress": "De_Pintelaan_185_Gent_88C96F_District_BE_9000",
    "InstitutionName": "UZ",
    "MagneticFieldStrength": 3,
    "Manufacturer": "Siemens",
    "ManufacturersModelName": "TrioTim",
    "Modality": "MR",
    "PhaseEncodingDirection": "j-",
    "PhaseEncodingLines": 64,
    "ProcedureStepDescription": "MR_hersenen_(stereotaxie_neuronavigatie)",
    "ProtocolName": "fMRI_Resting_State",
    "RepetitionTime": 2.4,
    "ScanningSequence": "EP",
    "SequenceName": "_epfid2d1_64",
    "SequenceVariant": "SK",
    "SeriesDescription": "fMRI_Resting_State",
    "SliceTiming": [
      2.3325,
      2.275,
      2.22,
      2.1625,
      2.105,
      2.0475,
      1.9925,
      1.935,
      1.8775,
      1.82,
      1.765,
      1.7075,
      1.65,
      1.5925,
      1.5375,
      1.48,
      1.4225,
      1.365,
      1.31,
      1.2525,
      1.195,
      1.1375,
      1.0825,
      1.025,
      0.9675,
      0.91,
      0.855,
      0.7975,
      0.74,
      0.6825,
      0.6275,
      0.57,
      0.5125,
      0.455,
      0.4,
      0.3425,
      0.285,
      0.2275,
      0.1725,
      0.115,
      0.0575,
      0
    ],
    "SoftwareVersions": "syngo_MR_B17",
    "TaskName": "rest",
    "TotalReadoutTime": 0.01464,
    "TrueEchoSpacing": 0.000480001,
    "dataset": "ds001226",
    "modality": "bold",
    "session_id": "preop",
    "subject_id": "PAT10",
    "task_id": "rest"
  },
  "dummy_trs": 0,
  "dvars_nstd": 29.7643538212849,
  "dvars_std": 1.0257844399999996,
  "dvars_vstd": 0.9910662918435751,
  "efc": 0.565847131636007,
  "fber": 379.015380859375,
  "fd_mean": 0.09764522775179924,
  "fd_num": 11,
  "fd_perc": 6.111111111111111,
  "fwhm_avg": 2.689337777777778,
  "fwhm_x": 2.5941899999999998,
  "fwhm_y": 2.736606666666667,
  "fwhm_z": 2.737216666666667,
  "gcor": 0.0112483,
  "gsr_x": 0.002774149877950549,
  "gsr_y": 0.05427929013967514,
  "provenance": {
    "md5sum": "2c2e62acfacfad3c64e5fad84ae2bf74",
    "settings": {
      "fd_thres": 0.2,
      "testing": false
    },
    "software": "mriqc",
    "version": "0.16.1",
    "webapi_port": null,
    "webapi_url": "https://mriqc.nimh.nih.gov/api/v1"
  },
  "size_t": 180,
  "size_x": 64,
  "size_y": 64,
  "size_z": 42,
  "snr": 2.9374089324614467,
  "spacing_tr": 2.4000000953674316,
  "spacing_x": 3.0,
  "spacing_y": 3.0,
  "spacing_z": 3.0,
  "summary_bg_k": 93.05801818212163,
  "summary_bg_mad": 12.091445011175848,
  "summary_bg_mean": 49.57303237915039,
  "summary_bg_median": 28.988889694213867,
  "summary_bg_n": 96845.0,
  "summary_bg_p05": 19.238889694213867,
  "summary_bg_p95": 130.26334228515637,
  "summary_bg_stdv": 81.37174224853516,
  "summary_fg_k": 1.4087839101525574,
  "summary_fg_mad": 177.35217305469075,
  "summary_fg_mean": 603.4479370117188,
  "summary_fg_median": 574.7111206054688,
  "summary_fg_n": 37063.0,
  "summary_fg_p05": 336.8561157226562,
  "summary_fg_p95": 964.90224609375,
  "summary_fg_stdv": 195.64976501464844,
  "tsnr": 42.893398532643914
}