{
  "bids_meta": {
    "AccelFactPE": 2,
    "AcquisitionNumber": 1,
    "AcquisitionTime": "12:47:17.197500",
    "BodyPartExamined": "HEAD",
    "ConversionSoftware": "dcm2niix",
    "ConversionSoftwareVersion": "v1.0.20170724 GCC4.8.5",
    "DeviceSerialNumber": "35353",
    "EchoTime": 0.00418,
    "FlipAngle": 9,
    "ImageType": [
      "ORIGINAL",
      "PRIMARY",
      "M",
      "ND",
      "NORM"
    ],
    "InstitutionAddress": "De_Pintelaan_185_Gent_ACCD6F_District_BE_9000",
    "InstitutionName": "UZ",
    "InversionTime": 0.9,
    "MagneticFieldStrength": 3,
    "Manufacturer": "Siemens",
    "ManufacturersModelName": "TrioTim",
    "Modality": "MR",
    "PhaseEncodingDirection": "i-",
    "PhaseEncodingLines": 256,
    "ProcedureStepDescription": "MR_hersenen_(structuur_alleen)",
    "ProtocolName": "T1_mprage",
    "RepetitionTime": 1.75,
    "ScanningSequence": "GR_IR",
    "SequenceName": "_tfl3d1_ns",
    "SequenceVariant": "SP_MP",
    "SeriesDescription": "T1_mprage",
    "SoftwareVersions": "syngo_MR_B17",
    "dataset": "ds001226",
    "modality": "T1w",
    "session_id": "preop",
    "subject_id": "CON09"
  },
  "cjv": 0.4555982197869721,
  "cnr": 2.928289294472056,
  "efc": 0.6199102277477834,
  "fber": 8126.492214532872,
  "fwhm_avg": 3.6535692500645176,
  "fwhm_x": 3.7150477501935515,
  "fwhm_y": 3.86224,
  "fwhm_z": 3.38342,
  "icvs_csf": 0.23143007511696934,
  "icvs_gm": 0.3826830469586207,
  "icvs_wm": 0.38588687792440995,
  "inu_med": 1.2297675609588623,
  "inu_range": 0.35194947719573966,
  "provenance": {
    "md5sum": "f0e50b356ef3a15837a13e1163858bf3",
    "settings": {
      "testing": false
    },
    "software": "mriqc",
    "version": "0.16.1",
    "warnings": {
      "large_rot_frame": true,
      "small_air_mask": false
    },
    "webapi_port": null,
    "webapi_url": "https://mriqc.nimh.nih.gov/api/v1"
  },
  "qi_1": 0.0,
  "qi_2": 0.01767517054900138,
  "rpve_csf": 18.514417231969784,
  "rpve_gm": 10.658269879872021,
  "rpve_wm": 12.502376144878014,
  "size_x": 160,
  "size_y": 256,
  "size_z": 256,
  "snr_csf": 4.193318296491662,
  "snr_gm": 14.26708604671459,
  "snr_total": 13.810085234050268,
  "snr_wm": 22.969851358944553,
  "snrd_csf": 39.31716943482439,
  "snrd_gm": 88.745656409082,
  "snrd_total": 80.0119733930163,
  "snrd_wm": 111.97309433514249,
  "spacing_x": 0.9999979138374329,
  "spacing_y": 1.0,
  "spacing_z": 1.0,
  "summary_bg_k": 4.078105799072702,
  "summary_bg_mad": 5.851109223185085,
  "summary_bg_mean": 6.531199522734206,
  "summary_bg_median": 3.9465131983160973,
  "summary_bg_n": 2498526.0,
  "summary_bg_p05": 0.0,
  "summary_bg_p95": 19.63970685750246,
  "summary_bg_stdv": 6.090476260811324,
  "summary_csf_k": 4.09960257429454,
  "summary_csf_mad": 49.493500370236184,
  "summary_csf_mean": 370.7479185841874,
  "summary_csf_median": 351.14681551605463,
  "summary_csf_n": 82408.0,
  "summary_csf_p05": 279.1809866055846,
  "summary_csf_p95": 553.5797278061509,
  "summary_csf_stdv": 83.73909637744048,
  "summary_gm_k": 0.39846829206371526,
  "summary_gm_mad": 52.728819587762054,
  "summary_gm_mean": 793.1266793346871,
  "summary_gm_median": 792.5991389229894,
  "summary_gm_n": 14151.0,
  "summary_gm_p05": 702.1775571145117,
  "summary_gm_p95": 886.2940052077174,
  "summary_gm_stdv": 55.55241839682989,
  "summary_wm_k": 0.3362202713628566,
  "summary_wm_mad": 41.78380351145113,
  "summary_wm_mean": 999.2329730931912,
  "summary_wm_median": 1000.046444453299,
  "summary_wm_n": 253676.0,
  "summary_wm_p05": 926.2698624283075,
  "summary_wm_p95": 1069.377395434305,
  "summary_wm_stdv": 43.53726359453533,
  "tpm_overlap_csf": 0.1482277810573578,
  "tpm_overlap_gm": 0.40523988008499146,
  "tpm_overlap_wm": 0.4570014178752899,
  "wm2max": 0.5406104111239396
}