{
  "bids_meta": {
    "AccelFactPE": 2,
    "AcquisitionNumber": 1,
    "AcquisitionTime": "11:16:44.207500",
    "BodyPartExamined": "HEAD",
    "ConversionSoftware": "dcm2niix",
    "ConversionSoftwareVersion": "v1.0.20170724 GCC4.8.5",
    "DeviceSerialNumber": "35353",
    "EchoTime": 0.00418,
    "FlipAngle": 9,
    "ImageType": [
      "ORIGINAL",
      "PRIMARY",
      "M",
      "ND",
      "NORM"
    ],
    "InstitutionAddress": "De_Pintelaan_185_Gent_ACCD6F_District_BE_9000",
    "InstitutionName": "UZ_Gent",
    "InversionTime": 0.9,
    "MagneticFieldStrength": 3,
    "Manufacturer": "Siemens",
    "ManufacturersModelName": "TrioTim",
    "Modality": "MR",
    "PhaseEncodingDirection": "i-",
    "PhaseEncodingLines": 256,
    "ProcedureStepDescription": "MR_hersenen_(stereotaxie_neuronavigatie)",
    "ProtocolName": "T1_mprage",
    "RepetitionTime": 1.75,
    "ScanningSequence": "GR_IR",
    "SequenceName": "_tfl3d1_ns",
    "SequenceVariant": "SP_MP",
    "SeriesDescription": "T1_mprage",
    "SoftwareVersions": "syngo_MR_B17",
    "dataset": "ds001226",
    "modality": "T1w",
    "session_id": "preop",
    "subject_id": "PAT25"
  },
  "cjv": 0.4751482683792232,
  "cnr": 2.812620854132309,
  "efc": 0.6239578896183932,
  "fber": 7372.203786982249,
  "fwhm_avg": 3.6734530958586045,
  "fwhm_x": 3.7771392875758134,
  "fwhm_y": 3.8007,
  "fwhm_z": 3.44252,
  "icvs_csf": 0.1957096436366595,
  "icvs_gm": 0.401199071152832,
  "icvs_wm": 0.4030912852105085,
  "inu_med": 1.291432499885559,
  "inu_range": 0.43097188472747816,
  "provenance": {
    "md5sum": "5cef3000e15d0c715424d3c19ead5ceb",
    "settings": {
      "testing": false
    },
    "software": "mriqc",
    "version": "0.16.1",
    "warnings": {
      "large_rot_frame": true,
      "small_air_mask": false
    },
    "webapi_port": null,
    "webapi_url": "https://mriqc.nimh.nih.gov/api/v1"
  },
  "qi_1": 0.0,
  "qi_2": 0.017521551726439596,
  "rpve_csf": 26.476955960392818,
  "rpve_gm": 13.241283149128828,
  "rpve_wm": 15.6464785259841,
  "size_x": 160,
  "size_y": 256,
  "size_z": 256,
  "snr_csf": 3.470008776357362,
  "snr_gm": 12.802592376243696,
  "snr_total": 13.162691907359536,
  "snr_wm": 23.21547456947755,
  "snrd_csf": 40.27251598818433,
  "snrd_gm": 85.61648655556945,
  "snrd_total": 78.20192025389609,
  "snrd_wm": 108.71675821793448,
  "spacing_x": 1.0000054836273193,
  "spacing_y": 1.0,
  "spacing_z": 1.0,
  "summary_bg_k": 913.1715337185442,
  "summary_bg_mad": 6.026084266173652,
  "summary_bg_mean": 8.29201358041033,
  "summary_bg_median": 8.12906414270401,
  "summary_bg_n": 2707382.0,
  "summary_bg_p05": 0.0,
  "summary_bg_p95": 24.324661165475845,
  "summary_bg_stdv": 8.260859901628999,
  "summary_csf_k": 3.9001742955567895,
  "summary_csf_mad": 82.41829096351348,
  "summary_csf_mean": 395.4621961837646,
  "summary_csf_median": 370.4351998567581,
  "summary_csf_n": 25951.0,
  "summary_csf_p05": 269.79113264381886,
  "summary_csf_p95": 601.4569496661425,
  "summary_csf_stdv": 106.7513330534361,
  "summary_gm_k": 0.08199876431528086,
  "summary_gm_mad": 61.28064153755052,
  "summary_gm_mean": 788.1303968904423,
  "summary_gm_median": 787.51872164011,
  "summary_gm_n": 12527.0,
  "summary_gm_p05": 688.738086053729,
  "summary_gm_p95": 891.2018082171676,
  "summary_gm_stdv": 61.50998680705727,
  "summary_wm_k": 0.695310822379124,
  "summary_wm_mad": 39.67944716803574,
  "summary_wm_mean": 999.1975784968963,
  "summary_wm_median": 999.9999520778656,
  "summary_wm_n": 223924.0,
  "summary_wm_p05": 926.9009060561657,
  "summary_wm_p95": 1068.0964970886707,
  "summary_wm_stdv": 43.074618878985746,
  "tpm_overlap_csf": 0.16588568687438965,
  "tpm_overlap_gm": 0.4313597083091736,
  "tpm_overlap_wm": 0.4972876012325287,
  "wm2max": 0.5116110547977414
}