{
  "bids_meta": {
    "AccelFactPE": 2,
    "AcquisitionNumber": 1,
    "AcquisitionTime": "17:23:7.195000",
    "BodyPartExamined": "HEAD",
    "ConversionSoftware": "dcm2niix",
    "ConversionSoftwareVersion": "v1.0.20170724 GCC4.8.5",
    "DeviceSerialNumber": "35353",
    "EchoTime": 0.00418,
    "FlipAngle": 9,
    "ImageType": [
      "ORIGINAL",
      "PRIMARY",
      "M",
      "ND",
      "NORM"
    ],
    "InstitutionAddress": "De_Pintelaan_185_Gent_ACCD6F_District_BE_9000",
    "InstitutionName": "UZ_Gent",
    "InversionTime": 0.9,
    "MagneticFieldStrength": 3,
    "Manufacturer": "Siemens",
    "ManufacturersModelName": "TrioTim",
    "Modality": "MR",
    "PhaseEncodingDirection": "i-",
    "PhaseEncodingLines": 256,
    "ProcedureStepDescription": "Brain_Research_3T_MRP",
    "ProtocolName": "T1_mprage",
    "RepetitionTime": 1.75,
    "ScanningSequence": "GR_IR",
    "SequenceName": "_tfl3d1_ns",
    "SequenceVariant": "SP_MP",
    "SeriesDescription": "T1_mprage",
    "SoftwareVersions": "syngo_MR_B17",
    "dataset": "ds001226",
    "modality": "T1w",
    "session_id": "preop",
    "subject_id": "CON10"
  },
  "cjv": 0.6505359543704146,
  "cnr": 2.1056251726657353,
  "efc": 0.6201997147797157,
  "fber": 8107.82797731569,
  "fwhm_avg": 3.5433500060037932,
  "fwhm_x": 3.6537900180113807,
  "fwhm_y": 3.7308,
  "fwhm_z": 3.24546,
  "icvs_csf": 0.21446339512231896,
  "icvs_gm": 0.4132163712200535,
  "icvs_wm": 0.3723202336576275,
  "inu_med": 1.3429275751113892,
  "inu_range": 0.5579580545425415,
  "provenance": {
    "md5sum": "3bb1850bd3df07a78bd394450b96ca28",
    "settings": {
      "testing": false
    },
    "software": "mriqc",
    "version": "0.16.1",
    "warnings": {
      "large_rot_frame": true,
      "small_air_mask": false
    },
    "webapi_port": null,
    "webapi_url": "https://mriqc.nimh.nih.gov/api/v1"
  },
  "qi_1": 0.0,
  "qi_2": 0.014004269122174274,
  "rpve_csf": 22.8141487625037,
  "rpve_gm": 11.827934594203844,
  "rpve_wm": 14.987008549473046,
  "size_x": 160,
  "size_y": 256,
  "size_z": 256,
  "snr_csf": 3.8040084990822236,
  "snr_gm": 12.023424928145184,
  "snr_total": 11.364652321911265,
  "snr_wm": 18.26652353850639,
  "snrd_csf": 38.934781990602474,
  "snrd_gm": 85.40066479919945,
  "snrd_total": 76.35025099474245,
  "snrd_wm": 104.71530619442545,
  "spacing_x": 0.9999972581863403,
  "spacing_y": 1.0,
  "spacing_z": 1.0,
  "summary_bg_k": 9.330616296753774,
  "summary_bg_mad": 6.256683427651497,
  "summary_bg_mean": 8.355791038049578,
  "summary_bg_median": 4.220068842172623,
  "summary_bg_n": 2762004.0,
  "summary_bg_p05": 0.0,
  "summary_bg_p95": 25.112014591693878,
  "summary_bg_stdv": 8.715061939699206,
  "summary_csf_k": 2.777411502699116,
  "summary_csf_mad": 71.21805086783556,
  "summary_csf_mean": 396.2090139513505,
  "summary_csf_median": 371.83495464921,
  "summary_csf_n": 34848.0,
  "summary_csf_p05": 283.12754459828136,
  "summary_csf_p95": 592.9092524021866,
  "summary_csf_stdv": 97.7467898936491,
  "summary_gm_k": 0.06386264632729022,
  "summary_gm_mad": 67.54900811705228,
  "summary_gm_mean": 817.4573208050139,
  "summary_gm_median": 815.5934282690287,
  "summary_gm_n": 11036.0,
  "summary_gm_p05": 708.9194658696651,
  "summary_gm_p95": 930.4209804683924,
  "summary_gm_stdv": 67.83062902704455,
  "summary_wm_k": 0.47548817227140283,
  "summary_wm_mad": 52.44800058488107,
  "summary_wm_mean": 1001.7333031905519,
  "summary_wm_median": 1000.0521163642406,
  "summary_wm_n": 185661.0,
  "summary_wm_p05": 914.6087472140789,
  "summary_wm_p95": 1093.6751251220703,
  "summary_wm_stdv": 54.747660168160984,
  "tpm_overlap_csf": 0.17512664198875427,
  "tpm_overlap_gm": 0.4344259202480316,
  "tpm_overlap_wm": 0.490243136882782,
  "wm2max": 0.4273331071365713
}