{
  "aor": 0.0007217222222222222,
  "aqi": 0.008226142833333333,
  "bids_meta": {
    "AccelFactPE": 2,
    "AcquisitionNumber": 1,
    "AcquisitionTime": "14:43:18.482500",
    "BandwidthPerPixelPhaseEncode": 65.104,
    "BodyPartExamined": "HEAD",
    "ConversionSoftware": "dcm2niix",
    "ConversionSoftwareVersion": "v1.0.20170724 GCC4.8.5",
    "DeviceSerialNumber": "35353",
    "EchoTime": 0.027,
    "EffectiveEchoSpacing": 0.000240001,
    "FlipAngle": 90,
    "ImageType": [
      "ORIGINAL",
      "PRIMARY",
      "M",
      "ND",
      "MOSAIC"
    ],
    "InstitutionAddress": "De_Pintelaan_185_Gent_9C4B6E_District_BE_9000",
    "InstitutionName": "UZ_Gent",
    "MagneticFieldStrength": 3,
    "Manufacturer": "Siemens",
    "ManufacturersModelName": "TrioTim",
    "Modality": "MR",
    "PhaseEncodingDirection": "j-",
    "PhaseEncodingLines": 64,
    "ProcedureStepDescription": "Brain_Research_3T_MRP",
    "ProtocolName": "fMRI_Resting_State",
    "RepetitionTime": 2.4,
    "ScanningSequence": "EP",
    "SequenceName": "_epfid2d1_64",
    "SequenceVariant": "SK",
    "SeriesDescription": "fMRI_Resting_State",
    "SliceTiming": [
      2.3325,
      2.275,
      2.2175,
      2.16,
      2.105,
      2.0475,
      1.99,
      1.9325,
      1.8775,
      1.82,
      1.7625,
      1.705,
      1.65,
      1.5925,
      1.535,
      1.4775,
      1.4225,
      1.365,
      1.3075,
      1.25,
      1.195,
      1.1375,
      1.08,
      1.0225,
      0.9675,
      0.91,
      0.8525,
      0.795,
      0.7375,
      0.6825,
      0.625,
      0.5675,
      0.51,
      0.455,
      0.3975,
      0.34,
      0.2825,
      0.2275,
      0.17,
      0.1125,
      0.055,
      0
    ],
    "SoftwareVersions": "syngo_MR_B17",
    "TaskName": "rest",
    "TotalReadoutTime": 0.01464,
    "TrueEchoSpacing": 0.000480001,
    "dataset": "ds001226",
    "modality": "bold",
    "session_id": "preop",
    "subject_id": "PAT29",
    "task_id": "rest"
  },
  "dummy_trs": 0,
  "dvars_nstd": 31.797260636089376,
  "dvars_std": 1.0029723008379885,
  "dvars_vstd": 0.9559760818994416,
  "efc": 0.5942873899629506,
  "fber": 362.6838684082031,
  "fd_mean": 0.2305326121905151,
  "fd_num": 96,
  "fd_perc": 53.333333333333336,
  "fwhm_avg": 2.6504422222222224,
  "fwhm_x": 2.4444733333333333,
  "fwhm_y": 2.67104,
  "fwhm_z": 2.8358133333333337,
  "gcor": 0.00752372,
  "gsr_x": 0.0036976486444473267,
  "gsr_y": 0.07541163265705109,
  "provenance": {
    "md5sum": "02321befa747debdc5ae6b94c296b48c",
    "settings": {
      "fd_thres": 0.2,
      "testing": false
    },
    "software": "mriqc",
    "version": "0.16.1",
    "webapi_port": null,
    "webapi_url": "https://mriqc.nimh.nih.gov/api/v1"
  },
  "size_t": 180,
  "size_x": 64,
  "size_y": 64,
  "size_z": 42,
  "snr": 2.8580608081546326,
  "spacing_tr": 2.4000000953674316,
  "spacing_x": 3.0,
  "spacing_y": 3.0,
  "spacing_z": 3.0,
  "summary_bg_k": 39.4127106390273,
  "summary_bg_mad": 15.867962203187536,
  "summary_bg_mean": 51.85630416870117,
  "summary_bg_median": 28.65277862548828,
  "summary_bg_n": 91962.0,
  "summary_bg_p05": 16.011112213134766,
  "summary_bg_p95": 168.54444885253906,
  "summary_bg_stdv": 68.43975830078125,
  "summary_fg_k": 2.259522702856482,
  "summary_fg_mad": 158.81969056879979,
  "summary_fg_mean": 591.371826171875,
  "summary_fg_median": 553.052734375,
  "summary_fg_n": 43132.0,
  "summary_fg_p05": 355.16668701171875,
  "summary_fg_p95": 970.0947601318358,
  "summary_fg_stdv": 193.50404357910156,
  "tsnr": 38.770592994987965
}