{
  "bids_meta": {
    "AccelFactPE": 2,
    "AcquisitionNumber": 1,
    "AcquisitionTime": "13:43:57.387500",
    "BodyPartExamined": "HEAD",
    "ConversionSoftware": "dcm2niix",
    "ConversionSoftwareVersion": "v1.0.20170724 GCC4.8.5",
    "DeviceSerialNumber": "35353",
    "EchoTime": 0.00418,
    "FlipAngle": 9,
    "ImageType": [
      "ORIGINAL",
      "PRIMARY",
      "M",
      "ND",
      "NORM"
    ],
    "InstitutionAddress": "De_Pintelaan_185_Gent_88C96F_District_BE_9000",
    "InstitutionName": "UZ",
    "InversionTime": 0.9,
    "MagneticFieldStrength": 3,
    "Manufacturer": "Siemens",
    "ManufacturersModelName": "TrioTim",
    "Modality": "MR",
    "PhaseEncodingDirection": "i-",
    "PhaseEncodingLines": 256,
    "ProcedureStepDescription": "Brain_Research_3T_MRP",
    "ProtocolName": "T1_mprage",
    "RepetitionTime": 1.59,
    "ScanningSequence": "GR_IR",
    "SequenceName": "_tfl3d1_ns",
    "SequenceVariant": "SP_MP",
    "SeriesDescription": "T1_mprage",
    "SoftwareVersions": "syngo_MR_B17",
    "dataset": "ds001226",
    "modality": "T1w",
    "session_id": "preop",
    "subject_id": "CON01"
  },
  "cjv": 0.43479124682301945,
  "cnr": 2.958202924320372,
  "efc": 0.6402005280019394,
  "fber": 6555.775234131113,
  "fwhm_avg": 3.435792938214284,
  "fwhm_x": 3.314498814642853,
  "fwhm_y": 3.72575,
  "fwhm_z": 3.26713,
  "icvs_csf": 0.1700570559372845,
  "icvs_gm": 0.41005060330815485,
  "icvs_wm": 0.41989234075456067,
  "inu_med": 1.2531555891036987,
  "inu_range": 0.41947839260101305,
  "provenance": {
    "md5sum": "a0eb59fda403f9808b0da4cc62e4a9b8",
    "settings": {
      "testing": false
    },
    "software": "mriqc",
    "version": "0.16.1",
    "warnings": {
      "large_rot_frame": true,
      "small_air_mask": false
    },
    "webapi_port": null,
    "webapi_url": "https://mriqc.nimh.nih.gov/api/v1"
  },
  "qi_1": 0.0,
  "qi_2": 0.01152818892366079,
  "rpve_csf": 24.52278164277002,
  "rpve_gm": 10.919154765614435,
  "rpve_wm": 12.554685182127319,
  "size_x": 144,
  "size_y": 256,
  "size_z": 256,
  "snr_csf": 1.7225792674459157,
  "snr_gm": 11.700557787632926,
  "snr_total": 12.303031279348993,
  "snr_wm": 23.485956782968138,
  "snrd_csf": 39.43660268509821,
  "snrd_gm": 78.06978214902153,
  "snrd_total": 73.08473235287457,
  "snrd_wm": 101.74781222450396,
  "spacing_x": 1.0000003576278687,
  "spacing_y": 1.0,
  "spacing_z": 1.0,
  "summary_bg_k": 7.737984085435627,
  "summary_bg_mad": 6.43882535322641,
  "summary_bg_mean": 9.46496627266913,
  "summary_bg_median": 8.685843408107758,
  "summary_bg_n": 2286428.0,
  "summary_bg_p05": 0.0,
  "summary_bg_p95": 26.1139318048954,
  "summary_bg_stdv": 8.684920488639413,
  "summary_csf_k": 14.644359700414533,
  "summary_csf_mad": 112.3031486932866,
  "summary_csf_mean": 448.890057351649,
  "summary_csf_median": 387.59166169166565,
  "summary_csf_n": 21569.0,
  "summary_csf_p05": 260.1466502308846,
  "summary_csf_p95": 784.1398943781842,
  "summary_csf_stdv": 225.00135929184728,
  "summary_gm_k": 0.29889104780065257,
  "summary_gm_mad": 61.8796202777603,
  "summary_gm_mean": 772.3727675003346,
  "summary_gm_median": 767.2871021032333,
  "summary_gm_n": 21037.0,
  "summary_gm_p05": 672.0812340974808,
  "summary_gm_p95": 889.5093272030354,
  "summary_gm_stdv": 65.57540924144028,
  "summary_wm_k": 0.8069391578301337,
  "summary_wm_mad": 39.30192098722614,
  "summary_wm_mean": 999.516990060431,
  "summary_wm_median": 1000.0000235438347,
  "summary_wm_n": 257060.0,
  "summary_wm_p05": 928.7648272812366,
  "summary_wm_p95": 1067.6255186498165,
  "summary_wm_stdv": 42.5785539721294,
  "tpm_overlap_csf": 0.17164331674575806,
  "tpm_overlap_gm": 0.44380563497543335,
  "tpm_overlap_wm": 0.5072351098060608,
  "wm2max": 0.544265717092338
}