{
  "aor": 0.0010340555555555554,
  "aqi": 0.010096597388888889,
  "bids_meta": {
    "AccelFactPE": 2,
    "AcquisitionNumber": 1,
    "AcquisitionTime": "13:13:1.167500",
    "BandwidthPerPixelPhaseEncode": 65.104,
    "BodyPartExamined": "HEAD",
    "ConversionSoftware": "dcm2niix",
    "ConversionSoftwareVersion": "v1.0.20170724 GCC4.8.5",
    "DeviceSerialNumber": "35353",
    "EchoTime": 0.027,
    "EffectiveEchoSpacing": 0.000240001,
    "FlipAngle": 90,
    "ImageType": [
      "ORIGINAL",
      "PRIMARY",
      "M",
      "ND",
      "MOSAIC"
    ],
    "InstitutionAddress": "De_Pintelaan_185_Gent_ACCD6F_District_BE_9000",
    "InstitutionName": "Experimental_Psychology",
    "MagneticFieldStrength": 3,
    "Manufacturer": "Siemens",
    "ManufacturersModelName": "TrioTim",
    "Modality": "MR",
    "PhaseEncodingDirection": "j-",
    "PhaseEncodingLines": 64,
    "ProcedureStepDescription": "Brain_Research_3T_MRP",
    "ProtocolName": "fMRI_Resting_State",
    "RepetitionTime": 2.4,
    "ScanningSequence": "EP",
    "SequenceName": "_epfid2d1_64",
    "SequenceVariant": "SK",
    "SeriesDescription": "fMRI_Resting_State",
    "SliceTiming": [
      2.3325,
      2.275,
      2.2175,
      2.16,
      2.105,
      2.0475,
      1.99,
      1.9325,
      1.8775,
      1.82,
      1.7625,
      1.705,
      1.65,
      1.5925,
      1.535,
      1.4775,
      1.4225,
      1.365,
      1.3075,
      1.25,
      1.195,
      1.1375,
      1.08,
      1.0225,
      0.9675,
      0.91,
      0.8525,
      0.795,
      0.74,
      0.6825,
      0.625,
      0.5675,
      0.5125,
      0.455,
      0.3975,
      0.34,
      0.285,
      0.2275,
      0.17,
      0.1125,
      0.0575,
      0
    ],
    "SoftwareVersions": "syngo_MR_B17",
    "TaskName": "rest",
    "TotalReadoutTime": 0.01464,
    "TrueEchoSpacing": 0.000480001,
    "dataset": "ds001226",
    "modality": "bold",
    "session_id": "preop",
    "subject_id": "PAT16",
    "task_id": "rest"
  },
  "dummy_trs": 0,
  "dvars_nstd": 45.175443201564256,
  "dvars_std": 1.0521749789944135,
  "dvars_vstd": 0.9818468301675982,
  "efc": 0.6058763753262536,
  "fber": 264.589599609375,
  "fd_mean": 0.3108139027260187,
  "fd_num": 121,
  "fd_perc": 67.22222222222223,
  "fwhm_avg": 2.4773533333333333,
  "fwhm_x": 2.3279166666666664,
  "fwhm_y": 2.57598,
  "fwhm_z": 2.528163333333333,
  "gcor": 0.0110405,
  "gsr_x": -0.013728300109505653,
  "gsr_y": 0.07789092510938644,
  "provenance": {
    "md5sum": "fdbb0461e5a604c06fdc9e98ee1f5b04",
    "settings": {
      "fd_thres": 0.2,
      "testing": false
    },
    "software": "mriqc",
    "version": "0.16.1",
    "webapi_port": null,
    "webapi_url": "https://mriqc.nimh.nih.gov/api/v1"
  },
  "size_t": 180,
  "size_x": 64,
  "size_y": 64,
  "size_z": 42,
  "snr": 3.1076108035503114,
  "spacing_tr": 2.4000000953674316,
  "spacing_x": 3.0,
  "spacing_y": 3.0,
  "spacing_z": 3.0,
  "summary_bg_k": 51.074817523847216,
  "summary_bg_mad": 15.493194314519267,
  "summary_bg_mean": 59.20291519165039,
  "summary_bg_median": 32.32222366333008,
  "summary_bg_n": 92874.0,
  "summary_bg_p05": 19.80000114440918,
  "summary_bg_p95": 185.18527832031248,
  "summary_bg_stdv": 83.79678344726562,
  "summary_fg_k": 1.2049051421639563,
  "summary_fg_mad": 161.35651128374033,
  "summary_fg_mean": 559.264404296875,
  "summary_fg_median": 532.9166870117188,
  "summary_fg_n": 40517.0,
  "summary_fg_p05": 329.9811157226562,
  "summary_fg_p95": 874.2566650390625,
  "summary_fg_stdv": 171.4854736328125,
  "tsnr": 32.640547632589005
}