{
  "bids_meta": {
    "AccelFactPE": 2,
    "AcquisitionNumber": 1,
    "AcquisitionTime": "13:00:17.197500",
    "BodyPartExamined": "HEAD",
    "ConversionSoftware": "dcm2niix",
    "ConversionSoftwareVersion": "v1.0.20170724 GCC4.8.5",
    "DeviceSerialNumber": "35353",
    "EchoTime": 0.00418,
    "FlipAngle": 9,
    "ImageType": [
      "ORIGINAL",
      "PRIMARY",
      "M",
      "ND",
      "NORM"
    ],
    "InstitutionAddress": "De_Pintelaan_185_Gent_ACCD6F_District_BE_9000",
    "InstitutionName": "UZ_Gent",
    "InversionTime": 0.9,
    "MagneticFieldStrength": 3,
    "Manufacturer": "Siemens",
    "ManufacturersModelName": "TrioTim",
    "Modality": "MR",
    "PhaseEncodingDirection": "i-",
    "PhaseEncodingLines": 256,
    "ProcedureStepDescription": "Brain_Research_3T_Experimentele_Psychologie",
    "ProtocolName": "T1_mprage",
    "RepetitionTime": 1.75,
    "ScanningSequence": "GR_IR",
    "SequenceName": "_tfl3d1_ns",
    "SequenceVariant": "SP_MP",
    "SeriesDescription": "T1_mprage",
    "SoftwareVersions": "syngo_MR_B17",
    "dataset": "ds001226",
    "modality": "T1w",
    "session_id": "preop",
    "subject_id": "PAT22"
  },
  "cjv": 0.6473333630094882,
  "cnr": 1.9742102178407122,
  "efc": 0.6448685828390824,
  "fber": 3157.5225156184924,
  "fwhm_avg": 3.532823611142652,
  "fwhm_x": 3.709280833427956,
  "fwhm_y": 3.6185,
  "fwhm_z": 3.27069,
  "icvs_csf": 0.24593862351782955,
  "icvs_gm": 0.37767237277054244,
  "icvs_wm": 0.37638900371162803,
  "inu_med": 1.438101887702942,
  "inu_range": 0.4558089017868039,
  "provenance": {
    "md5sum": "d0b4e260d84180ed35641855d8822f37",
    "settings": {
      "testing": false
    },
    "software": "mriqc",
    "version": "0.16.1",
    "warnings": {
      "large_rot_frame": true,
      "small_air_mask": false
    },
    "webapi_port": null,
    "webapi_url": "https://mriqc.nimh.nih.gov/api/v1"
  },
  "qi_1": 0.0,
  "qi_2": 0.01873141904892394,
  "rpve_csf": 23.48605211387262,
  "rpve_gm": 14.312327240395637,
  "rpve_wm": 16.997440192246785,
  "size_x": 160,
  "size_y": 256,
  "size_z": 256,
  "snr_csf": 4.246789623983583,
  "snr_gm": 11.070514193456312,
  "snr_total": 11.642895193584634,
  "snr_wm": 19.611381763314004,
  "snrd_csf": 52.149294195727634,
  "snrd_gm": 111.8604854997875,
  "snrd_total": 100.05318778429545,
  "snrd_wm": 136.1497836573712,
  "spacing_x": 0.999997079372406,
  "spacing_y": 1.0,
  "spacing_z": 1.0,
  "summary_bg_k": 5.94428492465495,
  "summary_bg_mad": 4.811879600666509,
  "summary_bg_mean": 7.6291111516155645,
  "summary_bg_median": 6.438779141753912,
  "summary_bg_n": 1572980.0,
  "summary_bg_p05": 0.0,
  "summary_bg_p95": 22.509553097188473,
  "summary_bg_stdv": 7.6590786566040405,
  "summary_csf_k": 2.5305125200893093,
  "summary_csf_mad": 77.6885722623738,
  "summary_csf_mean": 395.9581667918406,
  "summary_csf_median": 383.0288372375071,
  "summary_csf_n": 48668.0,
  "summary_csf_p05": 277.9668068513274,
  "summary_csf_p95": 560.7496111094952,
  "summary_csf_stdv": 90.19163556730145,
  "summary_gm_k": 0.4668878054222634,
  "summary_gm_mad": 68.99614459665365,
  "summary_gm_mean": 826.0109404392915,
  "summary_gm_median": 821.5986880473793,
  "summary_gm_n": 9434.0,
  "summary_gm_p05": 711.3699300084263,
  "summary_gm_p95": 959.029979265295,
  "summary_gm_stdv": 74.21110961789995,
  "summary_wm_k": 0.7166616389553804,
  "summary_wm_mad": 46.48896581934257,
  "summary_wm_mean": 1003.8301213035325,
  "summary_wm_median": 999.999983292073,
  "summary_wm_n": 177517.0,
  "summary_wm_p05": 926.3989794440567,
  "summary_wm_p95": 1095.534714460373,
  "summary_wm_stdv": 50.99065321991487,
  "tpm_overlap_csf": 0.16881270706653595,
  "tpm_overlap_gm": 0.41120103001594543,
  "tpm_overlap_wm": 0.48432865738868713,
  "wm2max": 0.46190353121900524
}