{
  "aor": 0.0019177222222222221,
  "aqi": 0.004310899111111112,
  "bids_meta": {
    "AccelFactPE": 2,
    "AcquisitionNumber": 1,
    "AcquisitionTime": "14:35:15.475000",
    "BandwidthPerPixelPhaseEncode": 65.104,
    "BodyPartExamined": "HEAD",
    "ConversionSoftware": "dcm2niix",
    "ConversionSoftwareVersion": "v1.0.20170724 GCC4.8.5",
    "DeviceSerialNumber": "35353",
    "EchoTime": 0.027,
    "EffectiveEchoSpacing": 0.000240001,
    "FlipAngle": 90,
    "ImageType": [
      "ORIGINAL",
      "PRIMARY",
      "M",
      "ND",
      "MOSAIC"
    ],
    "InstitutionAddress": "De_Pintelaan_185_Gent_ACCD6F_District_BE_9000",
    "InstitutionName": "UZ_Gent",
    "MagneticFieldStrength": 3,
    "Manufacturer": "Siemens",
    "ManufacturersModelName": "TrioTim",
    "Modality": "MR",
    "PhaseEncodingDirection": "j-",
    "PhaseEncodingLines": 64,
    "ProcedureStepDescription": "MR_hersenen_(stereotaxie_neuronavigatie)",
    "ProtocolName": "fMRI_Resting_State",
    "RepetitionTime": 2.4,
    "ScanningSequence": "EP",
    "SequenceName": "_epfid2d1_64",
    "SequenceVariant": "SK",
    "SeriesDescription": "fMRI_Resting_State",
    "SliceTiming": [
      2.3325,
      2.275,
      2.22,
      2.1625,
      2.105,
      2.0475,
      1.9925,
      1.935,
      1.8775,
      1.82,
      1.765,
      1.7075,
      1.65,
      1.5925,
      1.5375,
      1.48,
      1.4225,
      1.365,
      1.31,
      1.2525,
      1.195,
      1.1375,
      1.0825,
      1.025,
      0.9675,
      0.91,
      0.855,
      0.7975,
      0.74,
      0.6825,
      0.6275,
      0.57,
      0.5125,
      0.455,
      0.4,
      0.3425,
      0.285,
      0.2275,
      0.1725,
      0.115,
      0.0575,
      0
    ],
    "SoftwareVersions": "syngo_MR_B17",
    "TaskName": "rest",
    "TotalReadoutTime": 0.01464,
    "TrueEchoSpacing": 0.000480001,
    "dataset": "ds001226",
    "modality": "bold",
    "session_id": "preop",
    "subject_id": "PAT27",
    "task_id": "rest"
  },
  "dummy_trs": 0,
  "dvars_nstd": 29.765128024189963,
  "dvars_std": 1.0615027044692735,
  "dvars_vstd": 1.0027231283240226,
  "efc": 0.6253183640343449,
  "fber": 273.5869445800781,
  "fd_mean": 0.10509695287537439,
  "fd_num": 11,
  "fd_perc": 6.111111111111111,
  "fwhm_avg": 2.7964777777777776,
  "fwhm_x": 2.55422,
  "fwhm_y": 2.86585,
  "fwhm_z": 2.9693633333333334,
  "gcor": 0.0088489,
  "gsr_x": 0.01550097856670618,
  "gsr_y": 0.08188670128583908,
  "provenance": {
    "md5sum": "1fb253068f89b1bb86d86a025d91a415",
    "settings": {
      "fd_thres": 0.2,
      "testing": false
    },
    "software": "mriqc",
    "version": "0.16.1",
    "webapi_port": null,
    "webapi_url": "https://mriqc.nimh.nih.gov/api/v1"
  },
  "size_t": 180,
  "size_x": 64,
  "size_y": 64,
  "size_z": 42,
  "snr": 2.880593368943631,
  "spacing_tr": 2.4000000953674316,
  "spacing_x": 3.0,
  "spacing_y": 3.0,
  "spacing_z": 3.0,
  "summary_bg_k": 24.91265383405107,
  "summary_bg_mad": 19.076151561134015,
  "summary_bg_mean": 66.97051239013672,
  "summary_bg_median": 34.622222900390625,
  "summary_bg_n": 85056.0,
  "summary_bg_p05": 19.05555534362793,
  "summary_bg_p95": 244.69166946411133,
  "summary_bg_stdv": 90.5239486694336,
  "summary_fg_k": 1.6786116109337437,
  "summary_fg_mad": 177.80517029015456,
  "summary_fg_mean": 618.4609375,
  "summary_fg_median": 586.2555541992188,
  "summary_fg_n": 45731.0,
  "summary_fg_p05": 348.89723205566406,
  "summary_fg_p95": 1001.9111328125,
  "summary_fg_stdv": 203.5167999267578,
  "tsnr": 46.170965171884745
}