{
  "aor": 0.0013854999999999998,
  "aqi": 0.006922640499999999,
  "bids_meta": {
    "AccelFactPE": 2,
    "AcquisitionNumber": 1,
    "AcquisitionTime": "13:50:0.122500",
    "BandwidthPerPixelPhaseEncode": 65.104,
    "BodyPartExamined": "HEAD",
    "ConversionSoftware": "dcm2niix",
    "ConversionSoftwareVersion": "v1.0.20170724 GCC4.8.5",
    "DeviceSerialNumber": "35353",
    "EchoTime": 0.027,
    "EffectiveEchoSpacing": 0.000240001,
    "FlipAngle": 90,
    "ImageType": [
      "ORIGINAL",
      "PRIMARY",
      "M",
      "ND",
      "MOSAIC"
    ],
    "InstitutionAddress": "De_Pintelaan_185_Gent_88C96F_District_BE_9000",
    "InstitutionName": "UZ",
    "MagneticFieldStrength": 3,
    "Manufacturer": "Siemens",
    "ManufacturersModelName": "TrioTim",
    "Modality": "MR",
    "PhaseEncodingDirection": "j-",
    "PhaseEncodingLines": 64,
    "ProcedureStepDescription": "Brain_Research_3T_MRP",
    "ProtocolName": "RESTING_STATE_6min",
    "RepetitionTime": 2.1,
    "ScanningSequence": "EP",
    "SequenceName": "_epfid2d1_64",
    "SequenceVariant": "SK",
    "SeriesDescription": "RESTING_STATE_6min",
    "SliceTiming": [
      2.04,
      1.99,
      1.94,
      1.89,
      1.84,
      1.79,
      1.74,
      1.69,
      1.6425,
      1.5925,
      1.5425,
      1.4925,
      1.4425,
      1.3925,
      1.3425,
      1.2925,
      1.2425,
      1.195,
      1.145,
      1.095,
      1.045,
      0.995,
      0.945,
      0.895,
      0.845,
      0.7975,
      0.7475,
      0.6975,
      0.6475,
      0.5975,
      0.5475,
      0.4975,
      0.4475,
      0.3975,
      0.35,
      0.3,
      0.25,
      0.2,
      0.15,
      0.1,
      0.05,
      0
    ],
    "SoftwareVersions": "syngo_MR_B17",
    "TaskName": "rest",
    "TotalReadoutTime": 0.01464,
    "TrueEchoSpacing": 0.000480001,
    "dataset": "ds001226",
    "modality": "bold",
    "session_id": "preop",
    "subject_id": "CON01",
    "task_id": "rest"
  },
  "dummy_trs": 0,
  "dvars_nstd": 31.111189240223457,
  "dvars_std": 0.9940747688826813,
  "dvars_vstd": 0.9602550505586593,
  "efc": 0.5847288402240913,
  "fber": 341.3883056640625,
  "fd_mean": 0.2626085393553272,
  "fd_num": 90,
  "fd_perc": 50.0,
  "fwhm_avg": 2.6948208554698945,
  "fwhm_x": 2.5468766666666665,
  "fwhm_y": 2.7544133333333334,
  "fwhm_z": 2.783172566409685,
  "gcor": 0.0193667,
  "gsr_x": 0.014666941948235035,
  "gsr_y": 0.0807005912065506,
  "provenance": {
    "md5sum": "b640c7f62709e4bdd2577b175d220d61",
    "settings": {
      "fd_thres": 0.2,
      "testing": false
    },
    "software": "mriqc",
    "version": "0.16.1",
    "webapi_port": null,
    "webapi_url": "https://mriqc.nimh.nih.gov/api/v1"
  },
  "size_t": 180,
  "size_x": 64,
  "size_y": 64,
  "size_z": 42,
  "snr": 2.910544880204297,
  "spacing_tr": 2.0999999046325684,
  "spacing_x": 3.0,
  "spacing_y": 3.0,
  "spacing_z": 3.3000001907348633,
  "summary_bg_k": 43.88890663009236,
  "summary_bg_mad": 12.412676245942546,
  "summary_bg_mean": 50.07611083984375,
  "summary_bg_median": 26.46666717529297,
  "summary_bg_n": 94456.0,
  "summary_bg_p05": 16.683334350585938,
  "summary_bg_p95": 159.6208381652832,
  "summary_bg_stdv": 72.6551284790039,
  "summary_fg_k": 1.5890332038455206,
  "summary_fg_mad": 149.63577338397715,
  "summary_fg_mean": 516.628662109375,
  "summary_fg_median": 489.3833312988281,
  "summary_fg_n": 39298.0,
  "summary_fg_p05": 290.8308441162109,
  "summary_fg_p95": 827.9616760253907,
  "summary_fg_stdv": 168.13934326171875,
  "tsnr": 40.28334594308399
}