{
  "aor": 0.0010905555555555553,
  "aqi": 0.010744299111111109,
  "bids_meta": {
    "AccelFactPE": 2,
    "AcquisitionNumber": 1,
    "AcquisitionTime": "13:50:20.140000",
    "BandwidthPerPixelPhaseEncode": 65.104,
    "BodyPartExamined": "HEAD",
    "ConversionSoftware": "dcm2niix",
    "ConversionSoftwareVersion": "v1.0.20170724 GCC4.8.5",
    "DeviceSerialNumber": "35353",
    "EchoTime": 0.027,
    "EffectiveEchoSpacing": 0.000240001,
    "FlipAngle": 90,
    "ImageType": [
      "ORIGINAL",
      "PRIMARY",
      "M",
      "ND",
      "MOSAIC"
    ],
    "InstitutionAddress": "De_Pintelaan_185_Gent_88C96F_District_BE_9000",
    "InstitutionName": "UZ",
    "MagneticFieldStrength": 3,
    "Manufacturer": "Siemens",
    "ManufacturersModelName": "TrioTim",
    "Modality": "MR",
    "PhaseEncodingDirection": "j-",
    "PhaseEncodingLines": 64,
    "ProcedureStepDescription": "MR_hersenen_(structuur_alleen)",
    "ProtocolName": "RESTING_STATE",
    "RepetitionTime": 2.1,
    "ScanningSequence": "EP",
    "SequenceName": "_epfid2d1_64",
    "SequenceVariant": "SK",
    "SeriesDescription": "RESTING_STATE",
    "SliceTiming": [
      2.0375,
      1.9875,
      1.9375,
      1.8875,
      1.8375,
      1.79,
      1.74,
      1.69,
      1.64,
      1.59,
      1.54,
      1.49,
      1.44,
      1.39,
      1.3425,
      1.2925,
      1.2425,
      1.1925,
      1.1425,
      1.0925,
      1.0425,
      0.9925,
      0.9425,
      0.895,
      0.845,
      0.795,
      0.745,
      0.695,
      0.645,
      0.595,
      0.545,
      0.4975,
      0.4475,
      0.3975,
      0.3475,
      0.2975,
      0.2475,
      0.1975,
      0.1475,
      0.0975,
      0.05,
      0
    ],
    "SoftwareVersions": "syngo_MR_B17",
    "TaskName": "rest",
    "TotalReadoutTime": 0.01464,
    "TrueEchoSpacing": 0.000480001,
    "dataset": "ds001226",
    "modality": "bold",
    "session_id": "preop",
    "subject_id": "PAT07",
    "task_id": "rest"
  },
  "dummy_trs": 0,
  "dvars_nstd": 58.10831726312849,
  "dvars_std": 1.0622835512849156,
  "dvars_vstd": 1.0012501699999998,
  "efc": 0.6244481354871654,
  "fber": 112.50581359863281,
  "fd_mean": 0.37674343096117396,
  "fd_num": 141,
  "fd_perc": 78.33333333333333,
  "fwhm_avg": 2.7036935487738227,
  "fwhm_x": 2.5000033333333334,
  "fwhm_y": 2.824783333333333,
  "fwhm_z": 2.786293979654803,
  "gcor": 0.0107745,
  "gsr_x": 0.015327337197959423,
  "gsr_y": 0.11078863590955734,
  "provenance": {
    "md5sum": "b93b2c531946093c196dfab9f4ecb9d7",
    "settings": {
      "fd_thres": 0.2,
      "testing": false
    },
    "software": "mriqc",
    "version": "0.16.1",
    "webapi_port": null,
    "webapi_url": "https://mriqc.nimh.nih.gov/api/v1"
  },
  "size_t": 180,
  "size_x": 64,
  "size_y": 64,
  "size_z": 42,
  "snr": 2.614312199635601,
  "spacing_tr": 2.0999999046325684,
  "spacing_x": 3.0,
  "spacing_y": 3.0,
  "spacing_z": 3.299999952316284,
  "summary_bg_k": 48.525797522652965,
  "summary_bg_mad": 34.116326017474954,
  "summary_bg_mean": 85.86585235595703,
  "summary_bg_median": 53.005558013916016,
  "summary_bg_n": 94168.0,
  "summary_bg_p05": 22.672222137451172,
  "summary_bg_p95": 250.69889602661095,
  "summary_bg_stdv": 105.25251770019531,
  "summary_fg_k": 2.6550943492933676,
  "summary_fg_mad": 183.7726577932683,
  "summary_fg_mean": 598.5590209960938,
  "summary_fg_median": 560.2972412109375,
  "summary_fg_n": 38664.0,
  "summary_fg_p05": 323.3500061035156,
  "summary_fg_p95": 1005.8797515869139,
  "summary_fg_stdv": 214.31640625,
  "tsnr": 26.471488901763223
}