{
  "bids_meta": {
    "AccelFactPE": 2,
    "AcquisitionNumber": 1,
    "AcquisitionTime": "17:22:33.285000",
    "BodyPartExamined": "HEAD",
    "ConversionSoftware": "dcm2niix",
    "ConversionSoftwareVersion": "v1.0.20170724 GCC4.8.5",
    "DeviceSerialNumber": "35353",
    "EchoTime": 0.00418,
    "FlipAngle": 9,
    "ImageType": [
      "ORIGINAL",
      "PRIMARY",
      "M",
      "ND",
      "NORM"
    ],
    "InstitutionAddress": "De_Pintelaan_185_Gent_88C96F_District_BE_9000",
    "InstitutionName": "UZ",
    "InversionTime": 0.9,
    "MagneticFieldStrength": 3,
    "Manufacturer": "Siemens",
    "ManufacturersModelName": "TrioTim",
    "Modality": "MR",
    "PhaseEncodingDirection": "i-",
    "PhaseEncodingLines": 256,
    "ProcedureStepDescription": "Brain_Research_3T_MRP",
    "ProtocolName": "T1_mprage",
    "RepetitionTime": 1.7,
    "ScanningSequence": "GR_IR",
    "SequenceName": "_tfl3d1_ns",
    "SequenceVariant": "SP_MP",
    "SeriesDescription": "T1_mprage",
    "SoftwareVersions": "syngo_MR_B17",
    "dataset": "ds001226",
    "modality": "T1w",
    "session_id": "preop",
    "subject_id": "PAT06"
  },
  "cjv": 0.5117849265027946,
  "cnr": 2.556167407424971,
  "efc": 0.5527229158879402,
  "fber": 5435.181613573407,
  "fwhm_avg": 3.6377727495828314,
  "fwhm_x": 3.7402982487484935,
  "fwhm_y": 3.82736,
  "fwhm_z": 3.34566,
  "icvs_csf": 0.22877617649971943,
  "icvs_gm": 0.4013217193367525,
  "icvs_wm": 0.36990210416352803,
  "inu_med": 1.376120686531067,
  "inu_range": 0.4048167824745177,
  "provenance": {
    "md5sum": "4a7528ab5090b07320a6705eb9c6df5f",
    "settings": {
      "testing": false
    },
    "software": "mriqc",
    "version": "0.16.1",
    "warnings": {
      "large_rot_frame": true,
      "small_air_mask": false
    },
    "webapi_port": null,
    "webapi_url": "https://mriqc.nimh.nih.gov/api/v1"
  },
  "qi_1": 1.0681983613837137e-05,
  "qi_2": 0.015663226092358446,
  "rpve_csf": 26.390928993558674,
  "rpve_gm": 14.525578283391473,
  "rpve_wm": 18.192188676673837,
  "size_x": 160,
  "size_y": 256,
  "size_z": 256,
  "snr_csf": 4.033137507051474,
  "snr_gm": 12.35469227041863,
  "snr_total": 12.700741430719653,
  "snr_wm": 21.714394514688852,
  "snrd_csf": 50.94648426038332,
  "snrd_gm": 117.68811151509978,
  "snrd_total": 105.50601000657956,
  "snrd_wm": 147.88343424425554,
  "spacing_x": 0.9999977946281433,
  "spacing_y": 1.0,
  "spacing_z": 1.0,
  "summary_bg_k": 9335.314548268621,
  "summary_bg_mad": 4.430086226900741,
  "summary_bg_mean": 6.618796444248612,
  "summary_bg_median": 5.917506333440542,
  "summary_bg_n": 2418486.0,
  "summary_bg_p05": 0.0,
  "summary_bg_p95": 17.869697343558073,
  "summary_bg_stdv": 10.530746455446703,
  "summary_csf_k": 2.0720619816617782,
  "summary_csf_mad": 60.97883394675137,
  "summary_csf_mean": 364.45537809977617,
  "summary_csf_median": 344.50432911515236,
  "summary_csf_n": 43614.0,
  "summary_csf_p05": 264.41293151304126,
  "summary_csf_p95": 541.3639457523823,
  "summary_csf_stdv": 85.41746444812591,
  "summary_gm_k": 0.04361869388877615,
  "summary_gm_mad": 62.10807161243195,
  "summary_gm_mean": 799.7979810846485,
  "summary_gm_median": 795.8167180903256,
  "summary_gm_n": 14581.0,
  "summary_gm_p05": 697.8556231446564,
  "summary_gm_p95": 911.5303320363164,
  "summary_gm_stdv": 64.41191821643874,
  "summary_wm_k": 0.5653375337436302,
  "summary_wm_mad": 42.389844680932576,
  "summary_wm_mean": 997.8748842597503,
  "summary_wm_median": 999.9999811798334,
  "summary_wm_n": 165588.0,
  "summary_wm_p05": 917.3892491981387,
  "summary_wm_p95": 1069.8968629203737,
  "summary_wm_stdv": 46.05226090722436,
  "tpm_overlap_csf": 0.16823430359363556,
  "tpm_overlap_gm": 0.4212088882923126,
  "tpm_overlap_wm": 0.49160781502723694,
  "wm2max": 0.5457568587324935
}