{
  "aor": 0.0004928888888888888,
  "aqi": 0.0034545007222222227,
  "bids_meta": {
    "AccelFactPE": 2,
    "AcquisitionNumber": 1,
    "AcquisitionTime": "11:46:44.305000",
    "BandwidthPerPixelPhaseEncode": 65.104,
    "BodyPartExamined": "HEAD",
    "ConversionSoftware": "dcm2niix",
    "ConversionSoftwareVersion": "v1.0.20170724 GCC4.8.5",
    "DeviceSerialNumber": "35353",
    "EchoTime": 0.027,
    "EffectiveEchoSpacing": 0.000240001,
    "FlipAngle": 90,
    "ImageType": [
      "ORIGINAL",
      "PRIMARY",
      "M",
      "ND",
      "MOSAIC"
    ],
    "InstitutionAddress": "De_Pintelaan_185_Gent_9C4B6E_District_BE_9000",
    "InstitutionName": "UZ_Gent",
    "MagneticFieldStrength": 3,
    "Manufacturer": "Siemens",
    "ManufacturersModelName": "TrioTim",
    "Modality": "MR",
    "PhaseEncodingDirection": "j-",
    "PhaseEncodingLines": 64,
    "ProcedureStepDescription": "Brain_Research_3T_MRP",
    "ProtocolName": "fMRI_Resting_State",
    "RepetitionTime": 2.4,
    "ScanningSequence": "EP",
    "SequenceName": "_epfid2d1_64",
    "SequenceVariant": "SK",
    "SeriesDescription": "fMRI_Resting_State",
    "SliceTiming": [
      2.3325,
      2.275,
      2.22,
      2.1625,
      2.105,
      2.0475,
      1.9925,
      1.935,
      1.8775,
      1.82,
      1.765,
      1.7075,
      1.65,
      1.5925,
      1.5375,
      1.48,
      1.4225,
      1.365,
      1.31,
      1.2525,
      1.195,
      1.1375,
      1.0825,
      1.025,
      0.9675,
      0.91,
      0.855,
      0.7975,
      0.74,
      0.6825,
      0.6275,
      0.57,
      0.5125,
      0.455,
      0.4,
      0.3425,
      0.285,
      0.2275,
      0.1725,
      0.115,
      0.0575,
      0
    ],
    "SoftwareVersions": "syngo_MR_B17",
    "TaskName": "rest",
    "TotalReadoutTime": 0.01464,
    "TrueEchoSpacing": 0.000480001,
    "dataset": "ds001226",
    "modality": "bold",
    "session_id": "preop",
    "subject_id": "PAT31",
    "task_id": "rest"
  },
  "dummy_trs": 0,
  "dvars_nstd": 27.30899754296089,
  "dvars_std": 1.0737750359776534,
  "dvars_vstd": 0.9885192705027934,
  "efc": 0.5448955847170001,
  "fber": 662.3368530273438,
  "fd_mean": 0.13093735369109652,
  "fd_num": 13,
  "fd_perc": 7.222222222222222,
  "fwhm_avg": 2.538371111111111,
  "fwhm_x": 2.38858,
  "fwhm_y": 2.6162633333333334,
  "fwhm_z": 2.61027,
  "gcor": 0.0108273,
  "gsr_x": -0.006864603608846664,
  "gsr_y": 0.06042303889989853,
  "provenance": {
    "md5sum": "8b8fed24d3d1af653a95d8aa537b9afb",
    "settings": {
      "fd_thres": 0.2,
      "testing": false
    },
    "software": "mriqc",
    "version": "0.16.1",
    "webapi_port": null,
    "webapi_url": "https://mriqc.nimh.nih.gov/api/v1"
  },
  "size_t": 180,
  "size_x": 64,
  "size_y": 64,
  "size_z": 42,
  "snr": 3.4763038117011584,
  "spacing_tr": 2.4000000953674316,
  "spacing_x": 3.0,
  "spacing_y": 3.0,
  "spacing_z": 3.0,
  "summary_bg_k": 32.980893741094036,
  "summary_bg_mad": 8.990336030630804,
  "summary_bg_mean": 47.539119720458984,
  "summary_bg_median": 25.58611297607422,
  "summary_bg_n": 101594.0,
  "summary_bg_p05": 18.122222900390625,
  "summary_bg_p95": 156.49638977050776,
  "summary_bg_stdv": 66.8558120727539,
  "summary_fg_k": 0.7150334541344265,
  "summary_fg_mad": 181.99358490103356,
  "summary_fg_mean": 689.2633056640625,
  "summary_fg_median": 663.5611572265625,
  "summary_fg_n": 34278.0,
  "summary_fg_p05": 428.22028503417965,
  "summary_fg_p95": 1044.7053405761715,
  "summary_fg_stdv": 190.87844848632812,
  "tsnr": 55.14003343367949
}