{
  "bids_meta": {
    "AccelFactPE": 2,
    "AcquisitionNumber": 1,
    "AcquisitionTime": "16:09:1.245000",
    "BodyPartExamined": "HEAD",
    "ConversionSoftware": "dcm2niix",
    "ConversionSoftwareVersion": "v1.0.20170724 GCC4.8.5",
    "DeviceSerialNumber": "35353",
    "EchoTime": 0.00418,
    "FlipAngle": 9,
    "ImageType": [
      "ORIGINAL",
      "PRIMARY",
      "M",
      "ND",
      "NORM"
    ],
    "InstitutionAddress": "De_Pintelaan_185_Gent_ACCD6F_District_BE_9000",
    "InstitutionName": "UZ_Gent",
    "InversionTime": 0.9,
    "MagneticFieldStrength": 3,
    "Manufacturer": "Siemens",
    "ManufacturersModelName": "TrioTim",
    "Modality": "MR",
    "PhaseEncodingDirection": "i-",
    "PhaseEncodingLines": 256,
    "ProcedureStepDescription": "MR_hersenen_(stereotaxie_neuronavigatie)",
    "ProtocolName": "T1_mprage",
    "RepetitionTime": 1.75,
    "ScanningSequence": "GR_IR",
    "SequenceName": "_tfl3d1_ns",
    "SequenceVariant": "SP_MP",
    "SeriesDescription": "T1_mprage",
    "SoftwareVersions": "syngo_MR_B17",
    "dataset": "ds001226",
    "modality": "T1w",
    "session_id": "preop",
    "subject_id": "PAT28"
  },
  "cjv": 0.5770276790831858,
  "cnr": 2.2783536155121817,
  "efc": 0.5943853785123686,
  "fber": 6290.130796670631,
  "fwhm_avg": 3.552449059240557,
  "fwhm_x": 3.6491571777216714,
  "fwhm_y": 3.72435,
  "fwhm_z": 3.28384,
  "icvs_csf": 0.2215301799839418,
  "icvs_gm": 0.39312877003768254,
  "icvs_wm": 0.3853410499783756,
  "inu_med": 1.4000896215438843,
  "inu_range": 0.5140242099761962,
  "provenance": {
    "md5sum": "2ba1aa890588b55f777b88da805d428e",
    "settings": {
      "testing": false
    },
    "software": "mriqc",
    "version": "0.16.1",
    "warnings": {
      "large_rot_frame": true,
      "small_air_mask": false
    },
    "webapi_port": null,
    "webapi_url": "https://mriqc.nimh.nih.gov/api/v1"
  },
  "qi_1": 0.0,
  "qi_2": 0.010069872428570407,
  "rpve_csf": 23.0081845287431,
  "rpve_gm": 12.840969523165773,
  "rpve_wm": 15.781511942453024,
  "size_x": 160,
  "size_y": 256,
  "size_z": 256,
  "snr_csf": 3.2543697863040357,
  "snr_gm": 11.91544217737142,
  "snr_total": 12.215756512925369,
  "snr_wm": 21.477457575100654,
  "snrd_csf": 35.522465031779184,
  "snrd_gm": 77.7928482222386,
  "snrd_total": 69.74485366827527,
  "snrd_wm": 95.91924775080801,
  "spacing_x": 0.9999980330467224,
  "spacing_y": 1.0,
  "spacing_z": 1.0,
  "summary_bg_k": 2011.6962784620512,
  "summary_bg_mad": 6.830082417122353,
  "summary_bg_mean": 7.396694299562816,
  "summary_bg_median": 4.606820583343506,
  "summary_bg_n": 2974281.0,
  "summary_bg_p05": 0.0,
  "summary_bg_p95": 18.939151287078857,
  "summary_bg_stdv": 8.911899259113188,
  "summary_csf_k": 0.6787026428846095,
  "summary_csf_mad": 91.92152586377166,
  "summary_csf_mean": 402.7571228473127,
  "summary_csf_median": 370.3371880054474,
  "summary_csf_n": 31221.0,
  "summary_csf_p05": 267.7074627876282,
  "summary_csf_p95": 627.1674355268478,
  "summary_csf_stdv": 113.79507596758253,
  "summary_gm_k": 0.21971205744788325,
  "summary_gm_mad": 65.12293860214577,
  "summary_gm_mean": 812.7827865841574,
  "summary_gm_median": 811.0243653357029,
  "summary_gm_n": 10718.0,
  "summary_gm_p05": 705.15386980474,
  "summary_gm_p95": 930.5777578353882,
  "summary_gm_stdv": 68.0618073331437,
  "summary_wm_k": 0.5169866496070816,
  "summary_wm_mad": 43.921224432328465,
  "summary_wm_mean": 1000.0136128140286,
  "summary_wm_median": 999.9999846816063,
  "summary_wm_n": 219269.0,
  "summary_wm_p05": 923.3476088643074,
  "summary_wm_p95": 1075.948540687561,
  "summary_wm_stdv": 46.560338945064984,
  "tpm_overlap_csf": 0.17829687893390656,
  "tpm_overlap_gm": 0.4339848458766937,
  "tpm_overlap_wm": 0.511139988899231,
  "wm2max": 0.4987694239120575
}