{
  "aor": 0.0006156111111111112,
  "aqi": 0.0070772173888888875,
  "bids_meta": {
    "AccelFactPE": 2,
    "AcquisitionNumber": 1,
    "AcquisitionTime": "12:23:48.132500",
    "BandwidthPerPixelPhaseEncode": 65.104,
    "BodyPartExamined": "HEAD",
    "ConversionSoftware": "dcm2niix",
    "ConversionSoftwareVersion": "v1.0.20170724 GCC4.8.5",
    "DeviceSerialNumber": "35353",
    "EchoTime": 0.027,
    "EffectiveEchoSpacing": 0.000240001,
    "FlipAngle": 90,
    "ImageType": [
      "ORIGINAL",
      "PRIMARY",
      "M",
      "ND",
      "MOSAIC"
    ],
    "InstitutionAddress": "De_Pintelaan_185_Gent_88C96F_District_BE_9000",
    "InstitutionName": "UZ",
    "MagneticFieldStrength": 3,
    "Manufacturer": "Siemens",
    "ManufacturersModelName": "TrioTim",
    "Modality": "MR",
    "PhaseEncodingDirection": "j-",
    "PhaseEncodingLines": 64,
    "ProcedureStepDescription": "MR_hersenen_(stereotaxie_neuronavigatie)",
    "ProtocolName": "RESTING_STATE_6min",
    "RepetitionTime": 2.1,
    "ScanningSequence": "EP",
    "SequenceName": "_epfid2d1_64",
    "SequenceVariant": "SK",
    "SeriesDescription": "RESTING_STATE_6min",
    "SliceTiming": [
      2.0375,
      1.9875,
      1.9375,
      1.8875,
      1.8375,
      1.79,
      1.74,
      1.69,
      1.64,
      1.59,
      1.54,
      1.49,
      1.44,
      1.39,
      1.3425,
      1.2925,
      1.2425,
      1.1925,
      1.1425,
      1.0925,
      1.0425,
      0.9925,
      0.945,
      0.895,
      0.845,
      0.795,
      0.745,
      0.695,
      0.645,
      0.595,
      0.545,
      0.4975,
      0.4475,
      0.3975,
      0.3475,
      0.2975,
      0.2475,
      0.1975,
      0.1475,
      0.0975,
      0.05,
      0
    ],
    "SoftwareVersions": "syngo_MR_B17",
    "TaskName": "rest",
    "TotalReadoutTime": 0.01464,
    "TrueEchoSpacing": 0.000480001,
    "dataset": "ds001226",
    "modality": "bold",
    "session_id": "preop",
    "subject_id": "PAT05",
    "task_id": "rest"
  },
  "dummy_trs": 0,
  "dvars_nstd": 43.795071180782095,
  "dvars_std": 1.051882811005586,
  "dvars_vstd": 0.9985451854748607,
  "efc": 0.5589230947019597,
  "fber": 314.93072509765625,
  "fd_mean": 0.1618491459526274,
  "fd_num": 34,
  "fd_perc": 18.88888888888889,
  "fwhm_avg": 2.465171628415456,
  "fwhm_x": 2.3020066666666668,
  "fwhm_y": 2.5493900000000003,
  "fwhm_z": 2.5441182185797,
  "gcor": 0.00651632,
  "gsr_x": 0.01702999696135521,
  "gsr_y": 0.08023219555616379,
  "provenance": {
    "md5sum": "ac8ca185d9b29aa85037ee94e59a7b29",
    "settings": {
      "fd_thres": 0.2,
      "testing": false
    },
    "software": "mriqc",
    "version": "0.16.1",
    "webapi_port": null,
    "webapi_url": "https://mriqc.nimh.nih.gov/api/v1"
  },
  "size_t": 180,
  "size_x": 64,
  "size_y": 64,
  "size_z": 42,
  "snr": 3.225004453002054,
  "spacing_tr": 2.0999999046325684,
  "spacing_x": 3.0,
  "spacing_y": 3.0,
  "spacing_z": 3.299999952316284,
  "summary_bg_k": 55.75718442037238,
  "summary_bg_mad": 15.905029520921628,
  "summary_bg_mean": 50.01836395263672,
  "summary_bg_median": 30.51666831970215,
  "summary_bg_n": 104519.0,
  "summary_bg_p05": 17.52777862548828,
  "summary_bg_p95": 140.18444519042959,
  "summary_bg_stdv": 63.55309295654297,
  "summary_fg_k": 1.0383619833975573,
  "summary_fg_mad": 156.46810464031435,
  "summary_fg_mean": 561.7529296875,
  "summary_fg_median": 540.5472412109375,
  "summary_fg_n": 32266.0,
  "summary_fg_p05": 328.0361099243164,
  "summary_fg_p95": 869.2097320556641,
  "summary_fg_stdv": 167.6087188720703,
  "tsnr": 33.642306653549895
}