{
  "aor": 0.000868,
  "aqi": 0.011360860111111112,
  "bids_meta": {
    "AccelFactPE": 2,
    "AcquisitionNumber": 1,
    "AcquisitionTime": "13:30:35.567500",
    "BandwidthPerPixelPhaseEncode": 65.104,
    "BodyPartExamined": "HEAD",
    "ConversionSoftware": "dcm2niix",
    "ConversionSoftwareVersion": "v1.0.20170724 GCC4.8.5",
    "DeviceSerialNumber": "35353",
    "EchoTime": 0.027,
    "EffectiveEchoSpacing": 0.000240001,
    "FlipAngle": 90,
    "ImageType": [
      "ORIGINAL",
      "PRIMARY",
      "M",
      "ND",
      "MOSAIC"
    ],
    "InstitutionAddress": "De_Pintelaan_185_Gent_ACCD6F_District_BE_9000",
    "InstitutionName": "UZ_Gent",
    "MagneticFieldStrength": 3,
    "Manufacturer": "Siemens",
    "ManufacturersModelName": "TrioTim",
    "Modality": "MR",
    "PhaseEncodingDirection": "j-",
    "PhaseEncodingLines": 64,
    "ProcedureStepDescription": "Brain_Research_3T_MRP",
    "ProtocolName": "fMRI_Resting_State",
    "RepetitionTime": 2.4,
    "ScanningSequence": "EP",
    "SequenceName": "_epfid2d1_64",
    "SequenceVariant": "SK",
    "SeriesDescription": "fMRI_Resting_State",
    "SliceTiming": [
      2.3325,
      2.2775,
      2.22,
      2.1625,
      2.105,
      2.0475,
      1.9925,
      1.935,
      1.8775,
      1.82,
      1.765,
      1.7075,
      1.65,
      1.5925,
      1.5375,
      1.48,
      1.4225,
      1.365,
      1.31,
      1.2525,
      1.195,
      1.1375,
      1.0825,
      1.025,
      0.9675,
      0.91,
      0.855,
      0.7975,
      0.74,
      0.6825,
      0.6275,
      0.57,
      0.5125,
      0.455,
      0.4,
      0.3425,
      0.285,
      0.2275,
      0.1725,
      0.115,
      0.0575,
      0
    ],
    "SoftwareVersions": "syngo_MR_B17",
    "TaskName": "rest",
    "TotalReadoutTime": 0.01464,
    "TrueEchoSpacing": 0.000480001,
    "dataset": "ds001226",
    "modality": "bold",
    "session_id": "preop",
    "subject_id": "PAT23",
    "task_id": "rest"
  },
  "dummy_trs": 0,
  "dvars_nstd": 36.809107785921796,
  "dvars_std": 1.0132900745810058,
  "dvars_vstd": 0.9553607455865922,
  "efc": 0.5951925292104181,
  "fber": 275.358154296875,
  "fd_mean": 0.2327506015450907,
  "fd_num": 85,
  "fd_perc": 47.22222222222222,
  "fwhm_avg": 2.889781111111111,
  "fwhm_x": 2.6826933333333334,
  "fwhm_y": 2.9714833333333335,
  "fwhm_z": 3.015166666666667,
  "gcor": 0.0292866,
  "gsr_x": -0.002363614970818162,
  "gsr_y": 0.06494837999343872,
  "provenance": {
    "md5sum": "faf4294ae1f9c7c2a217964aee81d8ff",
    "settings": {
      "fd_thres": 0.2,
      "testing": false
    },
    "software": "mriqc",
    "version": "0.16.1",
    "webapi_port": null,
    "webapi_url": "https://mriqc.nimh.nih.gov/api/v1"
  },
  "size_t": 180,
  "size_x": 64,
  "size_y": 64,
  "size_z": 42,
  "snr": 2.8518084078044446,
  "spacing_tr": 2.4000000953674316,
  "spacing_x": 3.0,
  "spacing_y": 3.0,
  "spacing_z": 3.0,
  "summary_bg_k": 113.55681667714033,
  "summary_bg_mad": 18.93612544179933,
  "summary_bg_mean": 52.84833908081055,
  "summary_bg_median": 33.77777862548828,
  "summary_bg_n": 90432.0,
  "summary_bg_p05": 18.0,
  "summary_bg_p95": 127.60556030273438,
  "summary_bg_stdv": 82.48133087158203,
  "summary_fg_k": 1.3454632532998927,
  "summary_fg_mad": 171.3435122111583,
  "summary_fg_mean": 604.6974487304688,
  "summary_fg_median": 566.15283203125,
  "summary_fg_n": 43222.0,
  "summary_fg_p05": 347.62277832031253,
  "summary_fg_p95": 991.1544677734374,
  "summary_fg_stdv": 198.5218505859375,
  "tsnr": 33.170480974018574
}