{
  "bids_meta": {
    "AccelFactPE": 2,
    "AcquisitionNumber": 1,
    "AcquisitionTime": "14:28:18.205000",
    "BodyPartExamined": "HEAD",
    "ConversionSoftware": "dcm2niix",
    "ConversionSoftwareVersion": "v1.0.20170724 GCC4.8.5",
    "DeviceSerialNumber": "35353",
    "EchoTime": 0.00418,
    "FlipAngle": 9,
    "ImageType": [
      "ORIGINAL",
      "PRIMARY",
      "M",
      "ND",
      "NORM"
    ],
    "InstitutionAddress": "De_Pintelaan_185_Gent_ACCD6F_District_BE_9000",
    "InstitutionName": "UZ_Gent",
    "InversionTime": 0.9,
    "MagneticFieldStrength": 3,
    "Manufacturer": "Siemens",
    "ManufacturersModelName": "TrioTim",
    "Modality": "MR",
    "PhaseEncodingDirection": "i-",
    "PhaseEncodingLines": 256,
    "ProcedureStepDescription": "MR_hersenen_(stereotaxie_neuronavigatie)",
    "ProtocolName": "T1_mprage",
    "RepetitionTime": 1.75,
    "ScanningSequence": "GR_IR",
    "SequenceName": "_tfl3d1_ns",
    "SequenceVariant": "SP_MP",
    "SeriesDescription": "T1_mprage",
    "SoftwareVersions": "syngo_MR_B17",
    "dataset": "ds001226",
    "modality": "T1w",
    "session_id": "preop",
    "subject_id": "PAT27"
  },
  "cjv": 0.5673974693088039,
  "cnr": 2.336155208409507,
  "efc": 0.639415327405472,
  "fber": 4816.1995389087515,
  "fwhm_avg": 3.651093149712818,
  "fwhm_x": 3.7745294491384542,
  "fwhm_y": 3.83824,
  "fwhm_z": 3.34051,
  "icvs_csf": 0.18606335941344354,
  "icvs_gm": 0.3948469476842067,
  "icvs_wm": 0.41908969290234976,
  "inu_med": 1.307512879371643,
  "inu_range": 0.48733997344970703,
  "provenance": {
    "md5sum": "42541d52e5940f049cf57fb8cb3f804c",
    "settings": {
      "testing": false
    },
    "software": "mriqc",
    "version": "0.16.1",
    "warnings": {
      "large_rot_frame": true,
      "small_air_mask": false
    },
    "webapi_port": null,
    "webapi_url": "https://mriqc.nimh.nih.gov/api/v1"
  },
  "qi_1": 0.0,
  "qi_2": 0.013885228293634401,
  "rpve_csf": 22.89927655492286,
  "rpve_gm": 11.031794871794872,
  "rpve_wm": 12.414555290845355,
  "size_x": 160,
  "size_y": 256,
  "size_z": 256,
  "snr_csf": 3.2438034431623524,
  "snr_gm": 11.63223471902089,
  "snr_total": 12.650295432393554,
  "snr_wm": 23.074848134997417,
  "snrd_csf": 46.184368305502666,
  "snrd_gm": 96.77232699051383,
  "snrd_total": 87.57405458302837,
  "snrd_wm": 119.76546845306862,
  "spacing_x": 0.9999974966049194,
  "spacing_y": 1.0,
  "spacing_z": 1.0,
  "summary_bg_k": 272.09769861610897,
  "summary_bg_mad": 5.470509125809415,
  "summary_bg_mean": 6.609365436276291,
  "summary_bg_median": 3.689802333712578,
  "summary_bg_n": 1822183.0,
  "summary_bg_p05": 0.0,
  "summary_bg_p95": 18.385394386947155,
  "summary_bg_stdv": 7.114667286748552,
  "summary_csf_k": 4.9903650839173235,
  "summary_csf_mad": 92.71569777018371,
  "summary_csf_mean": 413.6686733149372,
  "summary_csf_median": 385.6479611545801,
  "summary_csf_n": 36822.0,
  "summary_csf_p05": 277.9439033791423,
  "summary_csf_p95": 643.8705072328448,
  "summary_csf_stdv": 118.88597173803862,
  "summary_gm_k": 0.3643703701403318,
  "summary_gm_mad": 68.8529596869116,
  "summary_gm_mean": 812.687464649352,
  "summary_gm_median": 808.0667110830545,
  "summary_gm_n": 12831.0,
  "summary_gm_p05": 707.9331098198891,
  "summary_gm_p95": 932.5657312050462,
  "summary_gm_stdv": 69.46517510554982,
  "summary_wm_k": 0.8071057631778071,
  "summary_wm_mad": 40.085627214982786,
  "summary_wm_mean": 1001.8358647291994,
  "summary_wm_median": 1000.0636669993401,
  "summary_wm_n": 282366.0,
  "summary_wm_p05": 933.9653114005923,
  "summary_wm_p95": 1075.8318494036794,
  "summary_wm_stdv": 43.33991237050928,
  "tpm_overlap_csf": 0.17889843881130219,
  "tpm_overlap_gm": 0.4426719844341278,
  "tpm_overlap_wm": 0.508370041847229,
  "wm2max": 0.5387251542152159
}