{
  "bids_meta": {
    "AccelFactPE": 2,
    "AcquisitionNumber": 1,
    "AcquisitionTime": "14:38:3.192500",
    "BodyPartExamined": "HEAD",
    "ConversionSoftware": "dcm2niix",
    "ConversionSoftwareVersion": "v1.0.20170724 GCC4.8.5",
    "DeviceSerialNumber": "35353",
    "EchoTime": 0.00418,
    "FlipAngle": 9,
    "ImageType": [
      "ORIGINAL",
      "PRIMARY",
      "M",
      "ND",
      "NORM"
    ],
    "InstitutionAddress": "De_Pintelaan_185_Gent_ACCD6F_District_BE_9000",
    "InstitutionName": "UZ_Gent",
    "InversionTime": 0.9,
    "MagneticFieldStrength": 3,
    "Manufacturer": "Siemens",
    "ManufacturersModelName": "TrioTim",
    "Modality": "MR",
    "PhaseEncodingDirection": "i-",
    "PhaseEncodingLines": 256,
    "ProcedureStepDescription": "Brain_Research_3T_MRP",
    "ProtocolName": "T1_mprage",
    "RepetitionTime": 1.75,
    "ScanningSequence": "GR_IR",
    "SequenceName": "_tfl3d1_ns",
    "SequenceVariant": "SP_MP",
    "SeriesDescription": "T1_mprage",
    "SoftwareVersions": "syngo_MR_B17",
    "dataset": "ds001226",
    "modality": "T1w",
    "session_id": "preop",
    "subject_id": "PAT19"
  },
  "cjv": 0.6488120611519457,
  "cnr": 2.0562537216519354,
  "efc": 0.5832808937505385,
  "fber": 4842.209623108443,
  "fwhm_avg": 3.681758310921479,
  "fwhm_x": 3.830094932764437,
  "fwhm_y": 3.77914,
  "fwhm_z": 3.43604,
  "icvs_csf": 0.20330530290677956,
  "icvs_gm": 0.4004681637684527,
  "icvs_wm": 0.39622653332476776,
  "inu_med": 1.520658254623413,
  "inu_range": 0.48476228713989267,
  "provenance": {
    "md5sum": "3e5ad773616ee0bc357b84927adcd3d3",
    "settings": {
      "testing": false
    },
    "software": "mriqc",
    "version": "0.16.1",
    "warnings": {
      "large_rot_frame": true,
      "small_air_mask": false
    },
    "webapi_port": null,
    "webapi_url": "https://mriqc.nimh.nih.gov/api/v1"
  },
  "qi_1": 6.638733405537462e-06,
  "qi_2": 0.011099363656640644,
  "rpve_csf": 29.201485680993144,
  "rpve_gm": 15.00221666847767,
  "rpve_wm": 17.978834078859457,
  "size_x": 160,
  "size_y": 256,
  "size_z": 256,
  "snr_csf": 3.6457714441015145,
  "snr_gm": 10.865863598200056,
  "snr_total": 12.36377890349508,
  "snr_wm": 22.579701668183663,
  "snrd_csf": 65.99519194535726,
  "snrd_gm": 132.64216097889266,
  "snrd_total": 120.25471394707802,
  "snrd_wm": 162.1267889169841,
  "spacing_x": 1.0000039339065552,
  "spacing_y": 1.0,
  "spacing_z": 1.0,
  "summary_bg_k": 10490.036876583408,
  "summary_bg_mad": 4.040889150052288,
  "summary_bg_mean": 8.2884947449459,
  "summary_bg_median": 5.382938168942928,
  "summary_bg_n": 1918847.0,
  "summary_bg_p05": 0.0,
  "summary_bg_p95": 23.984737157821655,
  "summary_bg_stdv": 13.857243049538383,
  "summary_csf_k": 1.7874145481634294,
  "summary_csf_mad": 95.56702839873661,
  "summary_csf_mean": 426.2379537832536,
  "summary_csf_median": 407.05914710462093,
  "summary_csf_n": 26166.0,
  "summary_csf_p05": 280.3897539898753,
  "summary_csf_p95": 636.8560961522162,
  "summary_csf_stdv": 111.65027069659847,
  "summary_gm_k": -0.13879073160714128,
  "summary_gm_mad": 77.18098276599869,
  "summary_gm_mean": 824.4019624437789,
  "summary_gm_median": 818.1384632214904,
  "summary_gm_n": 12473.0,
  "summary_gm_p05": 711.6789367005229,
  "summary_gm_p95": 958.6672186598181,
  "summary_gm_stdv": 75.29136168439754,
  "summary_wm_k": 1.0161408664333251,
  "summary_wm_mad": 40.81298041552811,
  "summary_wm_mean": 1002.7907551754705,
  "summary_wm_median": 1000.0000071823597,
  "summary_wm_n": 177769.0,
  "summary_wm_p05": 935.541026070714,
  "summary_wm_p95": 1078.4273721501231,
  "summary_wm_stdv": 44.287440517806935,
  "tpm_overlap_csf": 0.16475269198417664,
  "tpm_overlap_gm": 0.4338279068470001,
  "tpm_overlap_wm": 0.4984324872493744,
  "wm2max": 0.5395984998896978
}