{
  "aor": 0.0004631666666666667,
  "aqi": 0.003557056555555555,
  "bids_meta": {
    "AccelFactPE": 2,
    "AcquisitionNumber": 1,
    "AcquisitionTime": "13:54:41.040000",
    "BandwidthPerPixelPhaseEncode": 65.104,
    "BodyPartExamined": "HEAD",
    "ConversionSoftware": "dcm2niix",
    "ConversionSoftwareVersion": "v1.0.20170724 GCC4.8.5",
    "DeviceSerialNumber": "35353",
    "EchoTime": 0.027,
    "EffectiveEchoSpacing": 0.000240001,
    "FlipAngle": 90,
    "ImageType": [
      "ORIGINAL",
      "PRIMARY",
      "M",
      "ND",
      "MOSAIC"
    ],
    "InstitutionAddress": "De_Pintelaan_185_Gent_9C4B6E_District_BE_9000",
    "InstitutionName": "UZ_Gent",
    "MagneticFieldStrength": 3,
    "Manufacturer": "Siemens",
    "ManufacturersModelName": "TrioTim",
    "Modality": "MR",
    "PhaseEncodingDirection": "j-",
    "PhaseEncodingLines": 64,
    "ProcedureStepDescription": "MR_hersenen_(stereotaxie_neuronavigatie)",
    "ProtocolName": "fMRI_Resting_State",
    "RepetitionTime": 2.4,
    "ScanningSequence": "EP",
    "SequenceName": "_epfid2d1_64",
    "SequenceVariant": "SK",
    "SeriesDescription": "fMRI_Resting_State",
    "SliceTiming": [
      2.3325,
      2.275,
      2.2175,
      2.16,
      2.105,
      2.0475,
      1.99,
      1.9325,
      1.8775,
      1.82,
      1.7625,
      1.705,
      1.65,
      1.5925,
      1.535,
      1.4775,
      1.4225,
      1.365,
      1.3075,
      1.25,
      1.195,
      1.1375,
      1.08,
      1.0225,
      0.9675,
      0.91,
      0.8525,
      0.795,
      0.74,
      0.6825,
      0.625,
      0.5675,
      0.5125,
      0.455,
      0.3975,
      0.34,
      0.285,
      0.2275,
      0.17,
      0.1125,
      0.0575,
      0
    ],
    "SoftwareVersions": "syngo_MR_B17",
    "TaskName": "rest",
    "TotalReadoutTime": 0.01464,
    "TrueEchoSpacing": 0.000480001,
    "dataset": "ds001226",
    "modality": "bold",
    "session_id": "preop",
    "subject_id": "PAT26",
    "task_id": "rest"
  },
  "dummy_trs": 0,
  "dvars_nstd": 35.79023092670393,
  "dvars_std": 1.0651053145251397,
  "dvars_vstd": 0.9936673751955306,
  "efc": 0.6233951994707863,
  "fber": 274.37420654296875,
  "fd_mean": 0.3191366684937224,
  "fd_num": 124,
  "fd_perc": 68.88888888888889,
  "fwhm_avg": 2.7267533333333334,
  "fwhm_x": 2.49907,
  "fwhm_y": 2.7669099999999998,
  "fwhm_z": 2.9142799999999998,
  "gcor": 0.0225653,
  "gsr_x": 0.013010406866669655,
  "gsr_y": 0.06074165180325508,
  "provenance": {
    "md5sum": "f18f74a130c82109b968704b084dfc8f",
    "settings": {
      "fd_thres": 0.2,
      "testing": false
    },
    "software": "mriqc",
    "version": "0.16.1",
    "webapi_port": null,
    "webapi_url": "https://mriqc.nimh.nih.gov/api/v1"
  },
  "size_t": 180,
  "size_x": 64,
  "size_y": 64,
  "size_z": 42,
  "snr": 2.8764910489848257,
  "spacing_tr": 2.4000000953674316,
  "spacing_x": 3.0,
  "spacing_y": 3.0,
  "spacing_z": 3.0,
  "summary_bg_k": 46.10082311693542,
  "summary_bg_mad": 18.47487374337658,
  "summary_bg_mean": 64.9666519165039,
  "summary_bg_median": 32.92778015136719,
  "summary_bg_n": 85610.0,
  "summary_bg_p05": 18.377779006958008,
  "summary_bg_p95": 207.8197204589844,
  "summary_bg_stdv": 100.09709930419922,
  "summary_fg_k": 0.9351692481253822,
  "summary_fg_mad": 171.018174953707,
  "summary_fg_mean": 578.00830078125,
  "summary_fg_median": 545.7222290039062,
  "summary_fg_n": 47773.0,
  "summary_fg_p05": 322.9144653320312,
  "summary_fg_p95": 936.326708984375,
  "summary_fg_stdv": 189.71604919433594,
  "tsnr": 47.432624438079074
}