{
  "bids_meta": {
    "AccelFactPE": 2,
    "AcquisitionNumber": 1,
    "AcquisitionTime": "14:48:24.182500",
    "BodyPartExamined": "HEAD",
    "ConversionSoftware": "dcm2niix",
    "ConversionSoftwareVersion": "v1.0.20170724 GCC4.8.5",
    "DeviceSerialNumber": "35353",
    "EchoTime": 0.00418,
    "FlipAngle": 9,
    "ImageType": [
      "ORIGINAL",
      "PRIMARY",
      "M",
      "ND",
      "NORM"
    ],
    "InstitutionAddress": "De_Pintelaan_185_Gent_ACCD6F_District_BE_9000",
    "InstitutionName": "UZ",
    "InversionTime": 0.9,
    "MagneticFieldStrength": 3,
    "Manufacturer": "Siemens",
    "ManufacturersModelName": "TrioTim",
    "Modality": "MR",
    "PhaseEncodingDirection": "i-",
    "PhaseEncodingLines": 256,
    "ProcedureStepDescription": "Brain_Research_3T_MRP",
    "ProtocolName": "T1_mprage",
    "RepetitionTime": 1.75,
    "ScanningSequence": "GR_IR",
    "SequenceName": "_tfl3d1_ns",
    "SequenceVariant": "SP_MP",
    "SeriesDescription": "T1_mprage",
    "SoftwareVersions": "syngo_MR_B17",
    "dataset": "ds001226",
    "modality": "T1w",
    "session_id": "preop",
    "subject_id": "CON08"
  },
  "cjv": 0.6062279465249082,
  "cnr": 2.248327600280941,
  "efc": 0.6654827334866463,
  "fber": 3210.5299408284027,
  "fwhm_avg": 3.4539361406357774,
  "fwhm_x": 3.622978421907333,
  "fwhm_y": 3.54621,
  "fwhm_z": 3.19262,
  "icvs_csf": 0.27723273855572683,
  "icvs_gm": 0.3595335826696903,
  "icvs_wm": 0.36323367877458285,
  "inu_med": 1.3530882596969604,
  "inu_range": 0.39221298694610596,
  "provenance": {
    "md5sum": "62fa0dd3bb01c7808d120509169b0b1f",
    "settings": {
      "testing": false
    },
    "software": "mriqc",
    "version": "0.16.1",
    "warnings": {
      "large_rot_frame": true,
      "small_air_mask": false
    },
    "webapi_port": null,
    "webapi_url": "https://mriqc.nimh.nih.gov/api/v1"
  },
  "qi_1": 0.0,
  "qi_2": 0.021915847467807448,
  "rpve_csf": 19.535084576293126,
  "rpve_gm": 13.486004361768357,
  "rpve_wm": 15.921706828784483,
  "size_x": 160,
  "size_y": 256,
  "size_z": 256,
  "snr_csf": 3.982014474649949,
  "snr_gm": 12.642679023574598,
  "snr_total": 11.883291844567296,
  "snr_wm": 19.02518203547734,
  "snrd_csf": 40.02340506404499,
  "snrd_gm": 86.45157076080072,
  "snrd_total": 77.63761785202668,
  "snrd_wm": 106.43787773123435,
  "spacing_x": 0.9999976754188538,
  "spacing_y": 1.0,
  "spacing_z": 1.0,
  "summary_bg_k": 5.818205437043687,
  "summary_bg_mad": 6.15510576044609,
  "summary_bg_mean": 10.482663841975372,
  "summary_bg_median": 8.255392462015152,
  "summary_bg_n": 2010125.0,
  "summary_bg_p05": 0.0,
  "summary_bg_p95": 28.774576038122177,
  "summary_bg_stdv": 9.253041910499475,
  "summary_csf_k": 1.3119379824768629,
  "summary_csf_mad": 76.83269949246498,
  "summary_csf_mean": 395.10984365938145,
  "summary_csf_median": 376.0259687900543,
  "summary_csf_n": 68800.0,
  "summary_csf_p05": 275.9591595828533,
  "summary_csf_p95": 582.3153422772884,
  "summary_csf_stdv": 94.4304041150713,
  "summary_gm_k": 0.23475346088253346,
  "summary_gm_mad": 63.17826947216504,
  "summary_gm_mean": 813.8381526186183,
  "summary_gm_median": 812.2256363928318,
  "summary_gm_n": 6929.0,
  "summary_gm_p05": 711.5861988067627,
  "summary_gm_p95": 921.9794090092182,
  "summary_gm_stdv": 64.24010466197669,
  "summary_wm_k": 0.30276159047425333,
  "summary_wm_mad": 50.65581292505058,
  "summary_wm_mean": 1001.254770177509,
  "summary_wm_median": 1000.0000256299973,
  "summary_wm_n": 181954.0,
  "summary_wm_p05": 916.778034567833,
  "summary_wm_p95": 1089.854962080717,
  "summary_wm_stdv": 52.5617718565907,
  "tpm_overlap_csf": 0.16055716574192047,
  "tpm_overlap_gm": 0.3959173560142517,
  "tpm_overlap_wm": 0.48634976148605347,
  "wm2max": 0.5031090197584808
}