{
  "bids_meta": {
    "AccelFactPE": 2,
    "AcquisitionNumber": 1,
    "AcquisitionTime": "11:40:9.197500",
    "BodyPartExamined": "HEAD",
    "ConversionSoftware": "dcm2niix",
    "ConversionSoftwareVersion": "v1.0.20170724 GCC4.8.5",
    "DeviceSerialNumber": "35353",
    "EchoTime": 0.00418,
    "FlipAngle": 9,
    "ImageType": [
      "ORIGINAL",
      "PRIMARY",
      "M",
      "ND",
      "NORM"
    ],
    "InstitutionAddress": "De_Pintelaan_185_Gent_9C4B6E_District_BE_9000",
    "InstitutionName": "UZ_Gent",
    "InversionTime": 0.9,
    "MagneticFieldStrength": 3,
    "Manufacturer": "Siemens",
    "ManufacturersModelName": "TrioTim",
    "Modality": "MR",
    "PhaseEncodingDirection": "i-",
    "PhaseEncodingLines": 256,
    "ProcedureStepDescription": "Brain_Research_3T_MRP",
    "ProtocolName": "T1_mprage",
    "RepetitionTime": 1.75,
    "ScanningSequence": "GR_IR",
    "SequenceName": "_tfl3d1_ns",
    "SequenceVariant": "SP_MP",
    "SeriesDescription": "T1_mprage",
    "SoftwareVersions": "syngo_MR_B17",
    "dataset": "ds001226",
    "modality": "T1w",
    "session_id": "preop",
    "subject_id": "PAT31"
  },
  "cjv": 0.39899959942205393,
  "cnr": 3.2184624193693874,
  "efc": 0.5576067466792624,
  "fber": 12908.455621301775,
  "fwhm_avg": 3.615006511929424,
  "fwhm_x": 3.6359995357882724,
  "fwhm_y": 3.79191,
  "fwhm_z": 3.41711,
  "icvs_csf": 0.1658387415862387,
  "icvs_gm": 0.4313754039149357,
  "icvs_wm": 0.40278585449882565,
  "inu_med": 1.296008825302124,
  "inu_range": 0.422040194272995,
  "provenance": {
    "md5sum": "313053daaafacf722c406eed7100ffa7",
    "settings": {
      "testing": false
    },
    "software": "mriqc",
    "version": "0.16.1",
    "warnings": {
      "large_rot_frame": true,
      "small_air_mask": false
    },
    "webapi_port": null,
    "webapi_url": "https://mriqc.nimh.nih.gov/api/v1"
  },
  "qi_1": 0.0,
  "qi_2": 0.007630164458096251,
  "rpve_csf": 31.854982641435626,
  "rpve_gm": 13.557034504440777,
  "rpve_wm": 16.8065729079047,
  "size_x": 160,
  "size_y": 256,
  "size_z": 256,
  "snr_csf": 3.351903868960298,
  "snr_gm": 13.338398081418507,
  "snr_total": 14.087395109897008,
  "snr_wm": 25.571883379312215,
  "snrd_csf": 55.06392641504793,
  "snrd_gm": 109.7545380747396,
  "snrd_total": 102.21586561708621,
  "snrd_wm": 141.82913236147107,
  "spacing_x": 0.9999973773956299,
  "spacing_y": 1.0,
  "spacing_z": 1.0,
  "summary_bg_k": 1007.7720124683923,
  "summary_bg_mad": 4.619194772121171,
  "summary_bg_mean": 5.431245640591798,
  "summary_bg_median": 3.1693167611956596,
  "summary_bg_n": 2589152.0,
  "summary_bg_p05": 0.0,
  "summary_bg_p95": 15.73914933949709,
  "summary_bg_stdv": 6.506892829125771,
  "summary_csf_k": 8.375610594025535,
  "summary_csf_mad": 110.38282679586109,
  "summary_csf_mean": 414.520540235598,
  "summary_csf_median": 388.2413032464683,
  "summary_csf_n": 17030.0,
  "summary_csf_p05": 279.19263390637934,
  "summary_csf_p95": 607.649342417717,
  "summary_csf_stdv": 115.82369886196257,
  "summary_gm_k": 0.4055160753289022,
  "summary_gm_mad": 55.35069597627955,
  "summary_gm_mean": 776.0698535092389,
  "summary_gm_median": 773.850462064147,
  "summary_gm_n": 21914.0,
  "summary_gm_p05": 685.4856133833528,
  "summary_gm_p95": 876.772680953145,
  "summary_gm_stdv": 58.015422887193445,
  "summary_wm_k": 0.9796661388178416,
  "summary_wm_mad": 34.88288465843229,
  "summary_wm_mean": 998.3743792496815,
  "summary_wm_median": 1000.0000140070915,
  "summary_wm_n": 200098.0,
  "summary_wm_p05": 930.9196520596743,
  "summary_wm_p95": 1058.9278188720345,
  "summary_wm_stdv": 39.105352562233946,
  "tpm_overlap_csf": 0.16488714516162872,
  "tpm_overlap_gm": 0.4495846927165985,
  "tpm_overlap_wm": 0.49710679054260254,
  "wm2max": 0.5520248341193661
}