{
  "aor": 0.0011840555555555556,
  "aqi": 0.008363606166666666,
  "bids_meta": {
    "AccelFactPE": 2,
    "AcquisitionNumber": 1,
    "AcquisitionTime": "14:18:39.637500",
    "BandwidthPerPixelPhaseEncode": 65.104,
    "BodyPartExamined": "HEAD",
    "ConversionSoftware": "dcm2niix",
    "ConversionSoftwareVersion": "v1.0.20170724 GCC4.8.5",
    "DeviceSerialNumber": "35353",
    "EchoTime": 0.027,
    "EffectiveEchoSpacing": 0.000240001,
    "FlipAngle": 90,
    "ImageType": [
      "ORIGINAL",
      "PRIMARY",
      "M",
      "ND",
      "MOSAIC"
    ],
    "InstitutionAddress": "De_Pintelaan_185_Gent_ACCD6F_District_BE_9000",
    "InstitutionName": "UZ_Gent",
    "MagneticFieldStrength": 3,
    "Manufacturer": "Siemens",
    "ManufacturersModelName": "TrioTim",
    "Modality": "MR",
    "PhaseEncodingDirection": "j-",
    "PhaseEncodingLines": 64,
    "ProcedureStepDescription": "Brain_Research_3T_MRP",
    "ProtocolName": "fMRI_Resting_State",
    "RepetitionTime": 2.4,
    "ScanningSequence": "EP",
    "SequenceName": "_epfid2d1_64",
    "SequenceVariant": "SK",
    "SeriesDescription": "fMRI_Resting_State",
    "SliceTiming": [
      2.3325,
      2.275,
      2.2175,
      2.1625,
      2.105,
      2.0475,
      1.99,
      1.935,
      1.8775,
      1.82,
      1.7625,
      1.7075,
      1.65,
      1.5925,
      1.535,
      1.48,
      1.4225,
      1.365,
      1.3075,
      1.2525,
      1.195,
      1.1375,
      1.08,
      1.025,
      0.9675,
      0.91,
      0.8525,
      0.7975,
      0.74,
      0.6825,
      0.625,
      0.57,
      0.5125,
      0.455,
      0.3975,
      0.3425,
      0.285,
      0.2275,
      0.17,
      0.115,
      0.0575,
      0
    ],
    "SoftwareVersions": "syngo_MR_B17",
    "TaskName": "rest",
    "TotalReadoutTime": 0.01464,
    "TrueEchoSpacing": 0.000480001,
    "dataset": "ds001226",
    "modality": "bold",
    "session_id": "preop",
    "subject_id": "CON11",
    "task_id": "rest"
  },
  "dummy_trs": 0,
  "dvars_nstd": 51.09454580156423,
  "dvars_std": 1.1823990162569837,
  "dvars_vstd": 0.9942404250279328,
  "efc": 0.5779019185108452,
  "fber": 401.5051574707031,
  "fd_mean": 0.4842843251573759,
  "fd_num": 167,
  "fd_perc": 92.77777777777777,
  "fwhm_avg": 2.3461855555555555,
  "fwhm_x": 2.2234666666666665,
  "fwhm_y": 2.3985499999999997,
  "fwhm_z": 2.41654,
  "gcor": 0.00662534,
  "gsr_x": 0.013014016672968864,
  "gsr_y": 0.04442194849252701,
  "provenance": {
    "md5sum": "53f25748b89ced82e715b669732d30fe",
    "settings": {
      "fd_thres": 0.2,
      "testing": false
    },
    "software": "mriqc",
    "version": "0.16.1",
    "webapi_port": null,
    "webapi_url": "https://mriqc.nimh.nih.gov/api/v1"
  },
  "size_t": 180,
  "size_x": 64,
  "size_y": 64,
  "size_z": 42,
  "snr": 3.6448145733474195,
  "spacing_tr": 2.4000000953674316,
  "spacing_x": 3.0,
  "spacing_y": 3.0,
  "spacing_z": 3.0,
  "summary_bg_k": 54.73472104094007,
  "summary_bg_mad": 11.737266620556245,
  "summary_bg_mean": 46.02840805053711,
  "summary_bg_median": 26.950000762939453,
  "summary_bg_n": 96323.0,
  "summary_bg_p05": 17.822221755981445,
  "summary_bg_p95": 128.06611022949215,
  "summary_bg_stdv": 66.1344985961914,
  "summary_fg_k": 0.40911416380699395,
  "summary_fg_mad": 144.97377486742502,
  "summary_fg_mean": 558.35546875,
  "summary_fg_median": 542.54443359375,
  "summary_fg_n": 37973.0,
  "summary_fg_p05": 341.7422241210937,
  "summary_fg_p95": 824.4966918945315,
  "summary_fg_stdv": 148.85182189941406,
  "tsnr": 40.427530200453475
}