{
  "aor": 0.0010821666666666668,
  "aqi": 0.0038364790000000007,
  "bids_meta": {
    "AccelFactPE": 2,
    "AcquisitionNumber": 1,
    "AcquisitionTime": "13:24:42.075000",
    "BandwidthPerPixelPhaseEncode": 65.104,
    "BodyPartExamined": "HEAD",
    "ConversionSoftware": "dcm2niix",
    "ConversionSoftwareVersion": "v1.0.20170724 GCC4.8.5",
    "DeviceSerialNumber": "35353",
    "EchoTime": 0.027,
    "EffectiveEchoSpacing": 0.000240001,
    "FlipAngle": 90,
    "ImageType": [
      "ORIGINAL",
      "PRIMARY",
      "M",
      "ND",
      "MOSAIC"
    ],
    "InstitutionAddress": "De_Pintelaan_185_Gent_ACCD6F_District_BE_9000",
    "InstitutionName": "UZ_Gent",
    "MagneticFieldStrength": 3,
    "Manufacturer": "Siemens",
    "ManufacturersModelName": "TrioTim",
    "Modality": "MR",
    "PhaseEncodingDirection": "j-",
    "PhaseEncodingLines": 64,
    "ProcedureStepDescription": "Brain_Research_3T_MRP",
    "ProtocolName": "fMRI_Resting_State",
    "RepetitionTime": 2.4,
    "ScanningSequence": "EP",
    "SequenceName": "_epfid2d1_64",
    "SequenceVariant": "SK",
    "SeriesDescription": "fMRI_Resting_State",
    "SliceTiming": [
      2.3325,
      2.275,
      2.2175,
      2.1625,
      2.105,
      2.0475,
      1.99,
      1.935,
      1.8775,
      1.82,
      1.7625,
      1.7075,
      1.65,
      1.5925,
      1.535,
      1.48,
      1.4225,
      1.365,
      1.3075,
      1.2525,
      1.195,
      1.1375,
      1.08,
      1.025,
      0.9675,
      0.91,
      0.8525,
      0.7975,
      0.74,
      0.6825,
      0.625,
      0.57,
      0.5125,
      0.455,
      0.3975,
      0.3425,
      0.285,
      0.2275,
      0.17,
      0.115,
      0.0575,
      0
    ],
    "SoftwareVersions": "syngo_MR_B17",
    "TaskName": "rest",
    "TotalReadoutTime": 0.01464,
    "TrueEchoSpacing": 0.000480001,
    "dataset": "ds001226",
    "modality": "bold",
    "session_id": "preop",
    "subject_id": "PAT20",
    "task_id": "rest"
  },
  "dummy_trs": 0,
  "dvars_nstd": 27.351247286648046,
  "dvars_std": 1.0796242340223472,
  "dvars_vstd": 0.9910277643016767,
  "efc": 0.5424609661876834,
  "fber": 558.8522338867188,
  "fd_mean": 0.07991626766412499,
  "fd_num": 9,
  "fd_perc": 5.0,
  "fwhm_avg": 2.782477777777778,
  "fwhm_x": 2.662103333333333,
  "fwhm_y": 2.8230466666666665,
  "fwhm_z": 2.8622833333333335,
  "gcor": 0.00965013,
  "gsr_x": -0.0071141826920211315,
  "gsr_y": 0.05393100902438164,
  "provenance": {
    "md5sum": "f4daa3c640093c8ee5ea01ef1e4ffba3",
    "settings": {
      "fd_thres": 0.2,
      "testing": false
    },
    "software": "mriqc",
    "version": "0.16.1",
    "webapi_port": null,
    "webapi_url": "https://mriqc.nimh.nih.gov/api/v1"
  },
  "size_t": 180,
  "size_x": 64,
  "size_y": 64,
  "size_z": 42,
  "snr": 2.961135859375565,
  "spacing_tr": 2.4000000953674316,
  "spacing_x": 3.0,
  "spacing_y": 3.0,
  "spacing_z": 3.0,
  "summary_bg_k": 136.3495733684705,
  "summary_bg_mad": 9.472181468861194,
  "summary_bg_mean": 40.94782257080078,
  "summary_bg_median": 24.405555725097656,
  "summary_bg_n": 99679.0,
  "summary_bg_p05": 17.03333282470703,
  "summary_bg_p95": 108.11777954101552,
  "summary_bg_stdv": 60.42173385620117,
  "summary_fg_k": 2.290808156988498,
  "summary_fg_mad": 178.48063930016647,
  "summary_fg_mean": 613.625244140625,
  "summary_fg_median": 588.227783203125,
  "summary_fg_n": 34933.0,
  "summary_fg_p05": 345.7889099121094,
  "summary_fg_p95": 971.8167114257814,
  "summary_fg_stdv": 198.6465301513672,
  "tsnr": 52.54693516995758
}