{
  "bids_meta": {
    "AccelFactPE": 2,
    "AcquisitionNumber": 1,
    "AcquisitionTime": "12:16:38.215000",
    "BodyPartExamined": "HEAD",
    "ConversionSoftware": "dcm2niix",
    "ConversionSoftwareVersion": "v1.0.20170724 GCC4.8.5",
    "DeviceSerialNumber": "35353",
    "EchoTime": 0.00418,
    "FlipAngle": 9,
    "ImageType": [
      "ORIGINAL",
      "PRIMARY",
      "M",
      "ND",
      "NORM"
    ],
    "InstitutionAddress": "De_Pintelaan_185_Gent_88C96F_District_BE_9000",
    "InstitutionName": "UZ",
    "InversionTime": 0.9,
    "MagneticFieldStrength": 3,
    "Manufacturer": "Siemens",
    "ManufacturersModelName": "TrioTim",
    "Modality": "MR",
    "PhaseEncodingDirection": "i-",
    "PhaseEncodingLines": 256,
    "ProcedureStepDescription": "MR_hersenen_(structuur_alleen)",
    "ProtocolName": "T1_mprage",
    "RepetitionTime": 1.75,
    "ScanningSequence": "GR_IR",
    "SequenceName": "_tfl3d1_ns",
    "SequenceVariant": "SP_MP",
    "SeriesDescription": "T1_mprage",
    "SoftwareVersions": "syngo_MR_B17",
    "dataset": "ds001226",
    "modality": "T1w",
    "session_id": "preop",
    "subject_id": "CON06"
  },
  "cjv": 0.5523225107963742,
  "cnr": 2.397895384959297,
  "efc": 0.641805303125446,
  "fber": 2668.888917793965,
  "fwhm_avg": 3.698713449133349,
  "fwhm_x": 3.8577903474000474,
  "fwhm_y": 3.82623,
  "fwhm_z": 3.41212,
  "icvs_csf": 0.2944894427332428,
  "icvs_gm": 0.347486384722444,
  "icvs_wm": 0.35802417254431324,
  "inu_med": 1.3578822612762451,
  "inu_range": 0.4760715544223786,
  "provenance": {
    "md5sum": "dc32c3f091223ef830b6b477723d42cd",
    "settings": {
      "testing": false
    },
    "software": "mriqc",
    "version": "0.16.1",
    "warnings": {
      "large_rot_frame": true,
      "small_air_mask": false
    },
    "webapi_port": null,
    "webapi_url": "https://mriqc.nimh.nih.gov/api/v1"
  },
  "qi_1": 0.0005063102039118724,
  "qi_2": 0.020062402622127166,
  "rpve_csf": 17.022958374352818,
  "rpve_gm": 12.523673318874122,
  "rpve_wm": 14.602501692420484,
  "size_x": 160,
  "size_y": 256,
  "size_z": 256,
  "snr_csf": 4.399048236625002,
  "snr_gm": 12.646835738561695,
  "snr_total": 12.391556262004357,
  "snr_wm": 20.128784810826378,
  "snrd_csf": 36.234387274986915,
  "snrd_gm": 81.91601525221661,
  "snrd_total": 73.30551240873358,
  "snrd_wm": 101.7661346989972,
  "spacing_x": 0.9999973177909851,
  "spacing_y": 1.0,
  "spacing_z": 1.0,
  "summary_bg_k": 8.440908774331346,
  "summary_bg_mad": 6.437666071662444,
  "summary_bg_mean": 10.243079100915992,
  "summary_bg_median": 8.63196462392807,
  "summary_bg_n": 2151105.0,
  "summary_bg_p05": 0.0,
  "summary_bg_p95": 30.185718715190887,
  "summary_bg_stdv": 9.913796114517835,
  "summary_csf_k": 2.5321607803472057,
  "summary_csf_mad": 59.02486603054362,
  "summary_csf_mean": 372.0615742700781,
  "summary_csf_median": 356.0554620027542,
  "summary_csf_n": 103449.0,
  "summary_csf_p05": 273.7117509841919,
  "summary_csf_p95": 534.4493975639343,
  "summary_csf_stdv": 80.93881265304722,
  "summary_gm_k": 0.2558356276701299,
  "summary_gm_mad": 60.65367310891604,
  "summary_gm_mean": 804.6812491908518,
  "summary_gm_median": 804.9437799155712,
  "summary_gm_n": 8810.0,
  "summary_gm_p05": 699.0034165114164,
  "summary_gm_p95": 910.3322207331657,
  "summary_gm_stdv": 63.64422783131233,
  "summary_wm_k": 0.4412336833414017,
  "summary_wm_mad": 47.08028078914583,
  "summary_wm_mean": 1001.0083722722501,
  "summary_wm_median": 1000.0000229477882,
  "summary_wm_n": 203979.0,
  "summary_wm_p05": 921.2137276530266,
  "summary_wm_p95": 1084.488646388054,
  "summary_wm_stdv": 49.679977261923355,
  "tpm_overlap_csf": 0.1449006050825119,
  "tpm_overlap_gm": 0.37031450867652893,
  "tpm_overlap_wm": 0.441232830286026,
  "wm2max": 0.47942113315442303
}