{
  "bids_meta": {
    "AccelFactPE": 2,
    "AcquisitionNumber": 1,
    "AcquisitionTime": "12:17:26.190000",
    "BodyPartExamined": "HEAD",
    "ConversionSoftware": "dcm2niix",
    "ConversionSoftwareVersion": "v1.0.20170724 GCC4.8.5",
    "DeviceSerialNumber": "35353",
    "EchoTime": 0.00418,
    "FlipAngle": 9,
    "ImageType": [
      "ORIGINAL",
      "PRIMARY",
      "M",
      "ND",
      "NORM"
    ],
    "InstitutionAddress": "De_Pintelaan_185_Gent_ACCD6F_District_BE_9000",
    "InstitutionName": "UZ_Gent",
    "InversionTime": 0.9,
    "MagneticFieldStrength": 3,
    "Manufacturer": "Siemens",
    "ManufacturersModelName": "TrioTim",
    "Modality": "MR",
    "PhaseEncodingDirection": "i-",
    "PhaseEncodingLines": 256,
    "ProcedureStepDescription": "Brain_Research_3T_MRP",
    "ProtocolName": "T1_mprage",
    "RepetitionTime": 1.75,
    "ScanningSequence": "GR_IR",
    "SequenceName": "_tfl3d1_ns",
    "SequenceVariant": "SP_MP",
    "SeriesDescription": "T1_mprage",
    "SoftwareVersions": "syngo_MR_B17",
    "dataset": "ds001226",
    "modality": "T1w",
    "session_id": "preop",
    "subject_id": "PAT17"
  },
  "cjv": 0.36228353023758014,
  "cnr": 3.6268135470652636,
  "efc": 0.5876050145841225,
  "fber": 6889.0,
  "fwhm_avg": 3.4366753724163748,
  "fwhm_x": 3.6189861172491247,
  "fwhm_y": 3.5024,
  "fwhm_z": 3.18864,
  "icvs_csf": 0.15564939922168672,
  "icvs_gm": 0.4302063486369249,
  "icvs_wm": 0.4141442521413884,
  "inu_med": 1.2865500450134277,
  "inu_range": 0.3658970177173615,
  "provenance": {
    "md5sum": "11fb456f9e133390a4683c04d8fe36d2",
    "settings": {
      "testing": false
    },
    "software": "mriqc",
    "version": "0.16.1",
    "warnings": {
      "large_rot_frame": true,
      "small_air_mask": false
    },
    "webapi_port": null,
    "webapi_url": "https://mriqc.nimh.nih.gov/api/v1"
  },
  "qi_1": 0.0,
  "qi_2": 0.013052740180181889,
  "rpve_csf": 36.89859967954273,
  "rpve_gm": 14.754541390082554,
  "rpve_wm": 17.730933519924953,
  "size_x": 160,
  "size_y": 256,
  "size_z": 256,
  "snr_csf": 3.6808408125991745,
  "snr_gm": 15.48008246289718,
  "snr_total": 14.55703337640125,
  "snr_wm": 24.510176853707392,
  "snrd_csf": 43.04339907444398,
  "snrd_gm": 80.72681751619272,
  "snrd_total": 76.38546275320135,
  "snrd_wm": 105.38617166896732,
  "spacing_x": 1.000001072883606,
  "spacing_y": 1.0,
  "spacing_z": 1.0,
  "summary_bg_k": 35.99510441122078,
  "summary_bg_mad": 6.216530799147226,
  "summary_bg_mean": 7.004752193359042,
  "summary_bg_median": 4.1929863058030605,
  "summary_bg_n": 2431462.0,
  "summary_bg_p05": 0.0,
  "summary_bg_p95": 20.964931529015303,
  "summary_bg_stdv": 7.026141445051174,
  "summary_csf_k": 0.8037093378839906,
  "summary_csf_mad": 99.42412570324427,
  "summary_csf_mean": 432.428158184235,
  "summary_csf_median": 408.4349842425436,
  "summary_csf_n": 14488.0,
  "summary_csf_p05": 290.2417793497443,
  "summary_csf_p95": 641.0531517896801,
  "summary_csf_stdv": 110.95858505235981,
  "summary_gm_k": 0.3234734118110896,
  "summary_gm_mad": 47.71389223761052,
  "summary_gm_mean": 767.961280182543,
  "summary_gm_median": 766.0095891393721,
  "summary_gm_n": 16111.0,
  "summary_gm_p05": 689.555657017976,
  "summary_gm_p95": 851.1217657104135,
  "summary_gm_stdv": 49.48202425478375,
  "summary_wm_k": 0.785176619149524,
  "summary_wm_mad": 37.05698229621528,
  "summary_wm_mean": 998.9562010557748,
  "summary_wm_median": 1000.000006750226,
  "summary_wm_n": 189222.0,
  "summary_wm_p05": 929.5360550656915,
  "summary_wm_p95": 1063.820525586605,
  "summary_wm_stdv": 40.799271678718334,
  "tpm_overlap_csf": 0.17292027175426483,
  "tpm_overlap_gm": 0.4511575698852539,
  "tpm_overlap_wm": 0.5095167756080627,
  "wm2max": 0.4993321867055879
}