{
  "bids_meta": {
    "AccelFactPE": 2,
    "AcquisitionNumber": 1,
    "AcquisitionTime": "11:33:59.205000",
    "BodyPartExamined": "HEAD",
    "ConversionSoftware": "dcm2niix",
    "ConversionSoftwareVersion": "v1.0.20170724 GCC4.8.5",
    "DeviceSerialNumber": "35353",
    "EchoTime": 0.00418,
    "FlipAngle": 9,
    "ImageType": [
      "ORIGINAL",
      "PRIMARY",
      "M",
      "ND",
      "NORM"
    ],
    "InstitutionAddress": "De_Pintelaan_185_Gent_ACCD6F_District_BE_9000",
    "InstitutionName": "UZ",
    "InversionTime": 0.9,
    "MagneticFieldStrength": 3,
    "Manufacturer": "Siemens",
    "ManufacturersModelName": "TrioTim",
    "Modality": "MR",
    "PhaseEncodingDirection": "i-",
    "PhaseEncodingLines": 256,
    "ProcedureStepDescription": "MR_hersenen_(stereotaxie_neuronavigatie)",
    "ProtocolName": "T1_mprage",
    "RepetitionTime": 1.75,
    "ScanningSequence": "GR_IR",
    "SequenceName": "_tfl3d1_ns",
    "SequenceVariant": "SP_MP",
    "SeriesDescription": "T1_mprage",
    "SoftwareVersions": "syngo_MR_B17",
    "dataset": "ds001226",
    "modality": "T1w",
    "session_id": "preop",
    "subject_id": "PAT15"
  },
  "cjv": 0.5056106592177657,
  "cnr": 2.531264512606759,
  "efc": 0.5608312544277145,
  "fber": 7468.304890738813,
  "fwhm_avg": 3.5042282280433845,
  "fwhm_x": 3.5700946841301535,
  "fwhm_y": 3.69027,
  "fwhm_z": 3.25232,
  "icvs_csf": 0.17243594741783325,
  "icvs_gm": 0.41326522526565884,
  "icvs_wm": 0.4142988273165079,
  "inu_med": 1.3164894580841064,
  "inu_range": 0.3772766888141632,
  "provenance": {
    "md5sum": "9ec6778bc6edcca4121b7e95aab6aca1",
    "settings": {
      "testing": false
    },
    "software": "mriqc",
    "version": "0.16.1",
    "warnings": {
      "large_rot_frame": true,
      "small_air_mask": false
    },
    "webapi_port": null,
    "webapi_url": "https://mriqc.nimh.nih.gov/api/v1"
  },
  "qi_1": 0.0,
  "qi_2": 0.01986802109090677,
  "rpve_csf": 29.138830410337704,
  "rpve_gm": 12.840415279916547,
  "rpve_wm": 15.005483440039932,
  "size_x": 160,
  "size_y": 256,
  "size_z": 256,
  "snr_csf": 3.173071568230425,
  "snr_gm": 12.213036063357592,
  "snr_total": 13.356387666162803,
  "snr_wm": 24.683055366900394,
  "snrd_csf": 61.447198495645026,
  "snrd_gm": 125.10381084952097,
  "snrd_total": 114.06807188584453,
  "snrd_wm": 155.6532063123676,
  "spacing_x": 0.999993085861206,
  "spacing_y": 1.0,
  "spacing_z": 1.0,
  "summary_bg_k": 604.4240383801251,
  "summary_bg_mad": 4.208948745136057,
  "summary_bg_mean": 6.354303835712586,
  "summary_bg_median": 5.677785575389862,
  "summary_bg_n": 2546199.0,
  "summary_bg_p05": 0.0,
  "summary_bg_p95": 16.97876263409853,
  "summary_bg_stdv": 6.320945712587299,
  "summary_csf_k": 5.616457266578436,
  "summary_csf_mad": 102.79547896774602,
  "summary_csf_mean": 421.17185990748396,
  "summary_csf_median": 394.7698797658086,
  "summary_csf_n": 21860.0,
  "summary_csf_p05": 269.46551964432007,
  "summary_csf_p95": 650.4940664358436,
  "summary_csf_stdv": 124.4096900025159,
  "summary_gm_k": -0.02039263918097234,
  "summary_gm_mad": 64.18646836332488,
  "summary_gm_mean": 809.0959677329992,
  "summary_gm_median": 803.7342234700918,
  "summary_gm_n": 16421.0,
  "summary_gm_p05": 709.2318500950933,
  "summary_gm_p95": 926.7893069982529,
  "summary_gm_stdv": 65.8075310817864,
  "summary_wm_k": 1.6234486436785627,
  "summary_wm_mad": 35.04759243545986,
  "summary_wm_mean": 1000.4189871822684,
  "summary_wm_median": 999.9999844655395,
  "summary_wm_n": 216137.0,
  "summary_wm_p05": 934.9784208089113,
  "summary_wm_p95": 1066.0042417794466,
  "summary_wm_stdv": 40.513528663729716,
  "tpm_overlap_csf": 0.15872086584568024,
  "tpm_overlap_gm": 0.4245864748954773,
  "tpm_overlap_wm": 0.487315833568573,
  "wm2max": 0.6117085225754743
}