{
  "bids_meta": {
    "AccelFactPE": 2,
    "AcquisitionNumber": 1,
    "AcquisitionTime": "13:22:16.197500",
    "BodyPartExamined": "HEAD",
    "ConversionSoftware": "dcm2niix",
    "ConversionSoftwareVersion": "v1.0.20170724 GCC4.8.5",
    "DeviceSerialNumber": "35353",
    "EchoTime": 0.00418,
    "FlipAngle": 9,
    "ImageType": [
      "ORIGINAL",
      "PRIMARY",
      "M",
      "ND",
      "NORM"
    ],
    "InstitutionAddress": "De_Pintelaan_185_Gent_ACCD6F_District_BE_9000",
    "InstitutionName": "UZ_Gent",
    "InversionTime": 0.9,
    "MagneticFieldStrength": 3,
    "Manufacturer": "Siemens",
    "ManufacturersModelName": "TrioTim",
    "Modality": "MR",
    "PhaseEncodingDirection": "i-",
    "PhaseEncodingLines": 256,
    "ProcedureStepDescription": "Brain_Research_3T_MRP",
    "ProtocolName": "T1_mprage",
    "RepetitionTime": 1.75,
    "ScanningSequence": "GR_IR",
    "SequenceName": "_tfl3d1_ns",
    "SequenceVariant": "SP_MP",
    "SeriesDescription": "T1_mprage",
    "SoftwareVersions": "syngo_MR_B17",
    "dataset": "ds001226",
    "modality": "T1w",
    "session_id": "preop",
    "subject_id": "PAT23"
  },
  "cjv": 0.6591357051302411,
  "cnr": 2.0330124279511614,
  "efc": 0.6233947707448867,
  "fber": 3303.879291104262,
  "fwhm_avg": 3.5107945901416557,
  "fwhm_x": 3.721013770424968,
  "fwhm_y": 3.6132,
  "fwhm_z": 3.19817,
  "icvs_csf": 0.2047670691592129,
  "icvs_gm": 0.4107676753609515,
  "icvs_wm": 0.3844652554798356,
  "inu_med": 1.3127025365829468,
  "inu_range": 0.5912746667861941,
  "provenance": {
    "md5sum": "24ce4981680883df2267bdb3f3ff6c5d",
    "settings": {
      "testing": false
    },
    "software": "mriqc",
    "version": "0.16.1",
    "warnings": {
      "large_rot_frame": true,
      "small_air_mask": false
    },
    "webapi_port": null,
    "webapi_url": "https://mriqc.nimh.nih.gov/api/v1"
  },
  "qi_1": 1.2534577527436399e-05,
  "qi_2": 0.01892475358710211,
  "rpve_csf": 23.137583370732596,
  "rpve_gm": 11.32933396450432,
  "rpve_wm": 13.724801323978067,
  "size_x": 160,
  "size_y": 256,
  "size_z": 256,
  "snr_csf": 3.6557761962888047,
  "snr_gm": 15.615040484962536,
  "snr_total": 11.534603708962003,
  "snr_wm": 15.33299444563467,
  "snrd_csf": 38.498186705112744,
  "snrd_gm": 80.10314920472248,
  "snrd_total": 71.79575309777427,
  "snrd_wm": 96.78592338348756,
  "spacing_x": 0.9999989867210388,
  "spacing_y": 1.0,
  "spacing_z": 1.0,
  "summary_bg_k": 90.52530123807065,
  "summary_bg_mad": 6.768921864243976,
  "summary_bg_mean": 9.471433494202326,
  "summary_bg_median": 4.565568417310715,
  "summary_bg_n": 2578799.0,
  "summary_bg_p05": 0.0,
  "summary_bg_p95": 27.39341050386429,
  "summary_bg_stdv": 11.214228699813098,
  "summary_csf_k": 1.2509429675827937,
  "summary_csf_mad": 94.45249432106594,
  "summary_csf_mean": 419.1550995283548,
  "summary_csf_median": 397.76636841893196,
  "summary_csf_n": 39644.0,
  "summary_csf_p05": 279.2020685970783,
  "summary_csf_p95": 631.3127528429031,
  "summary_csf_stdv": 108.80352907341478,
  "summary_gm_k": 0.17620487137366325,
  "summary_gm_mad": 52.58931602220319,
  "summary_gm_mean": 826.3611114562324,
  "summary_gm_median": 827.6321947872639,
  "summary_gm_n": 37173.0,
  "summary_gm_p05": 736.391065955162,
  "summary_gm_p95": 910.0512406468392,
  "summary_gm_stdv": 53.001531654110345,
  "summary_wm_k": 0.5439139158555615,
  "summary_wm_mad": 61.02443403764569,
  "summary_wm_mean": 1005.0205576392541,
  "summary_wm_median": 999.9999624192715,
  "summary_wm_n": 210300.0,
  "summary_wm_p05": 906.8623667061329,
  "summary_wm_p95": 1122.427435517311,
  "summary_wm_stdv": 65.2186752174402,
  "tpm_overlap_csf": 0.13573890924453735,
  "tpm_overlap_gm": 0.3893583118915558,
  "tpm_overlap_wm": 0.4084256887435913,
  "wm2max": 0.45423220495804484
}